{
  "Manufacturer": "Philips",
  "PatientPosition": "HFS",
  "SeriesDescription": "ImageMRSERIES",
  "ProtocolName": "WordsSENSE",
  "SeriesNumber": 5,
  "AcquisitionNumber": 5,
  "ImageComments": "HippoHC",
  "PhilipsRescaleSlope": 1.64078,
  "PhilipsRescaleIntercept": 0,
  "PhilipsScaleSlope": 0.000834948,
  "UsePhilipsFloatNotDisplayScaling": 1,
  "EchoTime": 0.025,
  "RepetitionTime": 2,
  "ImageOrientationPatientDICOM": [
    0.999075,
    -0.0203925,
    -0.0378709,
    0.0204043,
    0.999792,
    -7.51683E-5
  ],
  "ConversionSoftware": "dcm2niix",
  "ConversionSoftwareVersion": "v1.0.20220720",
  "TaskName": "Words"
}