{
    "Manufacturer": "Philips",
    "PatientPosition": "HFS",
    "SeriesDescription": "ImageMRSERIES",
    "ProtocolName": "WIPMPRAGE2100SENSE",
    "SeriesNumber": 11,
    "AcquisitionNumber": 11,
    "ImageComments": "HippoHC",
    "PhilipsRescaleSlope": 5.97338,
    "PhilipsRescaleIntercept": 0,
    "PhilipsScaleSlope": 0.00037234,
    "UsePhilipsFloatNotDisplayScaling": 1,
    "EchoTime": 0.00369,
    "RepetitionTime": 0.008068,
    "ImageOrientationPatientDICOM": [
        -0.00279244,
        0.999996,
        0.000195977,
        -0.00767937,
        0.000174528,
        -0.99997
    ],
    "ConversionSoftware": "dcm2niix",
    "ConversionSoftwareVersion": "v1.0.20220720"
}