{
    "Manufacturer": "Philips",
    "PatientPosition": "HFS",
    "SeriesDescription": "ImageMRSERIES",
    "ProtocolName": "WIPDTI3minSENSE",
    "SeriesNumber": 14,
    "AcquisitionNumber": 14,
    "ImageComments": "HipppoL",
    "PhilipsRescaleSlope": 4.78388,
    "PhilipsRescaleIntercept": 0,
    "PhilipsScaleSlope": 0.00123347,
    "UsePhilipsFloatNotDisplayScaling": 1,
    "EchoTime": 0.051,
    "RepetitionTime": 4.41,
    "ImageOrientationPatientDICOM": [
        0.999043,
        -0.0434944,
        -0.00464518,
        0.0408243,
        0.96527,
        -0.258044
    ],
    "ConversionSoftware": "dcm2niix",
    "ConversionSoftwareVersion": "v1.0.20220720"
}