{
  "Manufacturer": "Philips",
  "PatientPosition": "HFS",
  "SeriesDescription": "ImageMRSERIES",
  "ProtocolName": "WIPRestingStateSENSE",
  "SeriesNumber": 5,
  "AcquisitionNumber": 5,
  "ImageComments": "Hippo",
  "PhilipsRescaleSlope": 1.36801,
  "PhilipsRescaleIntercept": 0,
  "PhilipsScaleSlope": 0.00079816,
  "UsePhilipsFloatNotDisplayScaling": 1,
  "EchoTime": 0.025,
  "RepetitionTime": 2,
  "ImageOrientationPatientDICOM": [
    0.999945,
    -0.010183,
    -0.00250388,
    0.00994816,
    0.996699,
    -0.0805757
  ],
  "ConversionSoftware": "dcm2niix",
  "ConversionSoftwareVersion": "v1.0.20220720",
  "TaskName": "rest"
}