{
    "Manufacturer": "Philips",
    "PatientPosition": "HFS",
    "SeriesDescription": "ImageMRSERIES",
    "ProtocolName": "MPRAGE2100SENSE",
    "SeriesNumber": 9,
    "AcquisitionNumber": 9,
    "ImageComments": "HIPPO_HC",
    "PhilipsRescaleSlope": 6.2928,
    "PhilipsRescaleIntercept": 0,
    "PhilipsScaleSlope": 0.000372701,
    "UsePhilipsFloatNotDisplayScaling": 1,
    "EchoTime": 0.00372,
    "RepetitionTime": 0.008125,
    "ImageOrientationPatientDICOM": [
        0.0366355,
        0.999329,
        -0.000250555,
        -0.0211169,
        0.000523482,
        -0.999777
    ],
    "ConversionSoftware": "dcm2niix",
    "ConversionSoftwareVersion": "v1.0.20220720"
}