{
    "Manufacturer": "Philips",
    "PatientPosition": "HFS",
    "SeriesDescription": "ImageMRSERIES",
    "ProtocolName": "WIPMPRAGE2100SENSE",
    "SeriesNumber": 5,
    "AcquisitionNumber": 5,
    "ImageComments": "Hippo",
    "PhilipsRescaleSlope": 4.70159,
    "PhilipsRescaleIntercept": 0,
    "PhilipsScaleSlope": 0.000316916,
    "UsePhilipsFloatNotDisplayScaling": 1,
    "EchoTime": 0.00379,
    "RepetitionTime": 0.008225,
    "ImageOrientationPatientDICOM": [
        -0.0380042,
        0.993192,
        -0.110119,
        -0.0427475,
        -0.111714,
        -0.992821
    ],
    "ConversionSoftware": "dcm2niix",
    "ConversionSoftwareVersion": "v1.0.20220720"
}