{
  "Manufacturer": "Philips",
  "PatientPosition": "HFS",
  "SeriesDescription": "ImageMRSERIES",
  "ProtocolName": "HCBOLDSENSE",
  "SeriesNumber": 20,
  "AcquisitionNumber": 20,
  "ImageComments": "fMRI",
  "PhilipsRescaleSlope": 2.03468,
  "PhilipsRescaleIntercept": 0,
  "PhilipsScaleSlope": 0.000712782,
  "UsePhilipsFloatNotDisplayScaling": 1,
  "EchoTime": 0.025,
  "RepetitionTime": 2,
  "ImageOrientationPatientDICOM": [
    0.997976,
    0.0415997,
    -0.0480974,
    -0.0425256,
    0.998926,
    -0.0183879
  ],
  "ConversionSoftware": "dcm2niix",
  "ConversionSoftwareVersion": "v1.0.20220720",
  "TaskName": "Hypercapnia"
}