{
  "Manufacturer": "Philips",
  "PatientPosition": "HFS",
  "SeriesDescription": "ImageMRSERIES",
  "ProtocolName": "ScenesSENSE",
  "SeriesNumber": 6,
  "AcquisitionNumber": 6,
  "ImageComments": "fMRI",
  "PhilipsRescaleSlope": 1.40098,
  "PhilipsRescaleIntercept": 0,
  "PhilipsScaleSlope": 0.000756259,
  "UsePhilipsFloatNotDisplayScaling": 1,
  "EchoTime": 0.025,
  "RepetitionTime": 2,
  "ImageOrientationPatientDICOM": [
    0.999253,
    0.0173558,
    -0.0345261,
    -0.0183143,
    0.99945,
    -0.0276425
  ],
  "ConversionSoftware": "dcm2niix",
  "ConversionSoftwareVersion": "v1.0.20220720",
  "TaskName": "Scenes"
}