{
    "Manufacturer": "Philips",
    "PatientPosition": "HFS",
    "SeriesDescription": "ImageMRSERIES",
    "ProtocolName": "MPRAGE2100SENSE",
    "SeriesNumber": 11,
    "AcquisitionNumber": 11,
    "ImageComments": "HippoHC",
    "PhilipsRescaleSlope": 5.86374,
    "PhilipsRescaleIntercept": 0,
    "PhilipsScaleSlope": 0.000363078,
    "UsePhilipsFloatNotDisplayScaling": 1,
    "EchoTime": 0.00369,
    "RepetitionTime": 0.008079,
    "ImageOrientationPatientDICOM": [
        0.0118674,
        0.999929,
        0.000469177,
        0.0101227,
        0.000349048,
        -0.999949
    ],
    "ConversionSoftware": "dcm2niix",
    "ConversionSoftwareVersion": "v1.0.20220720"
}