{
  "Manufacturer": "Philips",
  "PatientPosition": "HFS",
  "SeriesDescription": "ImageMRSERIES",
  "ProtocolName": "HCBOLDSENSE",
  "SeriesNumber": 20,
  "AcquisitionNumber": 20,
  "ImageComments": "Hippo",
  "PhilipsRescaleSlope": 1.2547,
  "PhilipsRescaleIntercept": 0,
  "PhilipsScaleSlope": 0.00078476,
  "UsePhilipsFloatNotDisplayScaling": 1,
  "EchoTime": 0.025,
  "RepetitionTime": 2,
  "ImageOrientationPatientDICOM": [
    0.994693,
    -0.0666564,
    0.0783776,
    0.0667649,
    0.997768,
    0.00123751
  ],
  "ConversionSoftware": "dcm2niix",
  "ConversionSoftwareVersion": "v1.0.20220720",
  "TaskName": "Hypercapnia"
}