{
  "Manufacturer": "Philips",
  "PatientPosition": "HFS",
  "SeriesDescription": "ImageMRSERIES",
  "ProtocolName": "HCBOLDSENSE",
  "SeriesNumber": 22,
  "AcquisitionNumber": 22,
  "ImageComments": "HippoHC",
  "PhilipsRescaleSlope": 1.82002,
  "PhilipsRescaleIntercept": 0,
  "PhilipsScaleSlope": 0.000785696,
  "UsePhilipsFloatNotDisplayScaling": 1,
  "EchoTime": 0.025,
  "RepetitionTime": 2,
  "ImageOrientationPatientDICOM": [
    0.994954,
    0.0609667,
    -0.0796841,
    -0.0612026,
    0.998125,
    -0.000519115
  ],
  "ConversionSoftware": "dcm2niix",
  "ConversionSoftwareVersion": "v1.0.20220720",
  "TaskName": "Hypercapnia"
}