{
    "Manufacturer": "Philips",
    "PatientPosition": "HFS",
    "SeriesDescription": "ImageMRSERIES",
    "ProtocolName": "WIPMPRAGE2100SENSE",
    "SeriesNumber": 11,
    "AcquisitionNumber": 11,
    "ImageComments": "HippoLHC",
    "PhilipsRescaleSlope": 5.24029,
    "PhilipsRescaleIntercept": 0,
    "PhilipsScaleSlope": 0.000373003,
    "UsePhilipsFloatNotDisplayScaling": 1,
    "EchoTime": 0.0038,
    "RepetitionTime": 0.008222,
    "ImageOrientationPatientDICOM": [
        0.0511158,
        0.98586,
        -0.159584,
        0.00174533,
        -0.159881,
        -0.987135
    ],
    "ConversionSoftware": "dcm2niix",
    "ConversionSoftwareVersion": "v1.0.20220720"
}