{
    "Manufacturer": "Philips",
    "PatientPosition": "HFS",
    "SeriesDescription": "ImageMRSeries",
    "ProtocolName": "WIPMPRAGE2100SENSE",
    "SeriesNumber": 5,
    "AcquisitionNumber": 5,
    "ImageComments": "HippoNC",
    "PhilipsRescaleSlope": 4.67619,
    "PhilipsRescaleIntercept": 0,
    "PhilipsScaleSlope": 0.000313663,
    "UsePhilipsFloatNotDisplayScaling": 1,
    "EchoTime": 0.0037,
    "RepetitionTime": 0.008089,
    "ImageOrientationPatientDICOM": [
        -0.0293173,
        0.99955,
        0.00631626,
        -0.00122173,
        0.00628314,
        -0.999979
    ],
    "ConversionSoftware": "dcm2niix",
    "ConversionSoftwareVersion": "v1.0.20220720"
}