{
  "Manufacturer": "Philips",
  "PatientPosition": "HFS",
  "SeriesDescription": "ImageMRSERIES",
  "ProtocolName": "ASL94-5-27SENSE",
  "SeriesNumber": 16,
  "AcquisitionNumber": 16,
  "ImageComments": "fMRI",
  "PhilipsRescaleSlope": 1.86618,
  "PhilipsRescaleIntercept": 0,
  "PhilipsScaleSlope": 0.000415555,
  "UsePhilipsFloatNotDisplayScaling": 1,
  "EchoTime": 0.01381,
  "RepetitionTime": 4.15085,
  "ImageOrientationPatientDICOM": [
    0.999631,
    0.00698923,
    -0.0262671,
    -0.005932,
    0.999177,
    0.040114
  ],
  "ConversionSoftware": "dcm2niix",
  "ConversionSoftwareVersion": "v1.0.20220720",
  "ArterialSpinLabelingType": "PCASL",
  "PostLabelingDelay": 1.525,
  "BackgroundSuppression": false,
  "M0Type": "Absent",
  "RepetitionTimePreparation": 0.5,
  "VascularCrushing": false,
  "AcquisitionVoxelSize": [
    3,
    3,
    5
  ],
  "MRAcquisitionType": "3D",
  "MagneticFieldStrength": 3,
  "TotalAcquiredPairs": 30,
  "LabelingDuration": 1.65,
  "FlipAngle": 90,
  "PulseSequenceDetails": "WIP",
  "LabelingPulseFlipAngle": 18,
  "LabelingPulseDuration": 500
}