{
    "Manufacturer": "Philips",
    "PatientPosition": "HFS",
    "SeriesDescription": "ImageMRSERIES",
    "ProtocolName": "WIPMPRAGE2100SENSE",
    "SeriesNumber": 12,
    "AcquisitionNumber": 12,
    "ImageComments": "HippoL",
    "PhilipsRescaleSlope": 5.59048,
    "PhilipsRescaleIntercept": 0,
    "PhilipsScaleSlope": 0.000397139,
    "UsePhilipsFloatNotDisplayScaling": 1,
    "EchoTime": 0.00376,
    "RepetitionTime": 0.008151,
    "ImageOrientationPatientDICOM": [
        0.0078533,
        0.995719,
        0.0920971,
        -0.0123915,
        0.0921897,
        -0.995664
    ],
    "ConversionSoftware": "dcm2niix",
    "ConversionSoftwareVersion": "v1.0.20220720",
    "TaskName": "Hippo L"
}