{
    "Manufacturer": "Philips",
    "PatientPosition": "HFS",
    "SeriesDescription": "ImageMRSERIES",
    "ProtocolName": "DTI3minSENSE",
    "SeriesNumber": 15,
    "AcquisitionNumber": 15,
    "ImageComments": "HippoHC",
    "PhilipsRescaleSlope": 4.80317,
    "PhilipsRescaleIntercept": 0,
    "PhilipsScaleSlope": 0.00136021,
    "UsePhilipsFloatNotDisplayScaling": 1,
    "EchoTime": 0.051,
    "RepetitionTime": 4.41,
    "ReconMatrixPE": 128,
    "ImageOrientationPatientDICOM": [
        0.996913,
        -0.0781111,
        0.00792903,
        0.0775835,
        0.99557,
        0.0531113
    ],
    "ConversionSoftware": "dcm2niix",
    "ConversionSoftwareVersion": "v1.0.20181114  Clang4.0.1"
}