{
  "Modality": "PT",
  "Manufacturer": "Siemens",
  "ManufacturersModelName": "Biograph64_TruePoint",
  "InstitutionName": "SMC_PET",
  "InstitutionalDepartmentName": "Department",
  "InstitutionAddress": "Dallas_EFFB4C_75235_Inwood_Road_2201",
  "DeviceSerialNumber": "10000",
  "StationName": "CT58024",
  "PatientPosition": "HFS",
  "SoftwareVersions": "6.7.2",
  "SeriesDescription": "AV45-A14-AMYVID_(AC)",
  "ProtocolName": "AV45-A14-AMYVID_(AC)",
  "ImageType": [
    "ORIGINAL",
    "PRIMARY"
  ],
  "SeriesNumber": 4,
  "AcquisitionTime": "15:34:43.000010",
  "AcquisitionNumber": 2001,
  "ImageComments": "AC_CT_Volume_Scaled",
  "RadionuclidePositronFraction": 0.97,
  "RadionuclideTotalDose": 389240000,
  "RadionuclideHalfLife": 6586.2,
  "DoseCalibrationFactor": 33331300,
  "SliceThickness": 2,
  "MultibandAccelerationFactor": 111,
  "ReconMatrixPE": 128,
  "SliceTiming": [
    0,
    0,
    0,
    0,
    0,
    0,
    0,
    0,
    0,
    0,
    0,
    0,
    0,
    0,
    0,
    0,
    0,
    0,
    0,
    0,
    0,
    0,
    0,
    0,
    0,
    0,
    0,
    0,
    0,
    0,
    0,
    0,
    0,
    0,
    0,
    0,
    0,
    0,
    0,
    0,
    0,
    0,
    0,
    0,
    0,
    0,
    0,
    0,
    0,
    0,
    0,
    0,
    0,
    0,
    0,
    0,
    0,
    0,
    0,
    0,
    0,
    0,
    0,
    0,
    0,
    0,
    0,
    0,
    0,
    0,
    0,
    0,
    0,
    0,
    0,
    0,
    0,
    0,
    0,
    0,
    0,
    0,
    0,
    0,
    0,
    0,
    0,
    0,
    0,
    0,
    0,
    0,
    0,
    0,
    0,
    0,
    0,
    0,
    0,
    0,
    0,
    0,
    0,
    0,
    0,
    0,
    0,
    0,
    0,
    0,
    0
  ],
  "ImageOrientationPatientDICOM": [
    1,
    0,
    0,
    0,
    1,
    0
  ],
  "ConversionSoftware": "dcm2niix",
  "ConversionSoftwareVersion": "v1.0.20190902",
  "TracerName": "AV-45 florbetapir",
  "TracerRadionuclide": "F18",
  "InjectedRadioactivity": 7,
  "InjectedRadioactivityUnits": "mSV",
  "InjectedMass": 10,
  "InjectedMassUnits": "approximate mCi",
  "ModeOfAdministration": "bolus",
  "SpecificRadioactivity": "n/a",
  "SpecificRadioactivityUnits": "n/a",
  "TimeZero": "15:34:43",
  "InjectionStart": -3000000,
  "FrameDuration": [
    300000,
    300000
  ],
  "Units": "Bq/mL",
  "ScanStart": 0,
  "ImageDecayCorrected": true,
  "ImageDecayCorrectionTime": 0,
  "AcquisitionMode": "dynamic",
  "ReconMethodName": "back-projection",
  "ReconMethodParameterLabels": [
    "subsets",
    "iterations"
  ],
  "ReconMethodParameterUnits": [
    "none",
    "none"
  ],
  "ReconMethodParameterValues": [
    16,
    4
  ],
  "ReconFilterType": "FWHM Gaussian",
  "ReconFilterSize": 3,
  "AttenuationCorrection": "measured,AC_CT",
  "FrameTimesStart": [
    0,
    300000
  ],
  "FrameDurationUnits": "ms"
}
