{
    "Manufacturer": "Philips",
    "PatientPosition": "HFS",
    "SeriesDescription": "ImageMRSERIES",
    "ProtocolName": "WIPMPRAGE2100SENSE",
    "SeriesNumber": 11,
    "AcquisitionNumber": 11,
    "ImageComments": "HippoMBHC",
    "PhilipsRescaleSlope": 5.62002,
    "PhilipsRescaleIntercept": 0,
    "PhilipsScaleSlope": 0.000396168,
    "UsePhilipsFloatNotDisplayScaling": 1,
    "EchoTime": 0.00374,
    "RepetitionTime": 0.008139,
    "ImageOrientationPatientDICOM": [
        -0.0116919,
        0.997653,
        -0.067471,
        -0.0164054,
        -0.0676579,
        -0.997574
    ],
    "ConversionSoftware": "dcm2niix",
    "ConversionSoftwareVersion": "v1.0.20220720"
}