{
    "Manufacturer": "Philips",
    "PatientPosition": "HFS",
    "SeriesDescription": "ImageMRSERIES",
    "ProtocolName": "WIPDTI3minSENSE",
    "SeriesNumber": 17,
    "AcquisitionNumber": 17,
    "ImageComments": "HippoLMBHC",
    "PhilipsRescaleSlope": 2.97973,
    "PhilipsRescaleIntercept": 0,
    "PhilipsScaleSlope": 0.00133711,
    "UsePhilipsFloatNotDisplayScaling": 1,
    "EchoTime": 0.051,
    "RepetitionTime": 4.41,
    "ImageOrientationPatientDICOM": [
        0.992364,
        -0.116031,
        0.0418494,
        0.122902,
        0.958935,
        -0.255613
    ],
    "ConversionSoftware": "dcm2niix",
    "ConversionSoftwareVersion": "v1.0.20220720"
}