{
  "Manufacturer": "Philips",
  "PatientPosition": "HFS",
  "SeriesDescription": "ImageMRSERIES",
  "ProtocolName": "RestingStateSENSE",
  "SeriesNumber": 14,
  "AcquisitionNumber": 14,
  "ImageComments": "HippoHC",
  "PhilipsRescaleSlope": 1.537,
  "PhilipsRescaleIntercept": 0,
  "PhilipsScaleSlope": 0.000684987,
  "UsePhilipsFloatNotDisplayScaling": 1,
  "EchoTime": 0.025,
  "RepetitionTime": 2,
  "ImageOrientationPatientDICOM": [
    0.99997,
    0.00104854,
    -0.00767919,
    -0.00104717,
    0.999999,
    0.000182575
  ],
  "ConversionSoftware": "dcm2niix",
  "ConversionSoftwareVersion": "v1.0.20220720",
  "TaskName": "rest"
}