{
    "Manufacturer": "Philips",
    "PatientPosition": "HFS",
    "SeriesDescription": "ImageMRSERIES",
    "ProtocolName": "MPRAGE2100SENSE",
    "SeriesNumber": 12,
    "AcquisitionNumber": 12,
    "ImageComments": "HippoHC",
    "PhilipsRescaleSlope": 5.93846,
    "PhilipsRescaleIntercept": 0,
    "PhilipsScaleSlope": 0.000331749,
    "UsePhilipsFloatNotDisplayScaling": 1,
    "EchoTime": 0.00372,
    "RepetitionTime": 0.008139,
    "ImageOrientationPatientDICOM": [
        -0.0645312,
        0.997916,
        0.000324999,
        0.00575955,
        0.00069812,
        -0.999983
    ],
    "ConversionSoftware": "dcm2niix",
    "ConversionSoftwareVersion": "v1.0.20220720"
}