{
  "Manufacturer": "Philips",
  "PatientPosition": "HFS",
  "SeriesDescription": "ImageMRSERIES",
  "ProtocolName": "WIPRestingStateSENSE",
  "SeriesNumber": 9,
  "AcquisitionNumber": 9,
  "ImageComments": "HippoMBHC",
  "PhilipsRescaleSlope": 1.64737,
  "PhilipsRescaleIntercept": 0,
  "PhilipsScaleSlope": 0.000745672,
  "UsePhilipsFloatNotDisplayScaling": 1,
  "EchoTime": 0.025,
  "RepetitionTime": 2,
  "ImageOrientationPatientDICOM": [
    0.999748,
    0.0211183,
    -0.00767398,
    -0.0211163,
    0.999777,
    0.000336659
  ],
  "ConversionSoftware": "dcm2niix",
  "ConversionSoftwareVersion": "v1.0.20220720",
  "TaskName": "rest"
}