{
    "Manufacturer": "Philips",
    "PatientPosition": "HFS",
    "SeriesDescription": "ImageMRSERIES",
    "ProtocolName": "DTI3minSENSE",
    "SeriesNumber": 17,
    "AcquisitionNumber": 17,
    "ImageComments": "Hippo",
    "PhilipsRescaleSlope": 4.59853,
    "PhilipsRescaleIntercept": 0,
    "PhilipsScaleSlope": 0.00126498,
    "UsePhilipsFloatNotDisplayScaling": 1,
    "EchoTime": 0.051,
    "RepetitionTime": 4.41,
    "ImageOrientationPatientDICOM": [
        0.995634,
        -0.0800087,
        -0.0480846,
        0.0760855,
        0.994005,
        -0.0785228
    ],
    "ConversionSoftware": "dcm2niix",
    "ConversionSoftwareVersion": "v1.0.20220720"
}