{
    "Manufacturer": "Philips",
    "PatientPosition": "HFS",
    "SeriesDescription": "ImageMRSERIES",
    "ProtocolName": "WIPMPRAGE2100SENSE",
    "SeriesNumber": 6,
    "AcquisitionNumber": 6,
    "ImageComments": "Hippo",
    "PhilipsRescaleSlope": 5.58974,
    "PhilipsRescaleIntercept": 0,
    "PhilipsScaleSlope": 0.000378589,
    "UsePhilipsFloatNotDisplayScaling": 1,
    "EchoTime": 0.00379,
    "RepetitionTime": 0.008211,
    "ImageOrientationPatientDICOM": [
        0.0338509,
        0.987146,
        -0.156196,
        -0.0109954,
        -0.155908,
        -0.98771
    ],
    "ConversionSoftware": "dcm2niix",
    "ConversionSoftwareVersion": "v1.0.20220720"
}