{
  "Manufacturer": "Philips",
  "PatientPosition": "HFS",
  "SeriesDescription": "ImageMRSERIES",
  "ProtocolName": "HCBOLDSENSE",
  "SeriesNumber": 23,
  "AcquisitionNumber": 23,
  "ImageComments": "HippoHC",
  "PhilipsRescaleSlope": 1.27961,
  "PhilipsRescaleIntercept": 0,
  "PhilipsScaleSlope": 0.000776891,
  "UsePhilipsFloatNotDisplayScaling": 1,
  "EchoTime": 0.025,
  "RepetitionTime": 2,
  "ImageOrientationPatientDICOM": [
    0.999868,
    0.0158824,
    -0.00331293,
    -0.0158817,
    0.999874,
    0.000227177
  ],
  "ConversionSoftware": "dcm2niix",
  "ConversionSoftwareVersion": "v1.0.20220720",
  "TaskName": "Hypercapnia"
}