{
    "Manufacturer": "Philips",
    "PatientPosition": "HFS",
    "SeriesDescription": "ImageMRSERIES",
    "ProtocolName": "WIPMPRAGE2100SENSE",
    "SeriesNumber": 11,
    "AcquisitionNumber": 11,
    "ImageComments": "HippoMB",
    "PhilipsRescaleSlope": 5.63053,
    "PhilipsRescaleIntercept": 0,
    "PhilipsScaleSlope": 0.000375331,
    "UsePhilipsFloatNotDisplayScaling": 1,
    "EchoTime": 0.00381,
    "RepetitionTime": 0.008268,
    "ImageOrientationPatientDICOM": [
        -0.0909297,
        0.987234,
        -0.13077,
        -0.0333296,
        -0.134257,
        -0.990386
    ],
    "ConversionSoftware": "dcm2niix",
    "ConversionSoftwareVersion": "v1.0.20220720"
}