{
  "Manufacturer": "Philips",
  "PatientPosition": "HFS",
  "SeriesDescription": "ImageMRSERIES",
  "ProtocolName": "HCBOLDSENSE",
  "SeriesNumber": 20,
  "AcquisitionNumber": 20,
  "ImageComments": "fMRI",
  "PhilipsRescaleSlope": 2.2823,
  "PhilipsRescaleIntercept": 0,
  "PhilipsScaleSlope": 0.000809291,
  "UsePhilipsFloatNotDisplayScaling": 1,
  "EchoTime": 0.025,
  "RepetitionTime": 2,
  "ImageOrientationPatientDICOM": [
    0.998143,
    0.0333496,
    -0.0509747,
    -0.0390427,
    0.992585,
    -0.115113
  ],
  "ConversionSoftware": "dcm2niix",
  "ConversionSoftwareVersion": "v1.0.20220720",
  "TaskName": "Hypercapnia"
}