{
    "Manufacturer": "Philips",
    "PatientPosition": "HFS",
    "SeriesDescription": "ImageMRSERIES",
    "ProtocolName": "WIPT2W_FLAIR642.5nogapSENSE",
    "SeriesNumber": 10,
    "AcquisitionNumber": 10,
    "ImageComments": "HippoMBHC",
    "PhilipsRescaleSlope": 5.88352,
    "PhilipsRescaleIntercept": 0,
    "PhilipsScaleSlope": 0.0187455,
    "UsePhilipsFloatNotDisplayScaling": 1,
    "EchoTime": 0.125,
    "RepetitionTime": 11,
    "InversionTime": 2.8,
    "ImageOrientationPatientDICOM": [
        0.9999,
        -0.0129745,
        -0.00561021,
        0.0118676,
        0.986143,
        -0.16547
    ],
    "ConversionSoftware": "dcm2niix",
    "ConversionSoftwareVersion": "v1.0.20220720"
}