{
    "Manufacturer": "Philips",
    "PatientPosition": "HFS",
    "SeriesDescription": "ImageMRSERIES",
    "ProtocolName": "MPRAGE2100SENSE",
    "SeriesNumber": 10,
    "AcquisitionNumber": 10,
    "ImageComments": "HippoHC",
    "PhilipsRescaleSlope": 6.83492,
    "PhilipsRescaleIntercept": 0,
    "PhilipsScaleSlope": 0.00033565,
    "UsePhilipsFloatNotDisplayScaling": 1,
    "EchoTime": 0.00379,
    "RepetitionTime": 0.008259,
    "ImageOrientationPatientDICOM": [
        0.0343119,
        0.998569,
        -0.0410227,
        -0.117364,
        -0.0367369,
        -0.992409
    ],
    "ConversionSoftware": "dcm2niix",
    "ConversionSoftwareVersion": "v1.0.20220720"
}