{
  "Manufacturer": "Philips",
  "PatientPosition": "HFS",
  "SeriesDescription": "ImageMRSERIES",
  "ProtocolName": "WIPHCBOLDSENSE",
  "SeriesNumber": 18,
  "AcquisitionNumber": 18,
  "ImageComments": "Hippo(HC)",
  "PhilipsRescaleSlope": 1.89988,
  "PhilipsRescaleIntercept": 0,
  "PhilipsScaleSlope": 0.00068259,
  "UsePhilipsFloatNotDisplayScaling": 1,
  "EchoTime": 0.025,
  "RepetitionTime": 2,
  "ImageOrientationPatientDICOM": [
    0.995556,
    -0.0918944,
    0.0205773,
    0.0932313,
    0.99259,
    -0.0779239
  ],
  "ConversionSoftware": "dcm2niix",
  "ConversionSoftwareVersion": "v1.0.20220720",
  "TaskName": "Hypercapnia"
}