{
    "Manufacturer": "Philips",
    "PatientPosition": "HFS",
    "SeriesDescription": "ImageMRSERIES",
    "ProtocolName": "WIPMPRAGE2100SENSE",
    "SeriesNumber": 6,
    "AcquisitionNumber": 6,
    "ImageComments": "Hippo",
    "PhilipsRescaleSlope": 5.67131,
    "PhilipsRescaleIntercept": 0,
    "PhilipsScaleSlope": 0.000384575,
    "UsePhilipsFloatNotDisplayScaling": 1,
    "EchoTime": 0.00378,
    "RepetitionTime": 0.008241,
    "ImageOrientationPatientDICOM": [
        -0.0835109,
        0.996507,
        -0.000456117,
        -0.0631389,
        -0.00574806,
        -0.997988
    ],
    "ConversionSoftware": "dcm2niix",
    "ConversionSoftwareVersion": "v1.0.20220720"
}