{
    "Manufacturer": "Philips",
    "PatientPosition": "HFS",
    "SeriesDescription": "ImageMRSERIES",
    "ProtocolName": "WIPMPRAGE2100SENSE",
    "SeriesNumber": 11,
    "AcquisitionNumber": 11,
    "ImageComments": "Hippo_L(NoHC)",
    "PhilipsRescaleSlope": 5.81074,
    "PhilipsRescaleIntercept": 0,
    "PhilipsScaleSlope": 0.000381359,
    "UsePhilipsFloatNotDisplayScaling": 1,
    "EchoTime": 0.00374,
    "RepetitionTime": 0.008161,
    "ImageOrientationPatientDICOM": [
        -0.00887738,
        0.99996,
        0.00127099,
        0.0728901,
        0.00191475,
        -0.997338
    ],
    "ConversionSoftware": "dcm2niix",
    "ConversionSoftwareVersion": "v1.0.20220720"
}