{
    "Manufacturer": "Philips",
    "PatientPosition": "HFS",
    "SeriesDescription": "ImageMRSERIES",
    "ProtocolName": "WIPT2W_FLAIR642.5nogapSENSE",
    "SeriesNumber": 9,
    "AcquisitionNumber": 9,
    "ImageComments": "HippoW3HC",
    "PhilipsRescaleSlope": 5.33968,
    "PhilipsRescaleIntercept": 0,
    "PhilipsScaleSlope": 0.0134608,
    "UsePhilipsFloatNotDisplayScaling": 1,
    "EchoTime": 0.125,
    "RepetitionTime": 11,
    "InversionTime": 2.8,
    "ReconMatrixPE": 512,
    "ImageOrientationPatientDICOM": [
        0.998501,
        0.0224606,
        -0.0499066,
        -0.0224848,
        0.999747,
        7.63613e-05
    ],
    "ConversionSoftware": "dcm2niix",
    "ConversionSoftwareVersion": "v1.0.20181114  Clang4.0.1"
}