{
    "Manufacturer": "Philips",
    "PatientPosition": "HFS",
    "SeriesDescription": "ImageMRSERIES",
    "ProtocolName": "DTI3minSENSE",
    "SeriesNumber": 17,
    "AcquisitionNumber": 17,
    "ImageComments": "fMRI",
    "PhilipsRescaleSlope": 3.89866,
    "PhilipsRescaleIntercept": 0,
    "PhilipsScaleSlope": 0.00145244,
    "UsePhilipsFloatNotDisplayScaling": 1,
    "EchoTime": 0.051,
    "RepetitionTime": 4.41,
    "ImageOrientationPatientDICOM": [
        0.997029,
        0.0676729,
        0.0367771,
        -0.0643003,
        0.994199,
        -0.0862235
    ],
    "ConversionSoftware": "dcm2niix",
    "ConversionSoftwareVersion": "v1.0.20220720"
}