{
    "Manufacturer": "Philips",
    "PatientPosition": "HFS",
    "SeriesDescription": "ImageMRSERIES",
    "ProtocolName": "DTI3minSENSE",
    "SeriesNumber": 17,
    "AcquisitionNumber": 17,
    "ImageComments": "Hippo",
    "PhilipsRescaleSlope": 4.27888,
    "PhilipsRescaleIntercept": 0,
    "PhilipsScaleSlope": 0.00129356,
    "UsePhilipsFloatNotDisplayScaling": 1,
    "EchoTime": 0.051,
    "RepetitionTime": 4.41,
    "ImageOrientationPatientDICOM": [
        0.999884,
        -0.0052587,
        0.0143112,
        0.00418833,
        0.997263,
        0.073821
    ],
    "ConversionSoftware": "dcm2niix",
    "ConversionSoftwareVersion": "v1.0.20220720"
}