{
    "Manufacturer": "Philips",
    "PatientPosition": "HFS",
    "SeriesDescription": "ImageMRSERIES",
    "ProtocolName": "WIPT2W_FLAIR642.5nogapSENSE",
    "SeriesNumber": 9,
    "AcquisitionNumber": 9,
    "ImageComments": "HippoW3HC",
    "PhilipsRescaleSlope": 5.4989,
    "PhilipsRescaleIntercept": 0,
    "PhilipsScaleSlope": 0.0151353,
    "UsePhilipsFloatNotDisplayScaling": 1,
    "EchoTime": 0.125,
    "RepetitionTime": 11,
    "InversionTime": 2.8,
    "ImageOrientationPatientDICOM": [
        0.999293,
        0.030836,
        -0.0215017,
        -0.0326262,
        0.995534,
        -0.0885875
    ],
    "ConversionSoftware": "dcm2niix",
    "ConversionSoftwareVersion": "v1.0.20220720"
}