{
    "Manufacturer": "Philips",
    "PatientPosition": "HFS",
    "SeriesDescription": "ImageMRSERIES",
    "ProtocolName": "MPRAGE2100SENSE",
    "SeriesNumber": 9,
    "AcquisitionNumber": 9,
    "ImageComments": "HippoHC",
    "PhilipsRescaleSlope": 5.82247,
    "PhilipsRescaleIntercept": 0,
    "PhilipsScaleSlope": 0.000375167,
    "UsePhilipsFloatNotDisplayScaling": 1,
    "EchoTime": 0.00371,
    "RepetitionTime": 0.008112,
    "ImageOrientationPatientDICOM": [
        0.0113376,
        0.999935,
        0.00109202,
        0.0347251,
        0.000697711,
        -0.999397
    ],
    "ConversionSoftware": "dcm2niix",
    "ConversionSoftwareVersion": "v1.0.20220720"
}