{
  "Manufacturer": "Philips",
  "PatientPosition": "HFS",
  "SeriesDescription": "ImageMRSERIES",
  "ProtocolName": "ASL94-5-27Slice12SENSE",
  "SeriesNumber": 18,
  "AcquisitionNumber": 18,
  "ImageComments": "HIPPO_HC",
  "PhilipsRescaleSlope": 1.33578,
  "PhilipsRescaleIntercept": 0,
  "PhilipsScaleSlope": 0.000599551,
  "UsePhilipsFloatNotDisplayScaling": 1,
  "EchoTime": 0.01395,
  "RepetitionTime": 4.15085,
  "ImageOrientationPatientDICOM": [
    0.99983,
    0.0183979,
    0.00131575,
    -0.0172775,
    0.959139,
    -0.282406
  ],
  "ConversionSoftware": "dcm2niix",
  "ConversionSoftwareVersion": "v1.0.20220720",
  "ArterialSpinLabelingType": "PCASL",
  "PostLabelingDelay": 1.525,
  "BackgroundSuppression": false,
  "M0Type": "Absent",
  "RepetitionTimePreparation": 0.5,
  "VascularCrushing": false,
  "AcquisitionVoxelSize": [
    3,
    3,
    5
  ],
  "MRAcquisitionType": "3D",
  "MagneticFieldStrength": 3,
  "TotalAcquiredPairs": 30,
  "LabelingDuration": 1.65,
  "FlipAngle": 90,
  "PulseSequenceDetails": "WIP",
  "LabelingPulseFlipAngle": 18,
  "LabelingPulseDuration": 500
}