{
  "Manufacturer": "Philips",
  "PatientPosition": "HFS",
  "SeriesDescription": "ImageMRSERIES",
  "ProtocolName": "ASL94-5-27SENSE",
  "SeriesNumber": 18,
  "AcquisitionNumber": 18,
  "ImageComments": "hippo",
  "PhilipsRescaleSlope": 1.58877,
  "PhilipsRescaleIntercept": 0,
  "PhilipsScaleSlope": 0.000625024,
  "UsePhilipsFloatNotDisplayScaling": 1,
  "EchoTime": 0.01384,
  "RepetitionTime": 4.15085,
  "ImageOrientationPatientDICOM": [
    0.999168,
    0.00264693,
    0.0407062,
    -0.00627804,
    0.995982,
    0.0893356
  ],
  "ConversionSoftware": "dcm2niix",
  "ConversionSoftwareVersion": "v1.0.20220720",
  "ArterialSpinLabelingType": "PCASL",
  "PostLabelingDelay": 1.525,
  "BackgroundSuppression": false,
  "M0Type": "Absent",
  "RepetitionTimePreparation": 0.5,
  "VascularCrushing": false,
  "AcquisitionVoxelSize": [
    3,
    3,
    5
  ],
  "MRAcquisitionType": "3D",
  "MagneticFieldStrength": 3,
  "TotalAcquiredPairs": 30,
  "LabelingDuration": 1.65,
  "FlipAngle": 90,
  "PulseSequenceDetails": "WIP",
  "LabelingPulseFlipAngle": 18,
  "LabelingPulseDuration": 500
}