{
    "Manufacturer": "Philips",
    "PatientPosition": "HFS",
    "SeriesDescription": "ImageMRSERIES",
    "ProtocolName": "WIPT2W_FLAIR642.5nogapSENSE",
    "SeriesNumber": 10,
    "AcquisitionNumber": 10,
    "ImageComments": "HippoMBHC",
    "PhilipsRescaleSlope": 5.84811,
    "PhilipsRescaleIntercept": 0,
    "PhilipsScaleSlope": 0.0194273,
    "UsePhilipsFloatNotDisplayScaling": 1,
    "EchoTime": 0.125,
    "RepetitionTime": 11,
    "InversionTime": 2.8,
    "ReconMatrixPE": 512,
    "ImageOrientationPatientDICOM": [
        0.997247,
        0.0737577,
        -0.0076842,
        -0.0737582,
        0.997276,
        0.000218318
    ],
    "ConversionSoftware": "dcm2niix",
    "ConversionSoftwareVersion": "v1.0.20181114  Clang4.0.1"
}