{
  "Manufacturer": "Philips",
  "PatientPosition": "HFS",
  "SeriesDescription": "ImageMRSERIES",
  "ProtocolName": "ScenesSENSE",
  "SeriesNumber": 7,
  "AcquisitionNumber": 7,
  "ImageComments": "HippoHC",
  "PhilipsRescaleSlope": 1.27204,
  "PhilipsRescaleIntercept": 0,
  "PhilipsScaleSlope": 0.0005827,
  "UsePhilipsFloatNotDisplayScaling": 1,
  "EchoTime": 0.025,
  "RepetitionTime": 2,
  "ImageOrientationPatientDICOM": [
    0.998529,
    0.0252376,
    -0.0479981,
    -0.0252754,
    0.999681,
    -0.000181751
  ],
  "ConversionSoftware": "dcm2niix",
  "ConversionSoftwareVersion": "v1.0.20220720",
  "TaskName": "Scenes"
}