{
    "Manufacturer": "Philips",
    "PatientPosition": "HFS",
    "SeriesDescription": "ImageMRSERIES",
    "ProtocolName": "MPRAGE2100SENSE",
    "SeriesNumber": 9,
    "AcquisitionNumber": 9,
    "ImageComments": "HippoHC",
    "PhilipsRescaleSlope": 6.55433,
    "PhilipsRescaleIntercept": 0,
    "PhilipsScaleSlope": 0.000364014,
    "UsePhilipsFloatNotDisplayScaling": 1,
    "EchoTime": 0.0037,
    "RepetitionTime": 0.008086,
    "ImageOrientationPatientDICOM": [
        -0.00157046,
        0.999999,
        0.000381688,
        -0.0207679,
        0.000348991,
        -0.999784
    ],
    "ConversionSoftware": "dcm2niix",
    "ConversionSoftwareVersion": "v1.0.20220720"
}