{
    "Manufacturer": "Philips",
    "PatientPosition": "HFS",
    "SeriesDescription": "ImageMRSERIES",
    "ProtocolName": "WIPMPRAGE2100SENSE",
    "SeriesNumber": 11,
    "AcquisitionNumber": 11,
    "ImageComments": "HippoLMBHC",
    "PhilipsRescaleSlope": 5.41587,
    "PhilipsRescaleIntercept": 0,
    "PhilipsScaleSlope": 0.000346914,
    "UsePhilipsFloatNotDisplayScaling": 1,
    "EchoTime": 0.00386,
    "RepetitionTime": 0.008302,
    "ImageOrientationPatientDICOM": [
        0.0397661,
        0.968062,
        -0.247539,
        0.0291429,
        -0.248753,
        -0.968128
    ],
    "ConversionSoftware": "dcm2niix",
    "ConversionSoftwareVersion": "v1.0.20220720"
}