{
    "Manufacturer": "Philips",
    "PatientPosition": "HFS",
    "SeriesDescription": "ImageMRSERIES",
    "ProtocolName": "T2W_FLAIRCLEAR",
    "SeriesNumber": 15,
    "AcquisitionNumber": 15,
    "ImageComments": "HIPPO_HC",
    "PhilipsRescaleSlope": 5.76239,
    "PhilipsRescaleIntercept": 0,
    "PhilipsScaleSlope": 0.022072,
    "UsePhilipsFloatNotDisplayScaling": 1,
    "EchoTime": 0.125,
    "RepetitionTime": 11,
    "InversionTime": 2.8,
    "ImageOrientationPatientDICOM": [
        0.998767,
        0.0486771,
        0.00975361,
        -0.0486731,
        0.998815,
        -0.000650065
    ],
    "ConversionSoftware": "dcm2niix",
    "ConversionSoftwareVersion": "v1.0.20220720"
}