{
  "Manufacturer": "Philips",
  "PatientPosition": "HFS",
  "SeriesDescription": "ImageMRSERIES",
  "ProtocolName": "WIPRestingStateSENSE",
  "SeriesNumber": 5,
  "AcquisitionNumber": 5,
  "ImageComments": "Hippo",
  "PhilipsRescaleSlope": 1.77094,
  "PhilipsRescaleIntercept": 0,
  "PhilipsScaleSlope": 0.000774173,
  "UsePhilipsFloatNotDisplayScaling": 1,
  "EchoTime": 0.025,
  "RepetitionTime": 2,
  "ImageOrientationPatientDICOM": [
    0.998989,
    -0.0443129,
    -0.00752068,
    0.0443156,
    0.999018,
    0.000190493
  ],
  "ConversionSoftware": "dcm2niix",
  "ConversionSoftwareVersion": "v1.0.20220720",
  "TaskName": "rest"
}