{
    "Manufacturer": "Philips",
    "PatientPosition": "HFS",
    "SeriesDescription": "ImageMRSERIES",
    "ProtocolName": "WIPMPRAGE2100SENSE",
    "SeriesNumber": 6,
    "AcquisitionNumber": 6,
    "ImageComments": "HippoNewCohort",
    "PhilipsRescaleSlope": 5.44664,
    "PhilipsRescaleIntercept": 0,
    "PhilipsScaleSlope": 0.000360667,
    "UsePhilipsFloatNotDisplayScaling": 1,
    "EchoTime": 0.00371,
    "RepetitionTime": 0.00812,
    "ImageOrientationPatientDICOM": [
        -0.048501,
        0.998253,
        -0.0337319,
        0.00191986,
        -0.0336784,
        -0.999431
    ],
    "ConversionSoftware": "dcm2niix",
    "ConversionSoftwareVersion": "v1.0.20220720"
}