{
  "Manufacturer": "Philips",
  "PatientPosition": "HFS",
  "SeriesDescription": "ImageMRSERIES",
  "ProtocolName": "HCBOLDSENSE",
  "SeriesNumber": 23,
  "AcquisitionNumber": 23,
  "ImageComments": "HippoHC",
  "PhilipsRescaleSlope": 1.62955,
  "PhilipsRescaleIntercept": 0,
  "PhilipsScaleSlope": 0.00084501,
  "UsePhilipsFloatNotDisplayScaling": 1,
  "EchoTime": 0.025,
  "RepetitionTime": 2,
  "ImageOrientationPatientDICOM": [
    0.997655,
    0.0680623,
    -0.0072144,
    -0.0683632,
    0.996039,
    -0.0568553
  ],
  "ConversionSoftware": "dcm2niix",
  "ConversionSoftwareVersion": "v1.0.20220720",
  "TaskName": "Hypercapnia"
}