{
  "Manufacturer": "Philips",
  "PatientPosition": "HFS",
  "SeriesDescription": "ImageMRSERIES",
  "ProtocolName": "HCBOLDSENSE",
  "SeriesNumber": 22,
  "AcquisitionNumber": 22,
  "ImageComments": "HIPPO_HC",
  "PhilipsRescaleSlope": 3.02906,
  "PhilipsRescaleIntercept": 0,
  "PhilipsScaleSlope": 0.000786532,
  "UsePhilipsFloatNotDisplayScaling": 1,
  "EchoTime": 0.025,
  "RepetitionTime": 2,
  "ImageOrientationPatientDICOM": [
    0.999458,
    -0.0326519,
    -0.00424258,
    0.0303616,
    0.96378,
    -0.264966
  ],
  "ConversionSoftware": "dcm2niix",
  "ConversionSoftwareVersion": "v1.0.20220720",
  "TaskName": "Hypercapnia"
}