{
    "Manufacturer": "Philips",
    "PatientPosition": "HFS",
    "SeriesDescription": "ImageMRSERIES",
    "ProtocolName": "WIPMPRAGE2100SENSE",
    "SeriesNumber": 6,
    "AcquisitionNumber": 6,
    "ImageComments": "Hippo",
    "PhilipsRescaleSlope": 5.39585,
    "PhilipsRescaleIntercept": 0,
    "PhilipsScaleSlope": 0.000377276,
    "UsePhilipsFloatNotDisplayScaling": 1,
    "EchoTime": 0.00372,
    "RepetitionTime": 0.008133,
    "ImageOrientationPatientDICOM": [
        0.0511144,
        0.998067,
        0.0353415,
        -0.00750485,
        0.0357706,
        -0.999332
    ],
    "ConversionSoftware": "dcm2niix",
    "ConversionSoftwareVersion": "v1.0.20220720"
}