{
    "Manufacturer": "Philips",
    "PatientPosition": "HFS",
    "SeriesDescription": "ImageMRSERIES",
    "ProtocolName": "WIPMPRAGE2100SENSE",
    "SeriesNumber": 11,
    "AcquisitionNumber": 11,
    "ImageComments": "HippoHC",
    "PhilipsRescaleSlope": 5.87033,
    "PhilipsRescaleIntercept": 0,
    "PhilipsScaleSlope": 0.000393235,
    "UsePhilipsFloatNotDisplayScaling": 1,
    "EchoTime": 0.00372,
    "RepetitionTime": 0.008135,
    "ImageOrientationPatientDICOM": [
        0.0209215,
        0.999781,
        -0.000237426,
        -0.0446656,
        0.000697435,
        -0.999002
    ],
    "ConversionSoftware": "dcm2niix",
    "ConversionSoftwareVersion": "v1.0.20220720"
}