{
  "Manufacturer": "Philips",
  "PatientPosition": "HFS",
  "SeriesDescription": "ImageMRSERIES",
  "ProtocolName": "WIPWordsSENSE",
  "SeriesNumber": 2,
  "AcquisitionNumber": 2,
  "ImageComments": "HippoNC",
  "PhilipsRescaleSlope": 0.76239,
  "PhilipsRescaleIntercept": 0,
  "PhilipsScaleSlope": 0.00111746,
  "UsePhilipsFloatNotDisplayScaling": 1,
  "EchoTime": 0.025,
  "RepetitionTime": 2,
  "ImageOrientationPatientDICOM": [
    0.999641,
    0.0197051,
    -0.0181641,
    -0.0197177,
    0.999805,
    -0.000514551
  ],
  "ConversionSoftware": "dcm2niix",
  "ConversionSoftwareVersion": "v1.0.20220720",
  "TaskName": "Words"
}