{
  "Manufacturer": "Philips",
  "PatientPosition": "HFS",
  "SeriesDescription": "ImageMRSERIES",
  "ProtocolName": "ASL94-5-27Slice12SENSE",
  "SeriesNumber": 17,
  "AcquisitionNumber": 17,
  "ImageComments": "HippoHC",
  "PhilipsRescaleSlope": 1.38315,
  "PhilipsRescaleIntercept": 0,
  "PhilipsScaleSlope": 0.000577061,
  "UsePhilipsFloatNotDisplayScaling": 1,
  "EchoTime": 0.0138,
  "RepetitionTime": 4.15085,
  "ReconMatrixPE": 80,
  "ImageOrientationPatientDICOM": [
    0.999385,
    0.0342584,
    -0.00741799,
    -0.0342008,
    0.999385,
    0.0077631
  ],
  "ConversionSoftware": "dcm2niix",
  "ConversionSoftwareVersion": "v1.0.20181114  Clang4.0.1",
  "ArterialSpinLabelingType": "PCASL",
  "PostLabelingDelay": 1.525,
  "BackgroundSuppression": false,
  "M0Type": "Absent",
  "RepetitionTimePreparation": 0.5,
  "VascularCrushing": false,
  "AcquisitionVoxelSize": [
    3,
    3,
    5
  ],
  "MRAcquisitionType": "3D",
  "MagneticFieldStrength": 3,
  "TotalAcquiredPairs": 30,
  "LabelingDuration": 1.65,
  "FlipAngle": 90,
  "PulseSequenceDetails": "WIP",
  "LabelingPulseFlipAngle": 18,
  "LabelingPulseDuration": 500
}