{
    "Manufacturer": "Philips",
    "PatientPosition": "HFS",
    "SeriesDescription": "ImageMRSERIES",
    "ProtocolName": "T2W_FLAIRCLEAR",
    "SeriesNumber": 17,
    "AcquisitionNumber": 17,
    "ImageComments": "HC",
    "PhilipsRescaleSlope": 4.11453,
    "PhilipsRescaleIntercept": 0,
    "PhilipsScaleSlope": 0.0191865,
    "UsePhilipsFloatNotDisplayScaling": 1,
    "EchoTime": 0.125,
    "RepetitionTime": 11,
    "InversionTime": 2.8,
    "ReconMatrixPE": 512,
    "ImageOrientationPatientDICOM": [
        0.997121,
        -0.0455268,
        0.0606451,
        0.0454534,
        0.998963,
        0.00258977
    ],
    "ConversionSoftware": "dcm2niix",
    "ConversionSoftwareVersion": "v1.0.20181114  Clang4.0.1"
}