{
  "Manufacturer": "Philips",
  "PatientPosition": "HFS",
  "SeriesDescription": "ImageMRSERIES",
  "ProtocolName": "WordsSENSE",
  "SeriesNumber": 6,
  "AcquisitionNumber": 6,
  "ImageComments": "hippoHC",
  "PhilipsRescaleSlope": 1.69182,
  "PhilipsRescaleIntercept": 0,
  "PhilipsScaleSlope": 0.000649762,
  "UsePhilipsFloatNotDisplayScaling": 1,
  "EchoTime": 0.025,
  "RepetitionTime": 2,
  "ImageOrientationPatientDICOM": [
    0.998251,
    -0.0423219,
    0.0412663,
    0.0456795,
    0.995406,
    -0.0841402
  ],
  "ConversionSoftware": "dcm2niix",
  "ConversionSoftwareVersion": "v1.0.20220720",
  "TaskName": "Words"
}