{
  "Manufacturer": "Philips",
  "PatientPosition": "HFS",
  "SeriesDescription": "ImageMRSERIES",
  "ProtocolName": "HCBOLDSENSE",
  "SeriesNumber": 21,
  "AcquisitionNumber": 21,
  "ImageComments": "HippoHC",
  "PhilipsRescaleSlope": 1.40195,
  "PhilipsRescaleIntercept": 0,
  "PhilipsScaleSlope": 0.000753966,
  "UsePhilipsFloatNotDisplayScaling": 1,
  "EchoTime": 0.025,
  "RepetitionTime": 2,
  "ImageOrientationPatientDICOM": [
    0.999915,
    -0.0118698,
    0.00540597,
    0.0118678,
    0.999929,
    0.000413253
  ],
  "ConversionSoftware": "dcm2niix",
  "ConversionSoftwareVersion": "v1.0.20220720",
  "TaskName": "Hypercapnia"
}