{
  "Manufacturer": "Philips",
  "PatientPosition": "HFS",
  "SeriesDescription": "ImageMRSERIES",
  "ProtocolName": "HCBOLDSENSE",
  "SeriesNumber": 21,
  "AcquisitionNumber": 21,
  "ImageComments": "HippoHC",
  "PhilipsRescaleSlope": 1.28938,
  "PhilipsRescaleIntercept": 0,
  "PhilipsScaleSlope": 0.000792921,
  "UsePhilipsFloatNotDisplayScaling": 1,
  "EchoTime": 0.025,
  "RepetitionTime": 2,
  "ImageOrientationPatientDICOM": [
    0.996587,
    0.0230976,
    -0.0792503,
    -0.0400271,
    0.974853,
    -0.219225
  ],
  "ConversionSoftware": "dcm2niix",
  "ConversionSoftwareVersion": "v1.0.20220720",
  "TaskName": "Hypercapnia"
}