{
  "Manufacturer": "Philips",
  "PatientPosition": "HFS",
  "SeriesDescription": "ImageMRSERIES",
  "ProtocolName": "WIPASL27_Slice12_R5SENSE",
  "SeriesNumber": 11,
  "AcquisitionNumber": 11,
  "ImageComments": "HippoW3HC",
  "PhilipsRescaleSlope": 1.42882,
  "PhilipsRescaleIntercept": 0,
  "PhilipsScaleSlope": 0.000585582,
  "UsePhilipsFloatNotDisplayScaling": 1,
  "EchoTime": 0.0142,
  "RepetitionTime": 8.35828,
  "ImageOrientationPatientDICOM": [
    0.999949,
    0.00981443,
    0.00257556,
    -0.00907549,
    0.978604,
    -0.205553
  ],
  "ConversionSoftware": "dcm2niix",
  "ConversionSoftwareVersion": "v1.0.20220720",
  "ArterialSpinLabelingType": "PCASL",
  "PostLabelingDelay": 1.525,
  "BackgroundSuppression": false,
  "M0Type": "Absent",
  "RepetitionTimePreparation": 0.5,
  "VascularCrushing": false,
  "AcquisitionVoxelSize": [
    3,
    3,
    5
  ],
  "MRAcquisitionType": "3D",
  "MagneticFieldStrength": 3,
  "TotalAcquiredPairs": 30,
  "LabelingDuration": 1.65,
  "FlipAngle": 90,
  "PulseSequenceDetails": "WIP",
  "LabelingPulseFlipAngle": 18,
  "LabelingPulseDuration": 500
}