{
  "Manufacturer": "Philips",
  "PatientPosition": "HFS",
  "SeriesDescription": "ImageMRSERIES",
  "ProtocolName": "WIPHCBOLDSENSE",
  "SeriesNumber": 18,
  "AcquisitionNumber": 18,
  "ImageComments": "HippoHC",
  "PhilipsRescaleSlope": 1.53651,
  "PhilipsRescaleIntercept": 0,
  "PhilipsScaleSlope": 0.000736026,
  "UsePhilipsFloatNotDisplayScaling": 1,
  "EchoTime": 0.025,
  "RepetitionTime": 2,
  "ImageOrientationPatientDICOM": [
    0.998716,
    0.0336322,
    -0.0378842,
    -0.0336543,
    0.999434,
    5.41839E-5
  ],
  "ConversionSoftware": "dcm2niix",
  "ConversionSoftwareVersion": "v1.0.20220720",
  "TaskName": "Hypercapnia"
}