{
    "Manufacturer": "Philips",
    "PatientPosition": "HFS",
    "SeriesDescription": "ImageMRSERIES",
    "ProtocolName": "WIPMPRAGE2100SENSE",
    "SeriesNumber": 5,
    "AcquisitionNumber": 5,
    "ImageComments": "HippoHCW3",
    "PhilipsRescaleSlope": 4.66129,
    "PhilipsRescaleIntercept": 0,
    "PhilipsScaleSlope": 0.000345081,
    "UsePhilipsFloatNotDisplayScaling": 1,
    "EchoTime": 0.00374,
    "RepetitionTime": 0.008167,
    "ImageOrientationPatientDICOM": [
        -0.068883,
        0.995616,
        -0.0632773,
        0.00925011,
        -0.0627878,
        -0.997984
    ],
    "ConversionSoftware": "dcm2niix",
    "ConversionSoftwareVersion": "v1.0.20220720"
}