{
  "Manufacturer": "Philips",
  "PatientPosition": "HFS",
  "SeriesDescription": "ImageMRSERIES",
  "ProtocolName": "WIPHCBOLDSENSE",
  "SeriesNumber": 18,
  "AcquisitionNumber": 18,
  "ImageComments": "HippoHC",
  "PhilipsRescaleSlope": 1.86081,
  "PhilipsRescaleIntercept": 0,
  "PhilipsScaleSlope": 0.000696914,
  "UsePhilipsFloatNotDisplayScaling": 1,
  "EchoTime": 0.025,
  "RepetitionTime": 2,
  "ImageOrientationPatientDICOM": [
    0.998586,
    0.0512804,
    -0.0139796,
    -0.0512852,
    0.998684,
    1.89096E-5
  ],
  "ConversionSoftware": "dcm2niix",
  "ConversionSoftwareVersion": "v1.0.20220720",
  "TaskName": "Hypercapnia"
}