{
    "Manufacturer": "Philips",
    "PatientPosition": "HFS",
    "SeriesDescription": "ImageMRSERIES",
    "ProtocolName": "MPRAGE2100SENSE",
    "SeriesNumber": 10,
    "AcquisitionNumber": 10,
    "ImageComments": "HippoHC",
    "PhilipsRescaleSlope": 5.85177,
    "PhilipsRescaleIntercept": 0,
    "PhilipsScaleSlope": 0.000359425,
    "UsePhilipsFloatNotDisplayScaling": 1,
    "EchoTime": 0.00379,
    "RepetitionTime": 0.008268,
    "ImageOrientationPatientDICOM": [
        0.0966401,
        0.99427,
        -0.0456926,
        0.0714974,
        -0.0527235,
        -0.996046
    ],
    "ConversionSoftware": "dcm2niix",
    "ConversionSoftwareVersion": "v1.0.20220720"
}