{
    "Manufacturer": "Philips",
    "PatientPosition": "HFS",
    "SeriesDescription": "ImageMRSERIES",
    "ProtocolName": "WIPMPRAGE2100SENSE",
    "SeriesNumber": 5,
    "AcquisitionNumber": 5,
    "ImageComments": "Hippo",
    "PhilipsRescaleSlope": 4.30305,
    "PhilipsRescaleIntercept": 0,
    "PhilipsScaleSlope": 0.000316121,
    "UsePhilipsFloatNotDisplayScaling": 1,
    "EchoTime": 0.00387,
    "RepetitionTime": 0.0083,
    "ImageOrientationPatientDICOM": [
        -0.0106374,
        0.968289,
        -0.249605,
        -0.0410037,
        -0.249832,
        -0.967421
    ],
    "ConversionSoftware": "dcm2niix",
    "ConversionSoftwareVersion": "v1.0.20220720"
}