{
    "Manufacturer": "Philips",
    "PatientPosition": "HFS",
    "SeriesDescription": "ImageMRSERIES",
    "ProtocolName": "WIPMPRAGE2100SENSE",
    "SeriesNumber": 6,
    "AcquisitionNumber": 6,
    "ImageComments": "HippoNC",
    "PhilipsRescaleSlope": 6.07766,
    "PhilipsRescaleIntercept": 0,
    "PhilipsScaleSlope": 0.000385657,
    "UsePhilipsFloatNotDisplayScaling": 1,
    "EchoTime": 0.00376,
    "RepetitionTime": 0.008201,
    "ImageOrientationPatientDICOM": [
        0.0564208,
        0.998407,
        -0.00036004,
        -0.0587837,
        0.00296192,
        -0.998266
    ],
    "ConversionSoftware": "dcm2niix",
    "ConversionSoftwareVersion": "v1.0.20220720"
}