{
  "Manufacturer": "Philips",
  "PatientPosition": "HFS",
  "SeriesDescription": "ImageMRSERIES",
  "ProtocolName": "WIPRestingStateSENSE",
  "SeriesNumber": 15,
  "AcquisitionNumber": 15,
  "ImageComments": "HippoHC",
  "PhilipsRescaleSlope": 1.43516,
  "PhilipsRescaleIntercept": 0,
  "PhilipsScaleSlope": 0.000725242,
  "UsePhilipsFloatNotDisplayScaling": 1,
  "EchoTime": 0.025,
  "RepetitionTime": 2,
  "ImageOrientationPatientDICOM": [
    0.992123,
    0.10081,
    -0.0743651,
    -0.101126,
    0.994874,
    -0.000490071
  ],
  "ConversionSoftware": "dcm2niix",
  "ConversionSoftwareVersion": "v1.0.20220720",
  "TaskName": "rest"
}