{
  "Manufacturer": "Philips",
  "PatientPosition": "HFS",
  "SeriesDescription": "ImageMRSERIES",
  "ProtocolName": "WIPHCBOLDSENSE",
  "SeriesNumber": 14,
  "AcquisitionNumber": 14,
  "ImageComments": "HippoW3",
  "PhilipsRescaleSlope": 0.75385,
  "PhilipsRescaleIntercept": 0,
  "PhilipsScaleSlope": 0.00160827,
  "UsePhilipsFloatNotDisplayScaling": 1,
  "EchoTime": 0.025,
  "RepetitionTime": 2,
  "ImageOrientationPatientDICOM": [
    0.999668,
    0.0246067,
    -0.00767705,
    -0.0246059,
    0.999697,
    0.000188964
  ],
  "ConversionSoftware": "dcm2niix",
  "ConversionSoftwareVersion": "v1.0.20220720",
  "TaskName": "Hypercapnia"
}