{
    "Manufacturer": "Philips",
    "PatientPosition": "HFS",
    "SeriesDescription": "ImageMRSERIES",
    "ProtocolName": "WIPMPRAGE2100SENSE",
    "SeriesNumber": 6,
    "AcquisitionNumber": 6,
    "ImageComments": "HippoNC",
    "PhilipsRescaleSlope": 5.90037,
    "PhilipsRescaleIntercept": 0,
    "PhilipsScaleSlope": 0.000366193,
    "UsePhilipsFloatNotDisplayScaling": 1,
    "EchoTime": 0.00373,
    "RepetitionTime": 0.008148,
    "ImageOrientationPatientDICOM": [
        0.0453425,
        0.99897,
        0.00188464,
        0.0300152,
        0.000523363,
        -0.999549
    ],
    "ConversionSoftware": "dcm2niix",
    "ConversionSoftwareVersion": "v1.0.20220720"
}