{
  "Manufacturer": "Philips",
  "PatientPosition": "HFS",
  "SeriesDescription": "ImageMRSERIES",
  "ProtocolName": "WIPScenesSENSE(2)SENSE",
  "SeriesNumber": 8,
  "AcquisitionNumber": 8,
  "ImageComments": "HippoW3HC",
  "PhilipsRescaleSlope": 0.76703,
  "PhilipsRescaleIntercept": 0,
  "PhilipsScaleSlope": 0.00120846,
  "UsePhilipsFloatNotDisplayScaling": 1,
  "EchoTime": 0.025,
  "RepetitionTime": 2,
  "ImageOrientationPatientDICOM": [
    0.992301,
    0.116106,
    -0.0431067,
    -0.118676,
    0.990944,
    -0.0628184
  ],
  "ConversionSoftware": "dcm2niix",
  "ConversionSoftwareVersion": "v1.0.20220720",
  "TaskName": "Scenes"
}