{
    "Manufacturer": "Philips",
    "PatientPosition": "HFS",
    "SeriesDescription": "ImageMRSERIES",
    "ProtocolName": "WIPDTI_jones30_b1000SENSE",
    "SeriesNumber": 3,
    "AcquisitionNumber": 3,
    "ImageComments": "HippoNC",
    "PhilipsRescaleSlope": 12.8418,
    "PhilipsRescaleIntercept": 0,
    "PhilipsScaleSlope": 0.000946943,
    "UsePhilipsFloatNotDisplayScaling": 1,
    "EchoTime": 0.051,
    "RepetitionTime": 4.41,
    "ImageOrientationPatientDICOM": [
        0.997391,
        0.0720935,
        0.0038035,
        -0.0721938,
        0.996005,
        0.0525471
    ],
    "ConversionSoftware": "dcm2niix",
    "ConversionSoftwareVersion": "v1.0.20220720"
}