{
    "Manufacturer": "Philips",
    "PatientPosition": "HFS",
    "SeriesDescription": "ImageMRSERIES",
    "ProtocolName": "WIPMPRAGE2100SENSE",
    "SeriesNumber": 5,
    "AcquisitionNumber": 5,
    "ImageComments": "HippoW3HC",
    "PhilipsRescaleSlope": 4.42076,
    "PhilipsRescaleIntercept": 0,
    "PhilipsScaleSlope": 0.000351004,
    "UsePhilipsFloatNotDisplayScaling": 1,
    "EchoTime": 0.00371,
    "RepetitionTime": 0.008124,
    "ReconMatrixPE": 256,
    "ImageOrientationPatientDICOM": [
        -0.0293067,
        0.999527,
        -0.0093362,
        0.0268748,
        -0.00854892,
        -0.999602
    ],
    "ConversionSoftware": "dcm2niix",
    "ConversionSoftwareVersion": "v1.0.20181114  Clang4.0.1"
}