{
    "Manufacturer": "Philips",
    "PatientPosition": "HFS",
    "SeriesDescription": "ImageMRSERIES",
    "ProtocolName": "WIPT2W_FLAIR642.5nogapSENSE",
    "SeriesNumber": 9,
    "AcquisitionNumber": 9,
    "ImageComments": "HippoW3HC",
    "PhilipsRescaleSlope": 5.16044,
    "PhilipsRescaleIntercept": 0,
    "PhilipsScaleSlope": 0.0125317,
    "UsePhilipsFloatNotDisplayScaling": 1,
    "EchoTime": 0.125,
    "RepetitionTime": 11,
    "InversionTime": 2.8,
    "ImageOrientationPatientDICOM": [
        0.997471,
        -0.0646536,
        0.02953,
        0.0673012,
        0.992727,
        -0.0998157
    ],
    "ConversionSoftware": "dcm2niix",
    "ConversionSoftwareVersion": "v1.0.20220720"
}