{
    "Manufacturer": "Philips",
    "PatientPosition": "HFS",
    "SeriesDescription": "ImageMRSERIES",
    "ProtocolName": "DTI3minSENSE",
    "SeriesNumber": 16,
    "AcquisitionNumber": 16,
    "ImageComments": "HippoHC",
    "PhilipsRescaleSlope": 4.80781,
    "PhilipsRescaleIntercept": 0,
    "PhilipsScaleSlope": 0.00129701,
    "UsePhilipsFloatNotDisplayScaling": 1,
    "EchoTime": 0.051,
    "RepetitionTime": 4.41,
    "ReconMatrixPE": 128,
    "ImageOrientationPatientDICOM": [
        0.998705,
        -0.0169038,
        -0.0479801,
        0.0169094,
        0.999857,
        -0.000288692
    ],
    "ConversionSoftware": "dcm2niix",
    "ConversionSoftwareVersion": "v1.0.20181114  Clang4.0.1"
}