{
    "Manufacturer": "Philips",
    "PatientPosition": "HFS",
    "SeriesDescription": "ImageMRSERIES",
    "ProtocolName": "DTI3minSENSE",
    "SeriesNumber": 18,
    "AcquisitionNumber": 18,
    "ImageComments": "HippoHC",
    "PhilipsRescaleSlope": 4.66276,
    "PhilipsRescaleIntercept": 0,
    "PhilipsScaleSlope": 0.00134612,
    "UsePhilipsFloatNotDisplayScaling": 1,
    "EchoTime": 0.051,
    "RepetitionTime": 4.41,
    "ImageOrientationPatientDICOM": [
        0.99883,
        -0.0478699,
        0.00681247,
        0.0483267,
        0.992922,
        -0.108491
    ],
    "ConversionSoftware": "dcm2niix",
    "ConversionSoftwareVersion": "v1.0.20220720"
}