{
    "Manufacturer": "Philips",
    "PatientPosition": "HFS",
    "SeriesDescription": "ImageMRSERIES",
    "ProtocolName": "MPRAGE2100SENSE",
    "SeriesNumber": 11,
    "AcquisitionNumber": 11,
    "ImageComments": "HippoHC",
    "PhilipsRescaleSlope": 6.19365,
    "PhilipsRescaleIntercept": 0,
    "PhilipsScaleSlope": 0.00033499,
    "UsePhilipsFloatNotDisplayScaling": 1,
    "EchoTime": 0.00377,
    "RepetitionTime": 0.008235,
    "ImageOrientationPatientDICOM": [
        0.0739378,
        0.997033,
        0.0213872,
        0.0678412,
        0.0163676,
        -0.997562
    ],
    "ConversionSoftware": "dcm2niix",
    "ConversionSoftwareVersion": "v1.0.20220720"
}