{
  "Manufacturer": "Philips",
  "PatientPosition": "HFS",
  "SeriesDescription": "ImageMRSERIES",
  "ProtocolName": "HCBOLDSENSE",
  "SeriesNumber": 20,
  "AcquisitionNumber": 20,
  "ImageComments": "Hippo",
  "PhilipsRescaleSlope": 1.88352,
  "PhilipsRescaleIntercept": 0,
  "PhilipsScaleSlope": 0.00080422,
  "UsePhilipsFloatNotDisplayScaling": 1,
  "EchoTime": 0.025,
  "RepetitionTime": 2,
  "ImageOrientationPatientDICOM": [
    0.999384,
    -0.0303683,
    0.0175675,
    0.030534,
    0.999491,
    -0.00924151
  ],
  "ConversionSoftware": "dcm2niix",
  "ConversionSoftwareVersion": "v1.0.20220720",
  "TaskName": "Hypercapnia"
}