{
    "Manufacturer": "Philips",
    "PatientPosition": "HFS",
    "SeriesDescription": "ImageMRSERIES",
    "ProtocolName": "MPRAGE2100SENSE",
    "SeriesNumber": 9,
    "AcquisitionNumber": 9,
    "ImageComments": "HIPPOHC",
    "PhilipsRescaleSlope": 4.85397,
    "PhilipsRescaleIntercept": 0,
    "PhilipsScaleSlope": 0.000386373,
    "UsePhilipsFloatNotDisplayScaling": 1,
    "EchoTime": 0.00379,
    "RepetitionTime": 0.00825,
    "ReconMatrixPE": 256,
    "ImageOrientationPatientDICOM": [
        0.0488578,
        0.995766,
        -0.0778685,
        -0.0822864,
        -0.0736837,
        -0.993881
    ],
    "ConversionSoftware": "dcm2niix",
    "ConversionSoftwareVersion": "v1.0.20181114  Clang4.0.1"
}