{
  "Manufacturer": "Philips",
  "PatientPosition": "HFS",
  "SeriesDescription": "ImageMRSERIES",
  "ProtocolName": "ASL94-5-27Slice12SENSE",
  "SeriesNumber": 20,
  "AcquisitionNumber": 20,
  "ImageComments": "hippoHC",
  "PhilipsRescaleSlope": 1.53407,
  "PhilipsRescaleIntercept": 0,
  "PhilipsScaleSlope": 0.000604263,
  "UsePhilipsFloatNotDisplayScaling": 1,
  "EchoTime": 0.01389,
  "RepetitionTime": 4.15085,
  "ImageOrientationPatientDICOM": [
    0.998309,
    -0.0321654,
    0.0484247,
    0.0393982,
    0.986858,
    -0.156715
  ],
  "ConversionSoftware": "dcm2niix",
  "ConversionSoftwareVersion": "v1.0.20220720",
  "ArterialSpinLabelingType": "PCASL",
  "PostLabelingDelay": 1.525,
  "BackgroundSuppression": false,
  "M0Type": "Absent",
  "RepetitionTimePreparation": 0.5,
  "VascularCrushing": false,
  "AcquisitionVoxelSize": [
    3,
    3,
    5
  ],
  "MRAcquisitionType": "3D",
  "MagneticFieldStrength": 3,
  "TotalAcquiredPairs": 30,
  "LabelingDuration": 1.65,
  "FlipAngle": 90,
  "PulseSequenceDetails": "WIP",
  "LabelingPulseFlipAngle": 18,
  "LabelingPulseDuration": 500
}