{
  "Manufacturer": "Philips",
  "PatientPosition": "HFS",
  "SeriesDescription": "ImageMRSERIES",
  "ProtocolName": "WIPRestingStateSENSE",
  "SeriesNumber": 11,
  "AcquisitionNumber": 11,
  "ImageComments": "Hippo",
  "PhilipsRescaleSlope": 1.30623,
  "PhilipsRescaleIntercept": 0,
  "PhilipsScaleSlope": 0.000699344,
  "UsePhilipsFloatNotDisplayScaling": 1,
  "EchoTime": 0.025,
  "RepetitionTime": 2,
  "ImageOrientationPatientDICOM": [
    0.998932,
    0.0460722,
    -0.00361535,
    -0.0450118,
    0.95224,
    -0.302014
  ],
  "ConversionSoftware": "dcm2niix",
  "ConversionSoftwareVersion": "v1.0.20220720",
  "TaskName": "rest"
}