{
    "Manufacturer": "Philips",
    "PatientPosition": "HFS",
    "SeriesDescription": "ImageMRSERIES",
    "ProtocolName": "MPRAGE2100SENSE",
    "SeriesNumber": 11,
    "AcquisitionNumber": 11,
    "ImageComments": "Hippo",
    "PhilipsRescaleSlope": 6.93284,
    "PhilipsRescaleIntercept": 0,
    "PhilipsScaleSlope": 0.000323708,
    "UsePhilipsFloatNotDisplayScaling": 1,
    "EchoTime": 0.0038,
    "RepetitionTime": 0.00822,
    "ImageOrientationPatientDICOM": [
        0.0174424,
        0.990368,
        -0.137357,
        0.0338529,
        -0.137884,
        -0.98987
    ],
    "ConversionSoftware": "dcm2niix",
    "ConversionSoftwareVersion": "v1.0.20220720"
}