{
  "Manufacturer": "Philips",
  "PatientPosition": "HFS",
  "SeriesDescription": "ImageMRSERIES",
  "ProtocolName": "WIPRestingState(Cross)SENSE",
  "SeriesNumber": 2,
  "AcquisitionNumber": 2,
  "ImageComments": "HippoW3HC",
  "PhilipsRescaleSlope": 0.73626,
  "PhilipsRescaleIntercept": 0,
  "PhilipsScaleSlope": 0.00122002,
  "UsePhilipsFloatNotDisplayScaling": 1,
  "EchoTime": 0.025,
  "RepetitionTime": 2,
  "ReconMatrixPE": 64,
  "ImageOrientationPatientDICOM": [
    0.998501,
    0.0224606,
    -0.0499066,
    -0.0224848,
    0.999747,
    7.63613E-5
  ],
  "ConversionSoftware": "dcm2niix",
  "ConversionSoftwareVersion": "v1.0.20181114  Clang4.0.1",
  "TaskName": "rest"
}