{
  "Manufacturer": "Philips",
  "PatientPosition": "HFS",
  "SeriesDescription": "ImageMRSERIES",
  "ProtocolName": "WIPASL94-5-27Slice12TR4150.8",
  "SeriesNumber": 13,
  "AcquisitionNumber": 13,
  "ImageComments": "Hippo",
  "PhilipsRescaleSlope": 1.35897,
  "PhilipsRescaleIntercept": 0,
  "PhilipsScaleSlope": 0.000458709,
  "UsePhilipsFloatNotDisplayScaling": 1,
  "EchoTime": 0.01379,
  "RepetitionTime": 8.29,
  "ImageOrientationPatientDICOM": [
    0.99974,
    0.0214672,
    -0.00767386,
    -0.0214653,
    0.99977,
    0.000339337
  ],
  "ConversionSoftware": "dcm2niix",
  "ConversionSoftwareVersion": "v1.0.20220720",
  "ArterialSpinLabelingType": "PCASL",
  "PostLabelingDelay": 1.525,
  "BackgroundSuppression": false,
  "M0Type": "Absent",
  "RepetitionTimePreparation": 0.5,
  "VascularCrushing": false,
  "AcquisitionVoxelSize": [
    3,
    3,
    5
  ],
  "MRAcquisitionType": "3D",
  "MagneticFieldStrength": 3,
  "TotalAcquiredPairs": 30,
  "LabelingDuration": 1.65,
  "FlipAngle": 90,
  "PulseSequenceDetails": "WIP",
  "LabelingPulseFlipAngle": 18,
  "LabelingPulseDuration": 500
}