{
    "Manufacturer": "Philips",
    "PatientPosition": "HFS",
    "SeriesDescription": "ImageMRSERIES",
    "ProtocolName": "WIPDTI3minSENSE",
    "SeriesNumber": 14,
    "AcquisitionNumber": 14,
    "ImageComments": "HippoL(NoHC)",
    "PhilipsRescaleSlope": 4.32772,
    "PhilipsRescaleIntercept": 0,
    "PhilipsScaleSlope": 0.00134338,
    "UsePhilipsFloatNotDisplayScaling": 1,
    "EchoTime": 0.051,
    "RepetitionTime": 4.41,
    "ImageOrientationPatientDICOM": [
        0.999657,
        0.026003,
        -0.00296151,
        -0.0260024,
        0.999662,
        0.000251625
    ],
    "ConversionSoftware": "dcm2niix",
    "ConversionSoftwareVersion": "v1.0.20220720"
}