{
  "Manufacturer": "Philips",
  "PatientPosition": "HFS",
  "SeriesDescription": "ImageMRSERIES",
  "ProtocolName": "WIPHCBOLDSENSE",
  "SeriesNumber": 28,
  "AcquisitionNumber": 28,
  "ImageComments": "Hippo_LMBHC",
  "PhilipsRescaleSlope": 1.39194,
  "PhilipsRescaleIntercept": 0,
  "PhilipsScaleSlope": 0.000771571,
  "UsePhilipsFloatNotDisplayScaling": 1,
  "EchoTime": 0.025,
  "RepetitionTime": 2,
  "ImageOrientationPatientDICOM": [
    0.99907,
    -0.0394281,
    -0.0174526,
    0.0394282,
    0.999222,
    -0.000339427
  ],
  "ConversionSoftware": "dcm2niix",
  "ConversionSoftwareVersion": "v1.0.20220720",
  "TaskName": "Hypercapnia"
}