{
    "Manufacturer": "Philips",
    "PatientPosition": "HFS",
    "SeriesDescription": "ImageMRSERIES",
    "ProtocolName": "WIPDTI3minSENSE",
    "SeriesNumber": 15,
    "AcquisitionNumber": 15,
    "ImageComments": "Hippo-LHC",
    "PhilipsRescaleSlope": 4.68987,
    "PhilipsRescaleIntercept": 0,
    "PhilipsScaleSlope": 0.00133055,
    "UsePhilipsFloatNotDisplayScaling": 1,
    "EchoTime": 0.051,
    "RepetitionTime": 4.41,
    "ImageOrientationPatientDICOM": [
        0.996781,
        0.040552,
        0.0691658,
        -0.0407319,
        0.999169,
        0.00119125
    ],
    "ConversionSoftware": "dcm2niix",
    "ConversionSoftwareVersion": "v1.0.20220720"
}