{
    "Manufacturer": "Philips",
    "PatientPosition": "HFS",
    "SeriesDescription": "ImageMRSERIES",
    "ProtocolName": "WIPMPRAGE2100SENSE",
    "SeriesNumber": 11,
    "AcquisitionNumber": 11,
    "ImageComments": "HippoHC",
    "PhilipsRescaleSlope": 5.71306,
    "PhilipsRescaleIntercept": 0,
    "PhilipsScaleSlope": 0.0003852,
    "UsePhilipsFloatNotDisplayScaling": 1,
    "EchoTime": 0.00369,
    "RepetitionTime": 0.008085,
    "ImageOrientationPatientDICOM": [
        -0.0272237,
        0.999629,
        -5.22659e-05,
        0.00191986,
        0,
        -0.999998
    ],
    "ConversionSoftware": "dcm2niix",
    "ConversionSoftwareVersion": "v1.0.20220720"
}