{
  "Manufacturer": "Philips",
  "PatientPosition": "HFS",
  "SeriesDescription": "ImageMRSERIES",
  "ProtocolName": "WIPRestingState(Cross)SENSE",
  "SeriesNumber": 2,
  "AcquisitionNumber": 2,
  "ImageComments": "Hippo",
  "PhilipsRescaleSlope": 0.75165,
  "PhilipsRescaleIntercept": 0,
  "PhilipsScaleSlope": 0.001104,
  "UsePhilipsFloatNotDisplayScaling": 1,
  "EchoTime": 0.025,
  "RepetitionTime": 2,
  "ReconMatrixPE": 64,
  "ImageOrientationPatientDICOM": [
    0.999457,
    -0.0183106,
    -0.0274032,
    0.0183181,
    0.999832,
    2.144E-5
  ],
  "ConversionSoftware": "dcm2niix",
  "ConversionSoftwareVersion": "v1.0.20181114  Clang4.0.1",
  "TaskName": "rest"
}