{
    "Manufacturer": "Philips",
    "PatientPosition": "HFS",
    "SeriesDescription": "ImageMRSERIES",
    "ProtocolName": "MPRAGE2100SENSE",
    "SeriesNumber": 9,
    "AcquisitionNumber": 9,
    "ImageComments": "HippoHC",
    "PhilipsRescaleSlope": 5.84835,
    "PhilipsRescaleIntercept": 0,
    "PhilipsScaleSlope": 0.000382163,
    "UsePhilipsFloatNotDisplayScaling": 1,
    "EchoTime": 0.00376,
    "RepetitionTime": 0.008214,
    "ReconMatrixPE": 256,
    "ImageOrientationPatientDICOM": [
        -0.0349296,
        0.999389,
        -0.00135624,
        -0.0906326,
        -0.00451916,
        -0.995874
    ],
    "ConversionSoftware": "dcm2niix",
    "ConversionSoftwareVersion": "v1.0.20181114  Clang4.0.1"
}