{
    "Manufacturer": "Philips",
    "PatientPosition": "HFS",
    "SeriesDescription": "ImageMRSERIES",
    "ProtocolName": "T2W_FLAIRCLEAR",
    "SeriesNumber": 14,
    "AcquisitionNumber": 14,
    "ImageComments": "fMRI",
    "PhilipsRescaleSlope": 7.23199,
    "PhilipsRescaleIntercept": 0,
    "PhilipsScaleSlope": 0.0199258,
    "UsePhilipsFloatNotDisplayScaling": 1,
    "EchoTime": 0.125,
    "RepetitionTime": 11,
    "InversionTime": 2.8,
    "ImageOrientationPatientDICOM": [
        0.997568,
        -0.0693939,
        -0.0065919,
        0.0685321,
        0.993653,
        -0.0892082
    ],
    "ConversionSoftware": "dcm2niix",
    "ConversionSoftwareVersion": "v1.0.20220720"
}