{
  "Manufacturer": "Philips",
  "PatientPosition": "HFS",
  "SeriesDescription": "ImageMRSERIES",
  "ProtocolName": "HCBOLDSENSE",
  "SeriesNumber": 22,
  "AcquisitionNumber": 22,
  "ImageComments": "HIPPO_HC",
  "PhilipsRescaleSlope": 1.77094,
  "PhilipsRescaleIntercept": 0,
  "PhilipsScaleSlope": 0.000800626,
  "UsePhilipsFloatNotDisplayScaling": 1,
  "EchoTime": 0.025,
  "RepetitionTime": 2,
  "ImageOrientationPatientDICOM": [
    0.998756,
    0.00361311,
    0.0497248,
    -0.00366065,
    0.999993,
    0.000864952
  ],
  "ConversionSoftware": "dcm2niix",
  "ConversionSoftwareVersion": "v1.0.20220720",
  "TaskName": "Hypercapnia"
}