{
  "Manufacturer": "Philips",
  "PatientPosition": "HFS",
  "SeriesDescription": "ImageMRSERIES",
  "ProtocolName": "RestingStateSENSE",
  "SeriesNumber": 13,
  "AcquisitionNumber": 13,
  "ImageComments": "HIPPO_HC",
  "PhilipsRescaleSlope": 1.5707,
  "PhilipsRescaleIntercept": 0,
  "PhilipsScaleSlope": 0.000669547,
  "UsePhilipsFloatNotDisplayScaling": 1,
  "EchoTime": 0.025,
  "RepetitionTime": 2,
  "ImageOrientationPatientDICOM": [
    0.998117,
    -0.011889,
    0.0601691,
    0.0118465,
    0.999929,
    0.00106323
  ],
  "ConversionSoftware": "dcm2niix",
  "ConversionSoftwareVersion": "v1.0.20220720",
  "TaskName": "rest"
}