{
    "Manufacturer": "Philips",
    "PatientPosition": "HFS",
    "SeriesDescription": "ImageMRSERIES",
    "ProtocolName": "WIPDTI_jones30_b1000_SPIRweakSENSE",
    "SeriesNumber": 3,
    "AcquisitionNumber": 3,
    "ImageComments": "HippoHCW3",
    "PhilipsRescaleSlope": 14.9138,
    "PhilipsRescaleIntercept": 0,
    "PhilipsScaleSlope": 0.000937325,
    "UsePhilipsFloatNotDisplayScaling": 1,
    "EchoTime": 0.051,
    "RepetitionTime": 4.41,
    "ImageOrientationPatientDICOM": [
        0.999939,
        0.0110628,
        7.33844e-05,
        -0.0109953,
        0.993068,
        0.117024
    ],
    "ConversionSoftware": "dcm2niix",
    "ConversionSoftwareVersion": "v1.0.20220720"
}