{
    "Manufacturer": "Philips",
    "PatientPosition": "HFS",
    "SeriesDescription": "ImageMRSERIES",
    "ProtocolName": "WIPMPRAGE2100SENSE",
    "SeriesNumber": 11,
    "AcquisitionNumber": 11,
    "ImageComments": "HippoMBHC",
    "PhilipsRescaleSlope": 5.64713,
    "PhilipsRescaleIntercept": 0,
    "PhilipsScaleSlope": 0.000369876,
    "UsePhilipsFloatNotDisplayScaling": 1,
    "EchoTime": 0.00372,
    "RepetitionTime": 0.008133,
    "ReconMatrixPE": 256,
    "ImageOrientationPatientDICOM": [
        0.0575624,
        0.998342,
        0.000264965,
        -0.00750485,
        0.000698112,
        -0.999972
    ],
    "ConversionSoftware": "dcm2niix",
    "ConversionSoftwareVersion": "v1.0.20181114  Clang4.0.1"
}