{
  "Modality": "PT",
  "Manufacturer": "Siemens",
  "ManufacturersModelName": "Biograph64_TruePoint",
  "InstitutionName": "SMC_PET",
  "InstitutionalDepartmentName": "Department",
  "InstitutionAddress": "Dallas_4CBE2E_75235_Inwood_Road_2201",
  "DeviceSerialNumber": "10000",
  "StationName": "CT58024",
  "PatientPosition": "HFS",
  "SoftwareVersions": "6.7.2",
  "SeriesDescription": "AV1451_A14_4I21S3MM_(AC)",
  "ProtocolName": "AV1451_A14_4I21S3MM_(AC)",
  "ImageType": [
    "ORIGINAL",
    "PRIMARY"
  ],
  "SeriesNumber": 4,
  "AcquisitionTime": "16:00:3.000010",
  "AcquisitionNumber": 2001,
  "ImageComments": "AC_CT_Volume_Scaled",
  "RadionuclidePositronFraction": 0.97,
  "RadionuclideTotalDose": 4.0071E+8,
  "RadionuclideHalfLife": 6586.2,
  "DoseCalibrationFactor": 3.30516E+7,
  "SliceThickness": 2,
  "MultibandAccelerationFactor": 111,
  "ReconMatrixPE": 128,
  "SliceTiming": [
    0,
    0,
    0,
    0,
    0,
    0,
    0,
    0,
    0,
    0,
    0,
    0,
    0,
    0,
    0,
    0,
    0,
    0,
    0,
    0,
    0,
    0,
    0,
    0,
    0,
    0,
    0,
    0,
    0,
    0,
    0,
    0,
    0,
    0,
    0,
    0,
    0,
    0,
    0,
    0,
    0,
    0,
    0,
    0,
    0,
    0,
    0,
    0,
    0,
    0,
    0,
    0,
    0,
    0,
    0,
    0,
    0,
    0,
    0,
    0,
    0,
    0,
    0,
    0,
    0,
    0,
    0,
    0,
    0,
    0,
    0,
    0,
    0,
    0,
    0,
    0,
    0,
    0,
    0,
    0,
    0,
    0,
    0,
    0,
    0,
    0,
    0,
    0,
    0,
    0,
    0,
    0,
    0,
    0,
    0,
    0,
    0,
    0,
    0,
    0,
    0,
    0,
    0,
    0,
    0,
    0,
    0,
    0,
    0,
    0,
    0
  ],
  "ImageOrientationPatientDICOM": [
    1,
    0,
    0,
    0,
    1,
    0
  ],
  "ConversionSoftware": "dcm2niix",
  "ConversionSoftwareVersion": "v1.0.20190902",
  "TracerName": "AV-1451 flortaucipir",
  "InjectedRadioactivity": 8.92,
  "InjectedRadioactivityUnits": "mSV",
  "Units": "Bq/mL",
  "TracerRadionuclide": "F18",
  "InjectedMass": 10,
  "InjectedMassUnits": "approximate mCi",
  "ModeOfAdministration": "bolus",
  "SpecificRadioactivity": "n/a",
  "SpecificRadioactivityUnits": "n/a",
  "InjectionStart": -4.8E+6,
  "ScanStart": 0,
  "ImageDecayCorrected": true,
  "ImageDecayCorrectionTime": 0,
  "AcquisitionMode": "dynamic",
  "ReconMethodName": "VPHD",
  "ReconMethodParameterLabels": [
    "subsets",
    "iterations"
  ],
  "ReconMethodParameterUnits": [
    "none",
    "none"
  ],
  "ReconMethodParameterValues": [
    21,
    4
  ],
  "ReconFilterType": "FWHM Gaussian",
  "ReconFilterSize": 3,
  "AttenuationCorrection": "measured,AC_CT",
  "TimeZero": "16:00:03",
  "FrameTimesStart": [
    0,
    300000,
    600000,
    900000
  ],
  "FrameDuration": [
    300000,
    300000,
    300000,
    300000
  ],
  "FrameDurationUnits": "ms"
}