{
    "Manufacturer": "Philips",
    "PatientPosition": "HFS",
    "SeriesDescription": "ImageMRSERIES",
    "ProtocolName": "WIPMPRAGE2100SENSE",
    "SeriesNumber": 6,
    "AcquisitionNumber": 6,
    "ImageComments": "Hippo",
    "PhilipsRescaleSlope": 4.32063,
    "PhilipsRescaleIntercept": 0,
    "PhilipsScaleSlope": 0.000314141,
    "UsePhilipsFloatNotDisplayScaling": 1,
    "EchoTime": 0.00374,
    "RepetitionTime": 0.008168,
    "ImageOrientationPatientDICOM": [
        -0.0761878,
        0.997093,
        -0.00118355,
        0.0155328,
        0,
        -0.999879
    ],
    "ConversionSoftware": "dcm2niix",
    "ConversionSoftwareVersion": "v1.0.20220720"
}