{
  "Manufacturer": "Philips",
  "PatientPosition": "HFS",
  "SeriesDescription": "ImageMRSERIES",
  "ProtocolName": "WIPRestingState(Cross)SENSE",
  "SeriesNumber": 12,
  "AcquisitionNumber": 12,
  "ImageComments": "Hippo",
  "PhilipsRescaleSlope": 1.8442,
  "PhilipsRescaleIntercept": 0,
  "PhilipsScaleSlope": 0.000697652,
  "UsePhilipsFloatNotDisplayScaling": 1,
  "EchoTime": 0.025,
  "RepetitionTime": 2,
  "ReconMatrixPE": 64,
  "ImageOrientationPatientDICOM": [
    0.994263,
    -0.0226721,
    -0.104533,
    0.0329831,
    0.994641,
    0.0979916
  ],
  "ConversionSoftware": "dcm2niix",
  "ConversionSoftwareVersion": "v1.0.20181114  Clang4.0.1",
  "TaskName": "rest"
}