{
  "Manufacturer": "Philips",
  "PatientPosition": "HFS",
  "SeriesDescription": "ImageMRSERIES",
  "ProtocolName": "WIPASL27_S12_R5SENSE",
  "SeriesNumber": 13,
  "AcquisitionNumber": 13,
  "ImageComments": "HippoNC",
  "PhilipsRescaleSlope": 1.24542,
  "PhilipsRescaleIntercept": 0,
  "PhilipsScaleSlope": 0.000521548,
  "UsePhilipsFloatNotDisplayScaling": 1,
  "EchoTime": 0.01419,
  "RepetitionTime": 8.35828,
  "ImageOrientationPatientDICOM": [
    0.997768,
    0.0641457,
    -0.0185667,
    -0.0657469,
    0.992305,
    -0.104923
  ],
  "ConversionSoftware": "dcm2niix",
  "ConversionSoftwareVersion": "v1.0.20220720",
  "ArterialSpinLabelingType": "PCASL",
  "PostLabelingDelay": 1.525,
  "BackgroundSuppression": false,
  "M0Type": "Absent",
  "RepetitionTimePreparation": 0.5,
  "VascularCrushing": false,
  "AcquisitionVoxelSize": [
    3,
    3,
    5
  ],
  "MRAcquisitionType": "3D",
  "MagneticFieldStrength": 3,
  "TotalAcquiredPairs": 30,
  "LabelingDuration": 1.65,
  "FlipAngle": 90,
  "PulseSequenceDetails": "WIP",
  "LabelingPulseFlipAngle": 18,
  "LabelingPulseDuration": 500
}