{
  "Manufacturer": "Philips",
  "PatientPosition": "HFS",
  "SeriesDescription": "ImageMRSERIES",
  "ProtocolName": "WIPRestingStateSENSE",
  "SeriesNumber": 16,
  "AcquisitionNumber": 16,
  "ImageComments": "HippoMB",
  "PhilipsRescaleSlope": 1.62735,
  "PhilipsRescaleIntercept": 0,
  "PhilipsScaleSlope": 0.0007108,
  "UsePhilipsFloatNotDisplayScaling": 1,
  "EchoTime": 0.025,
  "RepetitionTime": 2,
  "ImageOrientationPatientDICOM": [
    0.999515,
    -0.011878,
    0.0287878,
    0.011863,
    0.999929,
    0.000690767
  ],
  "ConversionSoftware": "dcm2niix",
  "ConversionSoftwareVersion": "v1.0.20220720",
  "TaskName": "rest"
}