{
    "Manufacturer": "Philips",
    "PatientPosition": "HFS",
    "SeriesDescription": "ImageMRSERIES",
    "ProtocolName": "WIPMPRAGE2100SENSE",
    "SeriesNumber": 6,
    "AcquisitionNumber": 6,
    "ImageComments": "Hippo",
    "PhilipsRescaleSlope": 5.76142,
    "PhilipsRescaleIntercept": 0,
    "PhilipsScaleSlope": 0.000333405,
    "UsePhilipsFloatNotDisplayScaling": 1,
    "EchoTime": 0.00377,
    "RepetitionTime": 0.00822,
    "ImageOrientationPatientDICOM": [
        0.0660151,
        0.995463,
        -0.0685267,
        0.0505929,
        -0.0719275,
        -0.996126
    ],
    "ConversionSoftware": "dcm2niix",
    "ConversionSoftwareVersion": "v1.0.20220720"
}