{
  "Manufacturer": "Philips",
  "PatientPosition": "HFS",
  "SeriesDescription": "ImageMRSERIES",
  "ProtocolName": "HCBOLDSENSE",
  "SeriesNumber": 24,
  "AcquisitionNumber": 24,
  "ImageComments": "HippoHC",
  "PhilipsRescaleSlope": 1.55653,
  "PhilipsRescaleIntercept": 0,
  "PhilipsScaleSlope": 0.000840746,
  "UsePhilipsFloatNotDisplayScaling": 1,
  "EchoTime": 0.025,
  "RepetitionTime": 2,
  "ImageOrientationPatientDICOM": [
    0.999974,
    0.00488507,
    0.00523761,
    -0.00488684,
    0.999988,
    0.000323474
  ],
  "ConversionSoftware": "dcm2niix",
  "ConversionSoftwareVersion": "v1.0.20220720",
  "TaskName": "Hypercapnia"
}