{
  "Manufacturer": "Philips",
  "PatientPosition": "HFS",
  "SeriesDescription": "ImageMRSERIES",
  "ProtocolName": "LocSENSE",
  "SeriesNumber": 3,
  "AcquisitionNumber": 3,
  "ImageComments": "HIPPOHC",
  "PhilipsRescaleSlope": 2.16386,
  "PhilipsRescaleIntercept": 0,
  "PhilipsScaleSlope": 0.000862206,
  "UsePhilipsFloatNotDisplayScaling": 1,
  "EchoTime": 0.025,
  "RepetitionTime": 2,
  "ImageOrientationPatientDICOM": [
    0.995845,
    -0.0604509,
    -0.0681119,
    0.0605596,
    0.998164,
    -0.000470084
  ],
  "ConversionSoftware": "dcm2niix",
  "ConversionSoftwareVersion": "v1.0.20220720",
  "TaskName": "VentralVisual"
}