{
  "Manufacturer": "Philips",
  "PatientPosition": "HFS",
  "SeriesDescription": "ImageMRSERIES",
  "ProtocolName": "WIPRestingState(Cross)SENSE",
  "SeriesNumber": 10,
  "AcquisitionNumber": 10,
  "ImageComments": "HippoHCW3",
  "PhilipsRescaleSlope": 0.74872,
  "PhilipsRescaleIntercept": 0,
  "PhilipsScaleSlope": 0.00126369,
  "UsePhilipsFloatNotDisplayScaling": 1,
  "EchoTime": 0.025,
  "RepetitionTime": 2,
  "ImageOrientationPatientDICOM": [
    0.998927,
    -0.0443098,
    0.0134486,
    0.0443128,
    0.999018,
    7.24733E-5
  ],
  "ConversionSoftware": "dcm2niix",
  "ConversionSoftwareVersion": "v1.0.20220720",
  "TaskName": "rest"
}