{
    "Manufacturer": "Philips",
    "PatientPosition": "HFS",
    "SeriesDescription": "ImageMRSERIES",
    "ProtocolName": "WIPDTI3minSENSE",
    "SeriesNumber": 20,
    "AcquisitionNumber": 20,
    "ImageComments": "Hippo",
    "PhilipsRescaleSlope": 3.70305,
    "PhilipsRescaleIntercept": 0,
    "PhilipsScaleSlope": 0.00132313,
    "UsePhilipsFloatNotDisplayScaling": 1,
    "EchoTime": 0.051,
    "RepetitionTime": 4.41,
    "ImageOrientationPatientDICOM": [
        0.9999,
        -0.0124677,
        -0.00666099,
        0.0118676,
        0.99643,
        -0.0835889
    ],
    "ConversionSoftware": "dcm2niix",
    "ConversionSoftwareVersion": "v1.0.20220720"
}