{
    "Manufacturer": "Philips",
    "PatientPosition": "HFS",
    "SeriesDescription": "ImageMRSERIES",
    "ProtocolName": "WIPMPRAGE2100SENSE",
    "SeriesNumber": 11,
    "AcquisitionNumber": 11,
    "ImageComments": "Hippo",
    "PhilipsRescaleSlope": 5.33407,
    "PhilipsRescaleIntercept": 0,
    "PhilipsScaleSlope": 0.000374831,
    "UsePhilipsFloatNotDisplayScaling": 1,
    "EchoTime": 0.00373,
    "RepetitionTime": 0.008148,
    "ImageOrientationPatientDICOM": [
        -0.045343,
        0.998972,
        -4.90773e-05,
        -0.0296662,
        -0.00139565,
        -0.999559
    ],
    "ConversionSoftware": "dcm2niix",
    "ConversionSoftwareVersion": "v1.0.20220720"
}