{
  "Manufacturer": "Philips",
  "PatientPosition": "HFS",
  "SeriesDescription": "ImageMRSERIES",
  "ProtocolName": "ASL94-5-27Slice12SENSE",
  "SeriesNumber": 20,
  "AcquisitionNumber": 20,
  "ImageComments": "hippoHC",
  "PhilipsRescaleSlope": 1.33016,
  "PhilipsRescaleIntercept": 0,
  "PhilipsScaleSlope": 0.000731535,
  "UsePhilipsFloatNotDisplayScaling": 1,
  "EchoTime": 0.01377,
  "RepetitionTime": 4.15085,
  "ImageOrientationPatientDICOM": [
    0.997758,
    -0.00835305,
    -0.0664059,
    0.00801068,
    0.999953,
    -0.00542021
  ],
  "ConversionSoftware": "dcm2niix",
  "ConversionSoftwareVersion": "v1.0.20220720",
  "ArterialSpinLabelingType": "PCASL",
  "PostLabelingDelay": 1.525,
  "BackgroundSuppression": false,
  "M0Type": "Absent",
  "RepetitionTimePreparation": 0.5,
  "VascularCrushing": false,
  "AcquisitionVoxelSize": [
    3,
    3,
    5
  ],
  "MRAcquisitionType": "3D",
  "MagneticFieldStrength": 3,
  "TotalAcquiredPairs": 30,
  "LabelingDuration": 1.65,
  "FlipAngle": 90,
  "PulseSequenceDetails": "WIP",
  "LabelingPulseFlipAngle": 18,
  "LabelingPulseDuration": 500
}