{
  "Manufacturer": "Philips",
  "PatientPosition": "HFS",
  "SeriesDescription": "ImageMRSERIES",
  "ProtocolName": "WIPHCBOLDSENSE",
  "SeriesNumber": 27,
  "AcquisitionNumber": 27,
  "ImageComments": "HippoLMBHC",
  "PhilipsRescaleSlope": 2.28645,
  "PhilipsRescaleIntercept": 0,
  "PhilipsScaleSlope": 0.000839522,
  "UsePhilipsFloatNotDisplayScaling": 1,
  "EchoTime": 0.025,
  "RepetitionTime": 2,
  "ImageOrientationPatientDICOM": [
    0.997035,
    -0.0769509,
    -3.52599E-5,
    0.0686704,
    0.889952,
    -0.450855
  ],
  "ConversionSoftware": "dcm2niix",
  "ConversionSoftwareVersion": "v1.0.20220720",
  "TaskName": "Hypercapnia"
}