{
  "Manufacturer": "Philips",
  "PatientPosition": "HFS",
  "SeriesDescription": "ImageMRSERIES",
  "ProtocolName": "WIPScenesSENSE(3)SENSE",
  "SeriesNumber": 9,
  "AcquisitionNumber": 9,
  "ImageComments": "Hippo-LHC",
  "PhilipsRescaleSlope": 1.50476,
  "PhilipsRescaleIntercept": 0,
  "PhilipsScaleSlope": 0.000847772,
  "UsePhilipsFloatNotDisplayScaling": 1,
  "EchoTime": 0.025,
  "RepetitionTime": 2,
  "ImageOrientationPatientDICOM": [
    0.998284,
    0.0115933,
    0.0574062,
    -0.0116742,
    0.999931,
    0.00107413
  ],
  "ConversionSoftware": "dcm2niix",
  "ConversionSoftwareVersion": "v1.0.20220720",
  "TaskName": "Scenes"
}