{
  "Manufacturer": "Philips",
  "PatientPosition": "HFS",
  "SeriesDescription": "ImageMRSERIES",
  "ProtocolName": "WIPASL94-5-27Slice12TR4185",
  "SeriesNumber": 12,
  "AcquisitionNumber": 12,
  "ImageComments": "HippoNewcohort",
  "PhilipsRescaleSlope": 1.29573,
  "PhilipsRescaleIntercept": 0,
  "PhilipsScaleSlope": 0.000575336,
  "UsePhilipsFloatNotDisplayScaling": 1,
  "EchoTime": 0.01379,
  "RepetitionTime": 8.35828,
  "ImageOrientationPatientDICOM": [
    0.999924,
    -0.0118668,
    -0.00332003,
    0.0118679,
    0.999929,
    0.000309686
  ],
  "ConversionSoftware": "dcm2niix",
  "ConversionSoftwareVersion": "v1.0.20220720",
  "ArterialSpinLabelingType": "PCASL",
  "PostLabelingDelay": 1.525,
  "BackgroundSuppression": false,
  "M0Type": "Absent",
  "RepetitionTimePreparation": 0.5,
  "VascularCrushing": false,
  "AcquisitionVoxelSize": [
    3,
    3,
    5
  ],
  "MRAcquisitionType": "3D",
  "MagneticFieldStrength": 3,
  "TotalAcquiredPairs": 30,
  "LabelingDuration": 1.65,
  "FlipAngle": 90,
  "PulseSequenceDetails": "WIP",
  "LabelingPulseFlipAngle": 18,
  "LabelingPulseDuration": 500
}