{
  "Manufacturer": "Philips",
  "PatientPosition": "HFS",
  "SeriesDescription": "ImageMRSERIES",
  "ProtocolName": "WIPHCBOLDSENSE",
  "SeriesNumber": 13,
  "AcquisitionNumber": 13,
  "ImageComments": "HippoHCW3",
  "PhilipsRescaleSlope": 0.79731,
  "PhilipsRescaleIntercept": 0,
  "PhilipsScaleSlope": 0.00116712,
  "UsePhilipsFloatNotDisplayScaling": 1,
  "EchoTime": 0.025,
  "RepetitionTime": 2,
  "ImageOrientationPatientDICOM": [
    0.999466,
    0.0110987,
    -0.030725,
    -0.0101179,
    0.99944,
    0.0318979
  ],
  "ConversionSoftware": "dcm2niix",
  "ConversionSoftwareVersion": "v1.0.20220720",
  "TaskName": "Hypercapnia"
}