{
    "Manufacturer": "Philips",
    "PatientPosition": "HFS",
    "SeriesDescription": "ImageMRSERIES",
    "ProtocolName": "DTI3minSENSE",
    "SeriesNumber": 14,
    "AcquisitionNumber": 14,
    "ImageComments": "fMRI",
    "PhilipsRescaleSlope": 4.27155,
    "PhilipsRescaleIntercept": 0,
    "PhilipsScaleSlope": 0.00139019,
    "UsePhilipsFloatNotDisplayScaling": 1,
    "EchoTime": 0.051,
    "RepetitionTime": 4.41,
    "ImageOrientationPatientDICOM": [
        0.999802,
        -0.00262832,
        0.0197195,
        0.00261748,
        0.999996,
        0.000575226
    ],
    "ConversionSoftware": "dcm2niix",
    "ConversionSoftwareVersion": "v1.0.20220720"
}