{
    "Manufacturer": "Philips",
    "PatientPosition": "HFS",
    "SeriesDescription": "ImageMRSERIES",
    "ProtocolName": "MPRAGE2100SENSE",
    "SeriesNumber": 12,
    "AcquisitionNumber": 12,
    "ImageComments": "HippoHC",
    "PhilipsRescaleSlope": 6.28694,
    "PhilipsRescaleIntercept": 0,
    "PhilipsScaleSlope": 0.000352257,
    "UsePhilipsFloatNotDisplayScaling": 1,
    "EchoTime": 0.0037,
    "RepetitionTime": 0.008087,
    "ImageOrientationPatientDICOM": [
        -0.00942315,
        0.999956,
        0.000355804,
        0.0178014,
        0.000523516,
        -0.999841
    ],
    "ConversionSoftware": "dcm2niix",
    "ConversionSoftwareVersion": "v1.0.20220720"
}