{
  "Manufacturer": "Philips",
  "PatientPosition": "HFS",
  "SeriesDescription": "ImageMRSERIES",
  "ProtocolName": "WordsSENSE",
  "SeriesNumber": 6,
  "AcquisitionNumber": 6,
  "ImageComments": "fMRI",
  "PhilipsRescaleSlope": 1.69695,
  "PhilipsRescaleIntercept": 0,
  "PhilipsScaleSlope": 0.000859034,
  "UsePhilipsFloatNotDisplayScaling": 1,
  "EchoTime": 0.025,
  "RepetitionTime": 2,
  "ImageOrientationPatientDICOM": [
    0.999958,
    0.00578614,
    -0.00708277,
    -0.00610847,
    0.998906,
    -0.0463667
  ],
  "ConversionSoftware": "dcm2niix",
  "ConversionSoftwareVersion": "v1.0.20220720",
  "TaskName": "Words"
}