{
  "Manufacturer": "Philips",
  "PatientPosition": "HFS",
  "SeriesDescription": "ImageMRSERIES",
  "ProtocolName": "WordsSENSE",
  "SeriesNumber": 6,
  "AcquisitionNumber": 6,
  "ImageComments": "HC",
  "PhilipsRescaleSlope": 1.74774,
  "PhilipsRescaleIntercept": 0,
  "PhilipsScaleSlope": 0.000794271,
  "UsePhilipsFloatNotDisplayScaling": 1,
  "EchoTime": 0.025,
  "RepetitionTime": 2,
  "ReconMatrixPE": 64,
  "ImageOrientationPatientDICOM": [
    0.999296,
    0.0285856,
    0.0242877,
    -0.0286111,
    0.99959,
    0.000701449
  ],
  "ConversionSoftware": "dcm2niix",
  "ConversionSoftwareVersion": "v1.0.20181114  Clang4.0.1",
  "TaskName": "Words"
}