{
  "Manufacturer": "Philips",
  "PatientPosition": "HFS",
  "SeriesDescription": "ImageMRSERIES",
  "ProtocolName": "RestingStateSENSE",
  "SeriesNumber": 15,
  "AcquisitionNumber": 15,
  "ImageComments": "Hippo",
  "PhilipsRescaleSlope": 1.77631,
  "PhilipsRescaleIntercept": 0,
  "PhilipsScaleSlope": 0.000764286,
  "UsePhilipsFloatNotDisplayScaling": 1,
  "EchoTime": 0.025,
  "RepetitionTime": 2,
  "ImageOrientationPatientDICOM": [
    0.997162,
    0.0411216,
    0.063062,
    -0.0412705,
    0.999147,
    0.00105832
  ],
  "ConversionSoftware": "dcm2niix",
  "ConversionSoftwareVersion": "v1.0.20220720",
  "TaskName": "rest"
}