{
  "Manufacturer": "Philips",
  "PatientPosition": "HFS",
  "SeriesDescription": "ImageMRSERIES",
  "ProtocolName": "WIPASL94-5-27Slice12TR4185",
  "SeriesNumber": 12,
  "AcquisitionNumber": 12,
  "ImageComments": "HippoNC",
  "PhilipsRescaleSlope": 1.37851,
  "PhilipsRescaleIntercept": 0,
  "PhilipsScaleSlope": 0.000574089,
  "UsePhilipsFloatNotDisplayScaling": 1,
  "EchoTime": 0.0138,
  "RepetitionTime": 8.35828,
  "ImageOrientationPatientDICOM": [
    0.999994,
    0.00166286,
    -0.00301405,
    -0.00174532,
    0.999618,
    -0.0275675
  ],
  "ConversionSoftware": "dcm2niix",
  "ConversionSoftwareVersion": "v1.0.20220720",
  "ArterialSpinLabelingType": "PCASL",
  "PostLabelingDelay": 1.525,
  "BackgroundSuppression": false,
  "M0Type": "Absent",
  "RepetitionTimePreparation": 0.5,
  "VascularCrushing": false,
  "AcquisitionVoxelSize": [
    3,
    3,
    5
  ],
  "MRAcquisitionType": "3D",
  "MagneticFieldStrength": 3,
  "TotalAcquiredPairs": 30,
  "LabelingDuration": 1.65,
  "FlipAngle": 90,
  "PulseSequenceDetails": "WIP",
  "LabelingPulseFlipAngle": 18,
  "LabelingPulseDuration": 500
}