{
    "Manufacturer": "Philips",
    "PatientPosition": "HFS",
    "SeriesDescription": "ImageMRSERIES",
    "ProtocolName": "WIPMPRAGE2100SENSE",
    "SeriesNumber": 11,
    "AcquisitionNumber": 11,
    "ImageComments": "HhippoLHC",
    "PhilipsRescaleSlope": 5.90256,
    "PhilipsRescaleIntercept": 0,
    "PhilipsScaleSlope": 0.000362289,
    "UsePhilipsFloatNotDisplayScaling": 1,
    "EchoTime": 0.00376,
    "RepetitionTime": 0.008215,
    "ImageOrientationPatientDICOM": [
        -0.125676,
        0.992071,
        0.000250609,
        -0.00750485,
        -0.000698112,
        -0.999972
    ],
    "ConversionSoftware": "dcm2niix",
    "ConversionSoftwareVersion": "v1.0.20220720"
}