{
  "Manufacturer": "Philips",
  "PatientPosition": "HFS",
  "SeriesDescription": "ImageMRSERIES",
  "ProtocolName": "WIPLocSENSE",
  "SeriesNumber": 3,
  "AcquisitionNumber": 3,
  "ImageComments": "HippoMB",
  "PhilipsRescaleSlope": 1.80098,
  "PhilipsRescaleIntercept": 0,
  "PhilipsScaleSlope": 0.000795841,
  "UsePhilipsFloatNotDisplayScaling": 1,
  "EchoTime": 0.025,
  "RepetitionTime": 2,
  "ImageOrientationPatientDICOM": [
    0.995563,
    -0.0134606,
    0.093125,
    0.0394639,
    0.958192,
    -0.283393
  ],
  "ConversionSoftware": "dcm2niix",
  "ConversionSoftwareVersion": "v1.0.20220720",
  "TaskName": "VentralVisual"
}