{
    "Manufacturer": "Philips",
    "PatientPosition": "HFS",
    "SeriesDescription": "ImageMRSERIES",
    "ProtocolName": "MPRAGE2100SENSE",
    "SeriesNumber": 11,
    "AcquisitionNumber": 11,
    "ImageComments": "Hippo",
    "PhilipsRescaleSlope": 5.81123,
    "PhilipsRescaleIntercept": 0,
    "PhilipsScaleSlope": 0.000338425,
    "UsePhilipsFloatNotDisplayScaling": 1,
    "EchoTime": 0.0037,
    "RepetitionTime": 0.008088,
    "ImageOrientationPatientDICOM": [
        0.0225119,
        0.999746,
        0.000557224,
        0.00925011,
        0.000349051,
        -0.999957
    ],
    "ConversionSoftware": "dcm2niix",
    "ConversionSoftwareVersion": "v1.0.20220720"
}