{
  "Manufacturer": "Philips",
  "PatientPosition": "HFS",
  "SeriesDescription": "ImageMRSeries",
  "ProtocolName": "WordsSENSE",
  "SeriesNumber": 2,
  "AcquisitionNumber": 2,
  "ImageComments": "HippoNC",
  "PhilipsRescaleSlope": 0.8083,
  "PhilipsRescaleIntercept": 0,
  "PhilipsScaleSlope": 0.00116166,
  "UsePhilipsFloatNotDisplayScaling": 1,
  "EchoTime": 0.025,
  "RepetitionTime": 2,
  "ReconMatrixPE": 64,
  "ImageOrientationPatientDICOM": [
    0.998946,
    -0.00123139,
    -0.0458814,
    0.00104609,
    0.999991,
    -0.0040623
  ],
  "ConversionSoftware": "dcm2niix",
  "ConversionSoftwareVersion": "v1.0.20190902",
  "TaskName": "Words"
}