{
    "Manufacturer": "Philips",
    "PatientPosition": "HFS",
    "SeriesDescription": "ImageMRSERIES",
    "ProtocolName": "WIPMPRAGE2100SENSE",
    "SeriesNumber": 11,
    "AcquisitionNumber": 11,
    "ImageComments": "HippoLMB",
    "PhilipsRescaleSlope": 6.22589,
    "PhilipsRescaleIntercept": 0,
    "PhilipsScaleSlope": 0.000374587,
    "UsePhilipsFloatNotDisplayScaling": 1,
    "EchoTime": 0.00374,
    "RepetitionTime": 0.008171,
    "ReconMatrixPE": 256,
    "ImageOrientationPatientDICOM": [
        0.0578786,
        0.997488,
        -0.0408249,
        -0.0342018,
        -0.0388882,
        -0.998658
    ],
    "ConversionSoftware": "dcm2niix",
    "ConversionSoftwareVersion": "v1.0.20181114  Clang4.0.1"
}