{
  "Manufacturer": "Philips",
  "PatientPosition": "HFS",
  "SeriesDescription": "ImageMRSERIES",
  "ProtocolName": "WIPHCBOLDSENSE",
  "SeriesNumber": 26,
  "AcquisitionNumber": 26,
  "ImageComments": "HippoMBHC",
  "PhilipsRescaleSlope": 2.01734,
  "PhilipsRescaleIntercept": 0,
  "PhilipsScaleSlope": 0.000822647,
  "UsePhilipsFloatNotDisplayScaling": 1,
  "EchoTime": 0.025,
  "RepetitionTime": 2,
  "ImageOrientationPatientDICOM": [
    0.99719,
    -0.0674352,
    0.0326384,
    0.0718293,
    0.984385,
    -0.160708
  ],
  "ConversionSoftware": "dcm2niix",
  "ConversionSoftwareVersion": "v1.0.20220720",
  "TaskName": "Hypercapnia"
}