{
  "Manufacturer": "Philips",
  "PatientPosition": "HFS",
  "SeriesDescription": "ImageMRSERIES",
  "ProtocolName": "WIPRestingState(Cross)SENSE",
  "SeriesNumber": 2,
  "AcquisitionNumber": 2,
  "ImageComments": "HippoW3",
  "PhilipsRescaleSlope": 0.74652,
  "PhilipsRescaleIntercept": 0,
  "PhilipsScaleSlope": 0.00122452,
  "UsePhilipsFloatNotDisplayScaling": 1,
  "EchoTime": 0.025,
  "RepetitionTime": 2,
  "ImageOrientationPatientDICOM": [
    0.999057,
    -0.0283216,
    0.0329237,
    0.0329676,
    0.988071,
    -0.150429
  ],
  "ConversionSoftware": "dcm2niix",
  "ConversionSoftwareVersion": "v1.0.20220720",
  "TaskName": "rest"
}