{
    "Manufacturer": "Philips",
    "PatientPosition": "HFS",
    "SeriesDescription": "ImageMRSERIES",
    "ProtocolName": "WIPT2W_FLAIR642.5nogapSENSE",
    "SeriesNumber": 10,
    "AcquisitionNumber": 10,
    "ImageComments": "Hippo",
    "PhilipsRescaleSlope": 5.44664,
    "PhilipsRescaleIntercept": 0,
    "PhilipsScaleSlope": 0.0186694,
    "UsePhilipsFloatNotDisplayScaling": 1,
    "EchoTime": 0.125,
    "RepetitionTime": 11,
    "InversionTime": 2.8,
    "ImageOrientationPatientDICOM": [
        0.99943,
        0.0114909,
        -0.0317274,
        -0.0163982,
        0.987136,
        -0.159038
    ],
    "ConversionSoftware": "dcm2niix",
    "ConversionSoftwareVersion": "v1.0.20220720"
}