{
  "Manufacturer": "Philips",
  "PatientPosition": "HFS",
  "SeriesDescription": "ImageMRSERIES",
  "ProtocolName": "WIPHCBOLDSENSE",
  "SeriesNumber": 25,
  "AcquisitionNumber": 25,
  "ImageComments": "HippoMBHC",
  "PhilipsRescaleSlope": 1.81563,
  "PhilipsRescaleIntercept": 0,
  "PhilipsScaleSlope": 0.000761017,
  "UsePhilipsFloatNotDisplayScaling": 1,
  "EchoTime": 0.025,
  "RepetitionTime": 2,
  "ImageOrientationPatientDICOM": [
    1,
    0,
    0,
    0,
    0.991604,
    -0.129315
  ],
  "ConversionSoftware": "dcm2niix",
  "ConversionSoftwareVersion": "v1.0.20220720",
  "TaskName": "Hypercapnia"
}