{
    "Manufacturer": "Philips",
    "PatientPosition": "HFS",
    "SeriesDescription": "ImageMRSERIES",
    "ProtocolName": "MPRAGE2100SENSE",
    "SeriesNumber": 11,
    "AcquisitionNumber": 11,
    "ImageComments": "HippoHC",
    "PhilipsRescaleSlope": 5.80708,
    "PhilipsRescaleIntercept": 0,
    "PhilipsScaleSlope": 0.000367019,
    "UsePhilipsFloatNotDisplayScaling": 1,
    "EchoTime": 0.00369,
    "RepetitionTime": 0.008084,
    "ImageOrientationPatientDICOM": [
        0.0183241,
        0.999832,
        0.000521713,
        0.00942464,
        0.00034905,
        -0.999956
    ],
    "ConversionSoftware": "dcm2niix",
    "ConversionSoftwareVersion": "v1.0.20220720"
}