{
  "Manufacturer": "Philips",
  "PatientPosition": "HFS",
  "SeriesDescription": "ImageMRSERIES",
  "ProtocolName": "WIPRestingStateSENSE",
  "SeriesNumber": 9,
  "AcquisitionNumber": 9,
  "ImageComments": "HippoLHC",
  "PhilipsRescaleSlope": 1.74945,
  "PhilipsRescaleIntercept": 0,
  "PhilipsScaleSlope": 0.000811338,
  "UsePhilipsFloatNotDisplayScaling": 1,
  "EchoTime": 0.025,
  "RepetitionTime": 2,
  "ImageOrientationPatientDICOM": [
    0.995976,
    -0.0802758,
    0.0398506,
    0.0803093,
    0.99677,
    0.000761912
  ],
  "ConversionSoftware": "dcm2niix",
  "ConversionSoftwareVersion": "v1.0.20220720",
  "TaskName": "rest"
}