{
    "Manufacturer": "Philips",
    "PatientPosition": "HFS",
    "SeriesDescription": "ImageMRSERIES",
    "ProtocolName": "WIPMPRAGE2100SENSE",
    "SeriesNumber": 5,
    "AcquisitionNumber": 5,
    "ImageComments": "HippoNC",
    "PhilipsRescaleSlope": 4.18291,
    "PhilipsRescaleIntercept": 0,
    "PhilipsScaleSlope": 0.000371025,
    "UsePhilipsFloatNotDisplayScaling": 1,
    "EchoTime": 0.00378,
    "RepetitionTime": 0.008255,
    "ImageOrientationPatientDICOM": [
        -0.108553,
        0.99409,
        0.00083355,
        -0.0507672,
        -0.0047063,
        -0.998699
    ],
    "ConversionSoftware": "dcm2niix",
    "ConversionSoftwareVersion": "v1.0.20220720"
}