{
    "Manufacturer": "Philips",
    "PatientPosition": "HFS",
    "SeriesDescription": "ImageMRSERIES",
    "ProtocolName": "WIPMPRAGE2100SENSE",
    "SeriesNumber": 11,
    "AcquisitionNumber": 11,
    "ImageComments": "HippoLMB",
    "PhilipsRescaleSlope": 6.23687,
    "PhilipsRescaleIntercept": 0,
    "PhilipsScaleSlope": 0.000386814,
    "UsePhilipsFloatNotDisplayScaling": 1,
    "EchoTime": 0.00373,
    "RepetitionTime": 0.008128,
    "ImageOrientationPatientDICOM": [
        0.0129099,
        0.999418,
        -0.0315665,
        0.0282706,
        -0.0319213,
        -0.99909
    ],
    "ConversionSoftware": "dcm2niix",
    "ConversionSoftwareVersion": "v1.0.20220720"
}