{
  "Manufacturer": "Philips",
  "PatientPosition": "HFS",
  "SeriesDescription": "ImageMRSERIES",
  "ProtocolName": "WIPASL94-5-27Slice12SENSE",
  "SeriesNumber": 13,
  "AcquisitionNumber": 13,
  "ImageComments": "Hippo",
  "PhilipsRescaleSlope": 1.48669,
  "PhilipsRescaleIntercept": 0,
  "PhilipsScaleSlope": 0.00054287,
  "UsePhilipsFloatNotDisplayScaling": 1,
  "EchoTime": 0.01379,
  "RepetitionTime": 4.15085,
  "ImageOrientationPatientDICOM": [
    0.998252,
    -0.0386977,
    0.0446658,
    0.038698,
    0.999251,
    0.000858183
  ],
  "ConversionSoftware": "dcm2niix",
  "ConversionSoftwareVersion": "v1.0.20220720",
  "ArterialSpinLabelingType": "PCASL",
  "PostLabelingDelay": 1.525,
  "BackgroundSuppression": false,
  "M0Type": "Absent",
  "RepetitionTimePreparation": 0.5,
  "VascularCrushing": false,
  "AcquisitionVoxelSize": [
    3,
    3,
    5
  ],
  "MRAcquisitionType": "3D",
  "MagneticFieldStrength": 3,
  "TotalAcquiredPairs": 30,
  "LabelingDuration": 1.65,
  "FlipAngle": 90,
  "PulseSequenceDetails": "WIP",
  "LabelingPulseFlipAngle": 18,
  "LabelingPulseDuration": 500
}