{
    "Manufacturer": "Philips",
    "PatientPosition": "HFS",
    "SeriesDescription": "ImageMRSERIES",
    "ProtocolName": "DTI3minSENSE",
    "SeriesNumber": 15,
    "AcquisitionNumber": 15,
    "ImageComments": "HippoHC",
    "PhilipsRescaleSlope": 4.12576,
    "PhilipsRescaleIntercept": 0,
    "PhilipsScaleSlope": 0.00142448,
    "UsePhilipsFloatNotDisplayScaling": 1,
    "EchoTime": 0.051,
    "RepetitionTime": 4.41,
    "ReconMatrixPE": 128,
    "ImageOrientationPatientDICOM": [
        0.998719,
        -0.0430639,
        -0.0265539,
        0.0430811,
        0.999072,
        7.74286e-05
    ],
    "ConversionSoftware": "dcm2niix",
    "ConversionSoftwareVersion": "v1.0.20181114  Clang4.0.1"
}