{
  "Manufacturer": "Philips",
  "PatientPosition": "HFS",
  "SeriesDescription": "ImageMRSeries",
  "ProtocolName": "WIPASL27_S12_R5SENSE",
  "SeriesNumber": 11,
  "AcquisitionNumber": 11,
  "ImageComments": "Hippo",
  "PhilipsRescaleSlope": 1.26154,
  "PhilipsRescaleIntercept": 0,
  "PhilipsScaleSlope": 0.000431421,
  "UsePhilipsFloatNotDisplayScaling": 1,
  "EchoTime": 0.0142,
  "RepetitionTime": 8.35828,
  "ReconMatrixPE": 80,
  "ImageOrientationPatientDICOM": [
    0.999053,
    -0.0171621,
    -0.0399844,
    0.016392,
    0.999675,
    -0.019507
  ],
  "ConversionSoftware": "dcm2niix",
  "ConversionSoftwareVersion": "v1.0.20190902",
  "ArterialSpinLabelingType": "PCASL",
  "MRAcquisitionType": "3D",
  "MagneticFieldStrength": 3,
  "PostLabelingDelay": 1.525,
  "BackgroundSuppression": false,
  "M0Type": "Absent",
  "TotalAcquiredPairs": 30,
  "LabelingDuration": 1.65,
  "VascularCrushing": false,
  "AcquisitionVoxelSize": [
    3,
    3,
    5
  ],
  "FlipAngle": 90,
  "PulseSequenceDetails": "WIP",
  "RepetitionTimePreparation": 0.5,
  "LabelingPulseFlipAngle": 18,
  "LabelingPulseDuration": 500
}