{
    "Manufacturer": "Philips",
    "PatientPosition": "HFS",
    "SeriesDescription": "ImageMRSERIES",
    "ProtocolName": "WIPMPRAGE2100SENSE",
    "SeriesNumber": 11,
    "AcquisitionNumber": 11,
    "ImageComments": "Hippo",
    "PhilipsRescaleSlope": 5.3641,
    "PhilipsRescaleIntercept": 0,
    "PhilipsScaleSlope": 0.000373208,
    "UsePhilipsFloatNotDisplayScaling": 1,
    "EchoTime": 0.00376,
    "RepetitionTime": 0.008213,
    "ImageOrientationPatientDICOM": [
        -0.0802933,
        0.996517,
        -0.0225176,
        -0.0444912,
        -0.026151,
        -0.998667
    ],
    "ConversionSoftware": "dcm2niix",
    "ConversionSoftwareVersion": "v1.0.20220720"
}