{
  "Manufacturer": "Philips",
  "PatientPosition": "HFS",
  "SeriesDescription": "ImageMRSERIES",
  "ProtocolName": "WIPRestingStateSENSE",
  "SeriesNumber": 14,
  "AcquisitionNumber": 14,
  "ImageComments": "Hippo",
  "PhilipsRescaleSlope": 1.44347,
  "PhilipsRescaleIntercept": 0,
  "PhilipsScaleSlope": 0.000708885,
  "UsePhilipsFloatNotDisplayScaling": 1,
  "EchoTime": 0.025,
  "RepetitionTime": 2,
  "ImageOrientationPatientDICOM": [
    0.999559,
    0.00917668,
    -0.0282453,
    -0.0101188,
    0.999391,
    -0.0333943
  ],
  "ConversionSoftware": "dcm2niix",
  "ConversionSoftwareVersion": "v1.0.20220720",
  "TaskName": "rest"
}