{
    "Manufacturer": "Philips",
    "PatientPosition": "HFS",
    "SeriesDescription": "ImageMRSERIES",
    "ProtocolName": "WIPT2W_FLAIR642.5nogapSENSE",
    "SeriesNumber": 9,
    "AcquisitionNumber": 9,
    "ImageComments": "HIPPO",
    "PhilipsRescaleSlope": 5.34359,
    "PhilipsRescaleIntercept": 0,
    "PhilipsScaleSlope": 0.0133358,
    "UsePhilipsFloatNotDisplayScaling": 1,
    "EchoTime": 0.125,
    "RepetitionTime": 11,
    "InversionTime": 2.8,
    "ImageOrientationPatientDICOM": [
        0.999705,
        -0.0212168,
        0.0118322,
        0.0221628,
        0.996,
        -0.086567
    ],
    "ConversionSoftware": "dcm2niix",
    "ConversionSoftwareVersion": "v1.0.20220720"
}