{
    "Manufacturer": "Philips",
    "PatientPosition": "HFS",
    "SeriesDescription": "ImageMRSERIES",
    "ProtocolName": "WIPMPRAGE2100SENSE",
    "SeriesNumber": 5,
    "AcquisitionNumber": 5,
    "ImageComments": "HIPPO",
    "PhilipsRescaleSlope": 4.12137,
    "PhilipsRescaleIntercept": 0,
    "PhilipsScaleSlope": 0.00031347,
    "UsePhilipsFloatNotDisplayScaling": 1,
    "EchoTime": 0.00375,
    "RepetitionTime": 0.008156,
    "ImageOrientationPatientDICOM": [
        0.0221628,
        0.996,
        -0.086567,
        0.00994821,
        -0.0868037,
        -0.996176
    ],
    "ConversionSoftware": "dcm2niix",
    "ConversionSoftwareVersion": "v1.0.20220720"
}