{
  "Manufacturer": "Philips",
  "PatientPosition": "HFS",
  "SeriesDescription": "ImageMRSERIES",
  "ProtocolName": "ASL94-5-27Slice12SENSE",
  "SeriesNumber": 17,
  "AcquisitionNumber": 17,
  "ImageComments": "HIPPOHC",
  "PhilipsRescaleSlope": 1.29426,
  "PhilipsRescaleIntercept": 0,
  "PhilipsScaleSlope": 0.000672525,
  "UsePhilipsFloatNotDisplayScaling": 1,
  "EchoTime": 0.01384,
  "RepetitionTime": 4.15085,
  "ReconMatrixPE": 80,
  "ImageOrientationPatientDICOM": [
    0.999798,
    -0.0130914,
    -0.01526,
    0.0118664,
    0.9969,
    -0.0777757
  ],
  "ConversionSoftware": "dcm2niix",
  "ConversionSoftwareVersion": "v1.0.20181114  Clang4.0.1",
  "ArterialSpinLabelingType": "PCASL",
  "PostLabelingDelay": 1.525,
  "BackgroundSuppression": false,
  "M0Type": "Absent",
  "RepetitionTimePreparation": 0.5,
  "VascularCrushing": false,
  "AcquisitionVoxelSize": [
    3,
    3,
    5
  ],
  "MRAcquisitionType": "3D",
  "MagneticFieldStrength": 3,
  "TotalAcquiredPairs": 30,
  "LabelingDuration": 1.65,
  "FlipAngle": 90,
  "PulseSequenceDetails": "WIP",
  "LabelingPulseFlipAngle": 18,
  "LabelingPulseDuration": 500
}