{
  "Manufacturer": "Philips",
  "PatientPosition": "HFS",
  "SeriesDescription": "ImageMRSERIES",
  "ProtocolName": "WIPRestingStateSENSE",
  "SeriesNumber": 16,
  "AcquisitionNumber": 16,
  "ImageComments": "HippoMBHC",
  "PhilipsRescaleSlope": 1.62979,
  "PhilipsRescaleIntercept": 0,
  "PhilipsScaleSlope": 0.000701498,
  "UsePhilipsFloatNotDisplayScaling": 1,
  "EchoTime": 0.025,
  "RepetitionTime": 2,
  "ImageOrientationPatientDICOM": [
    0.9999,
    -0.0125798,
    -0.00644678,
    0.0118676,
    0.994854,
    -0.100619
  ],
  "ConversionSoftware": "dcm2niix",
  "ConversionSoftwareVersion": "v1.0.20220720",
  "TaskName": "rest"
}