{
  "Manufacturer": "Philips",
  "PatientPosition": "HFS",
  "SeriesDescription": "ImageMRSERIES",
  "ProtocolName": "WIPHCBOLDSENSE",
  "SeriesNumber": 14,
  "AcquisitionNumber": 14,
  "ImageComments": "HippoW3HC",
  "PhilipsRescaleSlope": 0.73773,
  "PhilipsRescaleIntercept": 0,
  "PhilipsScaleSlope": 0.00110672,
  "UsePhilipsFloatNotDisplayScaling": 1,
  "EchoTime": 0.025,
  "RepetitionTime": 2,
  "ImageOrientationPatientDICOM": [
    0.995161,
    5.68964E-5,
    -0.0982536,
    -0.0128537,
    0.991481,
    -0.129614
  ],
  "ConversionSoftware": "dcm2niix",
  "ConversionSoftwareVersion": "v1.0.20220720",
  "TaskName": "Hypercapnia"
}