{
  "Manufacturer": "Philips",
  "PatientPosition": "HFS",
  "SeriesDescription": "ImageMRSERIES",
  "ProtocolName": "LocSENSE(2)SENSE",
  "SeriesNumber": 4,
  "AcquisitionNumber": 4,
  "ImageComments": "hippoHC",
  "PhilipsRescaleSlope": 1.71917,
  "PhilipsRescaleIntercept": 0,
  "PhilipsScaleSlope": 0.000923402,
  "UsePhilipsFloatNotDisplayScaling": 1,
  "EchoTime": 0.025,
  "RepetitionTime": 2,
  "ImageOrientationPatientDICOM": [
    0.997242,
    -0.041398,
    -0.0616049,
    0.0414481,
    0.999141,
    -0.000464266
  ],
  "ConversionSoftware": "dcm2niix",
  "ConversionSoftwareVersion": "v1.0.20220720",
  "TaskName": "VentralVisual"
}