{
  "Manufacturer": "Philips",
  "PatientPosition": "HFS",
  "SeriesDescription": "ImageMRSERIES",
  "ProtocolName": "ASL94-5-27Slice12SENSE",
  "SeriesNumber": 19,
  "AcquisitionNumber": 19,
  "ImageComments": "HippoHC",
  "PhilipsRescaleSlope": 1.2823,
  "PhilipsRescaleIntercept": 0,
  "PhilipsScaleSlope": 0.000674724,
  "UsePhilipsFloatNotDisplayScaling": 1,
  "EchoTime": 0.01378,
  "RepetitionTime": 4.15085,
  "ImageOrientationPatientDICOM": [
    0.99491,
    -0.0521884,
    0.0861988,
    0.0505741,
    0.998504,
    0.0208083
  ],
  "ConversionSoftware": "dcm2niix",
  "ConversionSoftwareVersion": "v1.0.20220720",
  "ArterialSpinLabelingType": "PCASL",
  "PostLabelingDelay": 1.525,
  "BackgroundSuppression": false,
  "M0Type": "Absent",
  "RepetitionTimePreparation": 0.5,
  "VascularCrushing": false,
  "AcquisitionVoxelSize": [
    3,
    3,
    5
  ],
  "MRAcquisitionType": "3D",
  "MagneticFieldStrength": 3,
  "TotalAcquiredPairs": 30,
  "LabelingDuration": 1.65,
  "FlipAngle": 90,
  "PulseSequenceDetails": "WIP",
  "LabelingPulseFlipAngle": 18,
  "LabelingPulseDuration": 500
}