{
  "Manufacturer": "Philips",
  "PatientPosition": "HFS",
  "SeriesDescription": "ImageMRSERIES",
  "ProtocolName": "HCBOLDSENSE",
  "SeriesNumber": 23,
  "AcquisitionNumber": 23,
  "ImageComments": "HIPPOHC",
  "PhilipsRescaleSlope": 2.06716,
  "PhilipsRescaleIntercept": 0,
  "PhilipsScaleSlope": 0.000835838,
  "UsePhilipsFloatNotDisplayScaling": 1,
  "EchoTime": 0.025,
  "RepetitionTime": 2,
  "ReconMatrixPE": 64,
  "ImageOrientationPatientDICOM": [
    0.998117,
    -0.0451173,
    -0.0415581,
    0.0388672,
    0.98931,
    -0.140551
  ],
  "ConversionSoftware": "dcm2niix",
  "ConversionSoftwareVersion": "v1.0.20181114  Clang4.0.1",
  "TaskName": "Hypercapnia"
}