{
  "Manufacturer": "Philips",
  "PatientPosition": "HFS",
  "SeriesDescription": "ImageMRSERIES",
  "ProtocolName": "WordsSENSE",
  "SeriesNumber": 6,
  "AcquisitionNumber": 6,
  "ImageComments": "HippoHC",
  "PhilipsRescaleSlope": 1.78413,
  "PhilipsRescaleIntercept": 0,
  "PhilipsScaleSlope": 0.000854206,
  "UsePhilipsFloatNotDisplayScaling": 1,
  "EchoTime": 0.025,
  "RepetitionTime": 2,
  "ImageOrientationPatientDICOM": [
    0.997262,
    -0.0211515,
    -0.0708591,
    0.0160144,
    0.997255,
    -0.0722963
  ],
  "ConversionSoftware": "dcm2niix",
  "ConversionSoftwareVersion": "v1.0.20220720",
  "TaskName": "Words"
}