{
    "Manufacturer": "Philips",
    "PatientPosition": "HFS",
    "SeriesDescription": "ImageMRSERIES",
    "ProtocolName": "MPRAGE2100SENSE",
    "SeriesNumber": 9,
    "AcquisitionNumber": 9,
    "ImageComments": "Hippo",
    "PhilipsRescaleSlope": 5.90891,
    "PhilipsRescaleIntercept": 0,
    "PhilipsScaleSlope": 0.000372349,
    "UsePhilipsFloatNotDisplayScaling": 1,
    "EchoTime": 0.00375,
    "RepetitionTime": 0.008161,
    "ImageOrientationPatientDICOM": [
        -0.00156949,
        0.998296,
        -0.0583249,
        0.0408294,
        -0.0582124,
        -0.997469
    ],
    "ConversionSoftware": "dcm2niix",
    "ConversionSoftwareVersion": "v1.0.20220720"
}