{
    "Manufacturer": "Philips",
    "PatientPosition": "HFS",
    "SeriesDescription": "ImageMRSERIES",
    "ProtocolName": "T2W_FLAIRCLEAR",
    "SeriesNumber": 14,
    "AcquisitionNumber": 14,
    "ImageComments": "Hippo",
    "PhilipsRescaleSlope": 7.5116,
    "PhilipsRescaleIntercept": 0,
    "PhilipsScaleSlope": 0.0182682,
    "UsePhilipsFloatNotDisplayScaling": 1,
    "EchoTime": 0.125,
    "RepetitionTime": 11,
    "InversionTime": 2.8,
    "ImageOrientationPatientDICOM": [
        0.999418,
        0.0254672,
        -0.0226933,
        -0.0254725,
        0.999676,
        5.46229e-05
    ],
    "ConversionSoftware": "dcm2niix",
    "ConversionSoftwareVersion": "v1.0.20220720"
}