{
    "Manufacturer": "Philips",
    "PatientPosition": "HFS",
    "SeriesDescription": "ImageMRSERIES",
    "ProtocolName": "T2W_FLAIRCLEAR",
    "SeriesNumber": 13,
    "AcquisitionNumber": 13,
    "ImageComments": "Hippo",
    "PhilipsRescaleSlope": 4.76654,
    "PhilipsRescaleIntercept": 0,
    "PhilipsScaleSlope": 0.019126,
    "UsePhilipsFloatNotDisplayScaling": 1,
    "EchoTime": 0.125,
    "RepetitionTime": 11,
    "InversionTime": 2.8,
    "ImageOrientationPatientDICOM": [
        0.999487,
        -0.0296599,
        -0.0120527,
        0.0296641,
        0.99956,
        0.000166113
    ],
    "ConversionSoftware": "dcm2niix",
    "ConversionSoftwareVersion": "v1.0.20220720"
}