{
  "Manufacturer": "Philips",
  "PatientPosition": "HFS",
  "SeriesDescription": "ImageMRSERIES",
  "ProtocolName": "WIPLocSENSE(2)SENSE",
  "SeriesNumber": 4,
  "AcquisitionNumber": 4,
  "ImageComments": "HippoL(NoHC)",
  "PhilipsRescaleSlope": 1.7895,
  "PhilipsRescaleIntercept": 0,
  "PhilipsScaleSlope": 0.000829199,
  "UsePhilipsFloatNotDisplayScaling": 1,
  "EchoTime": 0.025,
  "RepetitionTime": 2,
  "ImageOrientationPatientDICOM": [
    0.99905,
    0.0296105,
    0.0319718,
    -0.0296511,
    0.99956,
    0.000797197
  ],
  "ConversionSoftware": "dcm2niix",
  "ConversionSoftwareVersion": "v1.0.20220720",
  "TaskName": "VentralVisual"
}