{
  "Manufacturer": "Philips",
  "PatientPosition": "HFS",
  "SeriesDescription": "ImageMRSERIES",
  "ProtocolName": "WIPWordsSENSE",
  "SeriesNumber": 2,
  "AcquisitionNumber": 2,
  "ImageComments": "BT",
  "PhilipsRescaleSlope": 0.87424,
  "PhilipsRescaleIntercept": 0,
  "PhilipsScaleSlope": 0.00129099,
  "UsePhilipsFloatNotDisplayScaling": 1,
  "EchoTime": 0.025,
  "RepetitionTime": 2,
  "ImageOrientationPatientDICOM": [
    0.999945,
    -0.00715311,
    -0.00768167,
    0.00715558,
    0.999974,
    0.000294105
  ],
  "ConversionSoftware": "dcm2niix",
  "ConversionSoftwareVersion": "v1.0.20220720",
  "TaskName": "Words"
}