{
  "Manufacturer": "Philips",
  "PatientPosition": "HFS",
  "SeriesDescription": "ImageMRSERIES",
  "ProtocolName": "WIPScenesSENSE(2)SENSE",
  "SeriesNumber": 9,
  "AcquisitionNumber": 9,
  "ImageComments": "Hippo",
  "PhilipsRescaleSlope": 1.35018,
  "PhilipsRescaleIntercept": 0,
  "PhilipsScaleSlope": 0.000718035,
  "UsePhilipsFloatNotDisplayScaling": 1,
  "EchoTime": 0.025,
  "RepetitionTime": 2,
  "ImageOrientationPatientDICOM": [
    0.998807,
    -0.0125983,
    0.0471698,
    0.0176086,
    0.994064,
    -0.107358
  ],
  "ConversionSoftware": "dcm2niix",
  "ConversionSoftwareVersion": "v1.0.20220720",
  "TaskName": "Scenes"
}