{
    "Manufacturer": "Philips",
    "PatientPosition": "HFS",
    "SeriesDescription": "ImageMRSERIES",
    "ProtocolName": "WIPMPRAGE2100SENSE",
    "SeriesNumber": 11,
    "AcquisitionNumber": 11,
    "ImageComments": "HippoMB",
    "PhilipsRescaleSlope": 6.29499,
    "PhilipsRescaleIntercept": 0,
    "PhilipsScaleSlope": 0.000355562,
    "UsePhilipsFloatNotDisplayScaling": 1,
    "EchoTime": 0.00384,
    "RepetitionTime": 0.008299,
    "ImageOrientationPatientDICOM": [
        0.0508143,
        0.987128,
        -0.151644,
        0.070627,
        -0.155012,
        -0.985385
    ],
    "ConversionSoftware": "dcm2niix",
    "ConversionSoftwareVersion": "v1.0.20220720"
}