{
  "Manufacturer": "Philips",
  "PatientPosition": "HFS",
  "SeriesDescription": "ImageMRSERIES",
  "ProtocolName": "WIPHCBOLDSENSE",
  "SeriesNumber": 26,
  "AcquisitionNumber": 26,
  "ImageComments": "Hippo_LMBHC",
  "PhilipsRescaleSlope": 1.55775,
  "PhilipsRescaleIntercept": 0,
  "PhilipsScaleSlope": 0.000753791,
  "UsePhilipsFloatNotDisplayScaling": 1,
  "EchoTime": 0.025,
  "RepetitionTime": 2,
  "ImageOrientationPatientDICOM": [
    0.994571,
    -0.0551488,
    0.0882412,
    0.0744331,
    0.969639,
    -0.232937
  ],
  "ConversionSoftware": "dcm2niix",
  "ConversionSoftwareVersion": "v1.0.20220720",
  "TaskName": "Hypercapnia"
}