{
    "Manufacturer": "Philips",
    "PatientPosition": "HFS",
    "SeriesDescription": "ImageMRSERIES",
    "ProtocolName": "WIPMPRAGE2100SENSE",
    "SeriesNumber": 5,
    "AcquisitionNumber": 5,
    "ImageComments": "Hippo",
    "PhilipsRescaleSlope": 3.96508,
    "PhilipsRescaleIntercept": 0,
    "PhilipsScaleSlope": 0.000289024,
    "UsePhilipsFloatNotDisplayScaling": 1,
    "EchoTime": 0.0038,
    "RepetitionTime": 0.008245,
    "ImageOrientationPatientDICOM": [
        -0.0611755,
        0.991039,
        -0.118736,
        -0.0392598,
        -0.121256,
        -0.991845
    ],
    "ConversionSoftware": "dcm2niix",
    "ConversionSoftwareVersion": "v1.0.20220720"
}