{
    "Manufacturer": "Philips",
    "PatientPosition": "HFS",
    "SeriesDescription": "ImageMRSERIES",
    "ProtocolName": "DTI3minSENSE",
    "SeriesNumber": 16,
    "AcquisitionNumber": 16,
    "ImageComments": "HippoHC",
    "PhilipsRescaleSlope": 4.79023,
    "PhilipsRescaleIntercept": 0,
    "PhilipsScaleSlope": 0.0013429,
    "UsePhilipsFloatNotDisplayScaling": 1,
    "EchoTime": 0.051,
    "RepetitionTime": 4.41,
    "ImageOrientationPatientDICOM": [
        0.997004,
        0.0505734,
        -0.0585279,
        -0.0506805,
        0.998715,
        -0.000345264
    ],
    "ConversionSoftware": "dcm2niix",
    "ConversionSoftwareVersion": "v1.0.20220720"
}