{
    "Manufacturer": "Philips",
    "PatientPosition": "HFS",
    "SeriesDescription": "ImageMRSERIES",
    "ProtocolName": "DTI3minSENSE",
    "SeriesNumber": 18,
    "AcquisitionNumber": 18,
    "ImageComments": "HIPPOHC",
    "PhilipsRescaleSlope": 4.70379,
    "PhilipsRescaleIntercept": 0,
    "PhilipsScaleSlope": 0.00121236,
    "UsePhilipsFloatNotDisplayScaling": 1,
    "EchoTime": 0.051,
    "RepetitionTime": 4.41,
    "ImageOrientationPatientDICOM": [
        0.996985,
        0.0771882,
        -0.00787927,
        -0.0775891,
        0.992057,
        -0.0990069
    ],
    "ConversionSoftware": "dcm2niix",
    "ConversionSoftwareVersion": "v1.0.20220720"
}