{
  "Manufacturer": "Philips",
  "PatientPosition": "HFS",
  "SeriesDescription": "ImageMRSERIES",
  "ProtocolName": "ASL94-5-27Slice12SENSE",
  "SeriesNumber": 18,
  "AcquisitionNumber": 18,
  "ImageComments": "Hippo",
  "PhilipsRescaleSlope": 1.24908,
  "PhilipsRescaleIntercept": 0,
  "PhilipsScaleSlope": 0.000664337,
  "UsePhilipsFloatNotDisplayScaling": 1,
  "EchoTime": 0.01384,
  "RepetitionTime": 4.15085,
  "ImageOrientationPatientDICOM": [
    0.9995,
    0.0167763,
    0.0267884,
    -0.01448,
    0.996384,
    -0.0837268
  ],
  "ConversionSoftware": "dcm2niix",
  "ConversionSoftwareVersion": "v1.0.20220720",
  "ArterialSpinLabelingType": "PCASL",
  "PostLabelingDelay": 1.525,
  "BackgroundSuppression": false,
  "M0Type": "Absent",
  "RepetitionTimePreparation": 0.5,
  "VascularCrushing": false,
  "AcquisitionVoxelSize": [
    3,
    3,
    5
  ],
  "MRAcquisitionType": "3D",
  "MagneticFieldStrength": 3,
  "TotalAcquiredPairs": 30,
  "LabelingDuration": 1.65,
  "FlipAngle": 90,
  "PulseSequenceDetails": "WIP",
  "LabelingPulseFlipAngle": 18,
  "LabelingPulseDuration": 500
}