{
    "Manufacturer": "Philips",
    "PatientPosition": "HFS",
    "SeriesDescription": "ImageMRSERIES",
    "ProtocolName": "WIPMPRAGE2100SENSE",
    "SeriesNumber": 6,
    "AcquisitionNumber": 6,
    "ImageComments": "Hippo",
    "PhilipsRescaleSlope": 6.07375,
    "PhilipsRescaleIntercept": 0,
    "PhilipsScaleSlope": 0.000364076,
    "UsePhilipsFloatNotDisplayScaling": 1,
    "EchoTime": 0.00374,
    "RepetitionTime": 0.008171,
    "ImageOrientationPatientDICOM": [
        0.0641617,
        0.997,
        -0.0433052,
        -0.0263514,
        -0.0416868,
        -0.998783
    ],
    "ConversionSoftware": "dcm2niix",
    "ConversionSoftwareVersion": "v1.0.20220720"
}