{
    "Manufacturer": "Philips",
    "PatientPosition": "HFS",
    "SeriesDescription": "ImageMRSERIES",
    "ProtocolName": "WIPDTI3minSENSE",
    "SeriesNumber": 4,
    "AcquisitionNumber": 4,
    "ImageComments": "Hippo",
    "PhilipsRescaleSlope": 4.91673,
    "PhilipsRescaleIntercept": 0,
    "PhilipsScaleSlope": 0.00129291,
    "UsePhilipsFloatNotDisplayScaling": 1,
    "EchoTime": 0.051,
    "RepetitionTime": 4.41,
    "ImageOrientationPatientDICOM": [
        0.9999,
        -0.01234,
        -0.00689481,
        0.0118676,
        0.997828,
        -0.0647929
    ],
    "ConversionSoftware": "dcm2niix",
    "ConversionSoftwareVersion": "v1.0.20220720"
}