{
  "Manufacturer": "Philips",
  "PatientPosition": "HFS",
  "SeriesDescription": "ImageMRSERIES",
  "ProtocolName": "HCBOLDSENSE",
  "SeriesNumber": 24,
  "AcquisitionNumber": 24,
  "ImageComments": "HippoHC",
  "PhilipsRescaleSlope": 2.44689,
  "PhilipsRescaleIntercept": 0,
  "PhilipsScaleSlope": 0.000873559,
  "UsePhilipsFloatNotDisplayScaling": 1,
  "EchoTime": 0.025,
  "RepetitionTime": 2,
  "ImageOrientationPatientDICOM": [
    0.999046,
    0.0339774,
    0.0274396,
    -0.0305236,
    0.992576,
    -0.117737
  ],
  "ConversionSoftware": "dcm2niix",
  "ConversionSoftwareVersion": "v1.0.20220720",
  "TaskName": "Hypercapnia"
}