{
    "Manufacturer": "Philips",
    "PatientPosition": "HFS",
    "SeriesDescription": "ImageMRSERIES",
    "ProtocolName": "MPRAGE2100SENSE",
    "SeriesNumber": 9,
    "AcquisitionNumber": 9,
    "ImageComments": "HippoHC",
    "PhilipsRescaleSlope": 6.48669,
    "PhilipsRescaleIntercept": 0,
    "PhilipsScaleSlope": 0.000358703,
    "UsePhilipsFloatNotDisplayScaling": 1,
    "EchoTime": 0.00376,
    "RepetitionTime": 0.008188,
    "ImageOrientationPatientDICOM": [
        -0.0168969,
        0.998663,
        -0.0488505,
        -0.0613969,
        -0.0498016,
        -0.99687
    ],
    "ConversionSoftware": "dcm2niix",
    "ConversionSoftwareVersion": "v1.0.20220720"
}