{
  "Manufacturer": "Philips",
  "PatientPosition": "HFS",
  "SeriesDescription": "ImageMRSERIES",
  "ProtocolName": "ScenesSENSE(3)SENSE",
  "SeriesNumber": 9,
  "AcquisitionNumber": 9,
  "ImageComments": "HippoHC",
  "PhilipsRescaleSlope": 1.43223,
  "PhilipsRescaleIntercept": 0,
  "PhilipsScaleSlope": 0.000714629,
  "UsePhilipsFloatNotDisplayScaling": 1,
  "EchoTime": 0.025,
  "RepetitionTime": 2,
  "ReconMatrixPE": 64,
  "ImageOrientationPatientDICOM": [
    0.99282,
    -0.0691786,
    -0.0975842,
    0.0694247,
    0.997587,
    -0.000875173
  ],
  "ConversionSoftware": "dcm2niix",
  "ConversionSoftwareVersion": "v1.0.20181114  Clang4.0.1",
  "TaskName": "Scenes"
}