{
    "Manufacturer": "Philips",
    "PatientPosition": "HFS",
    "SeriesDescription": "ImageMRSERIES",
    "ProtocolName": "T2W_FLAIR642.5nogapSENSE",
    "SeriesNumber": 14,
    "AcquisitionNumber": 14,
    "ImageComments": "HippoHC",
    "PhilipsRescaleSlope": 5.98755,
    "PhilipsRescaleIntercept": 0,
    "PhilipsScaleSlope": 0.020821,
    "UsePhilipsFloatNotDisplayScaling": 1,
    "EchoTime": 0.125,
    "RepetitionTime": 11,
    "InversionTime": 2.8,
    "ImageOrientationPatientDICOM": [
        0.999926,
        0.00942598,
        -0.00767739,
        -0.00942436,
        0.999956,
        0.0002469
    ],
    "ConversionSoftware": "dcm2niix",
    "ConversionSoftwareVersion": "v1.0.20220720"
}