{
    "Manufacturer": "Philips",
    "PatientPosition": "HFS",
    "SeriesDescription": "ImageMRSERIES",
    "ProtocolName": "WIPMPRAGE2100SENSE",
    "SeriesNumber": 11,
    "AcquisitionNumber": 11,
    "ImageComments": "HippoHC",
    "PhilipsRescaleSlope": 5.61612,
    "PhilipsRescaleIntercept": 0,
    "PhilipsScaleSlope": 0.00038435,
    "UsePhilipsFloatNotDisplayScaling": 1,
    "EchoTime": 0.00371,
    "RepetitionTime": 0.008106,
    "ImageOrientationPatientDICOM": [
        -0.0376891,
        0.999289,
        0.000289437,
        -0.00767937,
        0,
        -0.99997
    ],
    "ConversionSoftware": "dcm2niix",
    "ConversionSoftwareVersion": "v1.0.20220720"
}