{
    "Manufacturer": "Philips",
    "PatientPosition": "HFS",
    "SeriesDescription": "ImageMRSERIES",
    "ProtocolName": "DTI3minSENSE",
    "SeriesNumber": 20,
    "AcquisitionNumber": 20,
    "ImageComments": "HippoHC",
    "PhilipsRescaleSlope": 4.51551,
    "PhilipsRescaleIntercept": 0,
    "PhilipsScaleSlope": 0.00126301,
    "UsePhilipsFloatNotDisplayScaling": 1,
    "EchoTime": 0.051,
    "RepetitionTime": 4.41,
    "ImageOrientationPatientDICOM": [
        0.999846,
        -0.0162274,
        -0.00663983,
        0.0162305,
        0.999868,
        0.000415883
    ],
    "ConversionSoftware": "dcm2niix",
    "ConversionSoftwareVersion": "v1.0.20220720"
}