{
  "Manufacturer": "Philips",
  "PatientPosition": "HFS",
  "SeriesDescription": "ImageMRSERIES",
  "ProtocolName": "HCBOLDSENSE",
  "SeriesNumber": 23,
  "AcquisitionNumber": 23,
  "ImageComments": "HippoHC",
  "PhilipsRescaleSlope": 1.56508,
  "PhilipsRescaleIntercept": 0,
  "PhilipsScaleSlope": 0.000902271,
  "UsePhilipsFloatNotDisplayScaling": 1,
  "EchoTime": 0.025,
  "RepetitionTime": 2,
  "ImageOrientationPatientDICOM": [
    0.993814,
    -0.0126107,
    0.110337,
    0.0235941,
    0.994826,
    -0.0988126
  ],
  "ConversionSoftware": "dcm2niix",
  "ConversionSoftwareVersion": "v1.0.20220720",
  "TaskName": "Hypercapnia"
}