{
  "Manufacturer": "Philips",
  "PatientPosition": "HFS",
  "SeriesDescription": "ImageMRSERIES",
  "ProtocolName": "ASL94-5-27Slice12SENSE",
  "SeriesNumber": 19,
  "AcquisitionNumber": 19,
  "ImageComments": "HippoHC",
  "PhilipsRescaleSlope": 1.37705,
  "PhilipsRescaleIntercept": 0,
  "PhilipsScaleSlope": 0.000625335,
  "UsePhilipsFloatNotDisplayScaling": 1,
  "EchoTime": 0.01386,
  "RepetitionTime": 4.15085,
  "ImageOrientationPatientDICOM": [
    0.999777,
    -0.0125914,
    -0.0169376,
    0.01047,
    0.992722,
    -0.119974
  ],
  "ConversionSoftware": "dcm2niix",
  "ConversionSoftwareVersion": "v1.0.20220720",
  "ArterialSpinLabelingType": "PCASL",
  "PostLabelingDelay": 1.525,
  "BackgroundSuppression": false,
  "M0Type": "Absent",
  "RepetitionTimePreparation": 0.5,
  "VascularCrushing": false,
  "AcquisitionVoxelSize": [
    3,
    3,
    5
  ],
  "MRAcquisitionType": "3D",
  "MagneticFieldStrength": 3,
  "TotalAcquiredPairs": 30,
  "LabelingDuration": 1.65,
  "FlipAngle": 90,
  "PulseSequenceDetails": "WIP",
  "LabelingPulseFlipAngle": 18,
  "LabelingPulseDuration": 500
}