{
    "Manufacturer": "Philips",
    "PatientPosition": "HFS",
    "SeriesDescription": "ImageMRSERIES",
    "ProtocolName": "WIPMPRAGE2100SENSE",
    "SeriesNumber": 11,
    "AcquisitionNumber": 11,
    "ImageComments": "HippoL",
    "PhilipsRescaleSlope": 5.88254,
    "PhilipsRescaleIntercept": 0,
    "PhilipsScaleSlope": 0.000361345,
    "UsePhilipsFloatNotDisplayScaling": 1,
    "EchoTime": 0.00371,
    "RepetitionTime": 0.008118,
    "ReconMatrixPE": 256,
    "ImageOrientationPatientDICOM": [
        -0.0458847,
        0.998947,
        0.000178027,
        -0.00767937,
        -0.000174528,
        -0.99997
    ],
    "ConversionSoftware": "dcm2niix",
    "ConversionSoftwareVersion": "v1.0.20181114  Clang4.0.1"
}