{
  "Manufacturer": "Philips",
  "PatientPosition": "HFS",
  "SeriesDescription": "ImageMRSERIES",
  "ProtocolName": "WIPWordsSENSE",
  "SeriesNumber": 4,
  "AcquisitionNumber": 4,
  "ImageComments": "Hippo",
  "PhilipsRescaleSlope": 0.737,
  "PhilipsRescaleIntercept": 0,
  "PhilipsScaleSlope": 0.00104698,
  "UsePhilipsFloatNotDisplayScaling": 1,
  "EchoTime": 0.025,
  "RepetitionTime": 2,
  "ImageOrientationPatientDICOM": [
    0.998496,
    0.013227,
    0.053212,
    -0.0132453,
    0.999912,
    -7.67864E-6
  ],
  "ConversionSoftware": "dcm2niix",
  "ConversionSoftwareVersion": "v1.0.20220720",
  "TaskName": "Words"
}