{
  "Manufacturer": "Philips",
  "PatientPosition": "HFS",
  "SeriesDescription": "ImageMRSERIES",
  "ProtocolName": "RestingStateSENSE",
  "SeriesNumber": 14,
  "AcquisitionNumber": 14,
  "ImageComments": "HIPPO_HC",
  "PhilipsRescaleSlope": 1.779,
  "PhilipsRescaleIntercept": 0,
  "PhilipsScaleSlope": 0.000748252,
  "UsePhilipsFloatNotDisplayScaling": 1,
  "EchoTime": 0.025,
  "RepetitionTime": 2,
  "ImageOrientationPatientDICOM": [
    0.99776,
    -0.001898,
    0.0668727,
    0.0132356,
    0.98544,
    -0.169509
  ],
  "ConversionSoftware": "dcm2niix",
  "ConversionSoftwareVersion": "v1.0.20220720",
  "TaskName": "rest"
}