{
  "Modality": "PT",
  "Manufacturer": "GE",
  "ManufacturersModelName": "Discovery MI",
  "InstitutionName": "UT Southwestern",
  "InstitutionAddress": "Dallas, Texas",
  "DeviceSerialNumber": "*",
  "StationName": "PET_CTR_PT3",
  "PatientPosition": "HFS",
  "SoftwareVersions": "pet_columbia.179",
  "SeriesDescription": "PET BRAIN TAU CORRECTED",
  "ProtocolName": "1.7 PTCT_Brain_TAU_PARKS",
  "ImageType": [
    "ORIGINAL",
    "PRIMARY"
  ],
  "SeriesNumber": 14,
  "AcquisitionTime": "14:08:47.000000",
  "Radiopharmaceutical": "TAU",
  "RadionuclidePositronFraction": 0.967,
  "RadionuclideTotalDose": 3.8591E+8,
  "RadionuclideHalfLife": 6586.2,
  "DoseCalibrationFactor": 4.48132E+6,
  "Units": "Bq/mL",
  "DecayCorrection": "START",
  "AttenuationCorrectionMethod": "measured,, 0.000000 cm-1, attenuation smooth",
  "ReconstructionMethod": "VPHD",
  "SliceThickness": 2.8,
  "ImageOrientationPatientDICOM": [
    1,
    0,
    0,
    0,
    1,
    0
  ],
  "ConversionSoftware": "dcm2niix",
  "ConversionSoftwareVersion": "v1.0.20220720",
  "TracerName": "AV-1451 flortaucipir",
  "TracerRadionuclide": "F18",
  "InjectedRadioactivity": 8.92,
  "InjectedRadioactivityUnits": "mSV",
  "InjectedMass": 10,
  "InjectedMassUnits": "approximate mCi",
  "ModeOfAdministration": "bolus",
  "SpecificRadioactivity": "n/a",
  "SpecificRadioactivityUnits": "n/a",
  "TimeZero": "14:08:47",
  "InjectionStart": -4.8E+6,
  "FrameDuration": [
    1.2E+6,
    0
  ],
  "ScanStart": 0,
  "ImageDecayCorrected": true,
  "ImageDecayCorrectionTime": 0,
  "AcquisitionMode": "dynamic",
  "ReconMethodName": "VPHD",
  "ReconMethodParameterLabels": [
    "subsets",
    "iterations"
  ],
  "ReconMethodParameterUnits": [
    "none",
    "none"
  ],
  "ReconMethodParameterValues": [
    34,
    3
  ],
  "ReconFilterType": "FWHM Gaussian",
  "ReconFilterSize": 3,
  "AttenuationCorrection": "measured,AC_CT",
  "FrameDurationUnits": "ms",
  "FrameTimesStart": [
    0,
    1.2E+6
  ]
}