{
    "Manufacturer": "Philips",
    "PatientPosition": "HFS",
    "SeriesDescription": "ImageMRSERIES",
    "ProtocolName": "WIPMPRAGE2100SENSE",
    "SeriesNumber": 11,
    "AcquisitionNumber": 11,
    "ImageComments": "HippoMBHC",
    "PhilipsRescaleSlope": 6.44933,
    "PhilipsRescaleIntercept": 0,
    "PhilipsScaleSlope": 0.000364193,
    "UsePhilipsFloatNotDisplayScaling": 1,
    "EchoTime": 0.00377,
    "RepetitionTime": 0.008175,
    "ImageOrientationPatientDICOM": [
        0.0246044,
        0.994219,
        -0.104515,
        0.0134386,
        -0.104866,
        -0.994395
    ],
    "ConversionSoftware": "dcm2niix",
    "ConversionSoftwareVersion": "v1.0.20220720"
}