{
    "Manufacturer": "Philips",
    "PatientPosition": "HFS",
    "SeriesDescription": "ImageMRSERIES",
    "ProtocolName": "WIPDTI3minSENSE",
    "SeriesNumber": 4,
    "AcquisitionNumber": 4,
    "ImageComments": "Hippo",
    "PhilipsRescaleSlope": 4.8989,
    "PhilipsRescaleIntercept": 0,
    "PhilipsScaleSlope": 0.00137162,
    "UsePhilipsFloatNotDisplayScaling": 1,
    "EchoTime": 0.051,
    "RepetitionTime": 4.41,
    "ImageOrientationPatientDICOM": [
        0.999484,
        -0.0118575,
        -0.0298427,
        0.0118627,
        0.99993,
        -5.10699e-06
    ],
    "ConversionSoftware": "dcm2niix",
    "ConversionSoftwareVersion": "v1.0.20220720"
}