{
    "Manufacturer": "Philips",
    "PatientPosition": "HFS",
    "SeriesDescription": "ImageMRSERIES",
    "ProtocolName": "WIPDTI3minSENSE",
    "SeriesNumber": 14,
    "AcquisitionNumber": 14,
    "ImageComments": "HippoL(HC)",
    "PhilipsRescaleSlope": 4.65812,
    "PhilipsRescaleIntercept": 0,
    "PhilipsScaleSlope": 0.00139115,
    "UsePhilipsFloatNotDisplayScaling": 1,
    "EchoTime": 0.051,
    "RepetitionTime": 4.41,
    "ImageOrientationPatientDICOM": [
        0.997886,
        0.064531,
        -0.00767463,
        -0.0645304,
        0.997916,
        0.000321399
    ],
    "ConversionSoftware": "dcm2niix",
    "ConversionSoftwareVersion": "v1.0.20220720"
}