{
  "Manufacturer": "Philips",
  "PatientPosition": "HFS",
  "SeriesDescription": "ImageMRSERIES",
  "ProtocolName": "RestingStateSENSE",
  "SeriesNumber": 13,
  "AcquisitionNumber": 13,
  "ImageComments": "HippoHC",
  "PhilipsRescaleSlope": 1.64298,
  "PhilipsRescaleIntercept": 0,
  "PhilipsScaleSlope": 0.000701014,
  "UsePhilipsFloatNotDisplayScaling": 1,
  "EchoTime": 0.025,
  "RepetitionTime": 2,
  "ImageOrientationPatientDICOM": [
    0.999369,
    0.0355206,
    -0.000285973,
    -0.0342002,
    0.959981,
    -0.277971
  ],
  "ConversionSoftware": "dcm2niix",
  "ConversionSoftwareVersion": "v1.0.20220720",
  "TaskName": "rest"
}