{
  "Manufacturer": "Philips",
  "PatientPosition": "HFS",
  "SeriesDescription": "ImageMRSERIES",
  "ProtocolName": "WIPRestingStateSENSE",
  "SeriesNumber": 5,
  "AcquisitionNumber": 5,
  "ImageComments": "Hippo",
  "PhilipsRescaleSlope": 1.99585,
  "PhilipsRescaleIntercept": 0,
  "PhilipsScaleSlope": 0.000763115,
  "UsePhilipsFloatNotDisplayScaling": 1,
  "EchoTime": 0.025,
  "RepetitionTime": 2,
  "ImageOrientationPatientDICOM": [
    0.998743,
    -0.0369807,
    0.0338427,
    0.0369713,
    0.999316,
    0.000903478
  ],
  "ConversionSoftware": "dcm2niix",
  "ConversionSoftwareVersion": "v1.0.20220720",
  "TaskName": "rest"
}