{
  "Manufacturer": "Philips",
  "PatientPosition": "HFS",
  "SeriesDescription": "ImageMRSERIES",
  "ProtocolName": "WIPWordsSENSE",
  "SeriesNumber": 4,
  "AcquisitionNumber": 4,
  "ImageComments": "Hippo",
  "PhilipsRescaleSlope": 0.76703,
  "PhilipsRescaleIntercept": 0,
  "PhilipsScaleSlope": 0.000849502,
  "UsePhilipsFloatNotDisplayScaling": 1,
  "EchoTime": 0.025,
  "RepetitionTime": 2,
  "ImageOrientationPatientDICOM": [
    0.998882,
    0.0302827,
    -0.0362964,
    -0.0368019,
    0.980096,
    -0.195084
  ],
  "ConversionSoftware": "dcm2niix",
  "ConversionSoftwareVersion": "v1.0.20220720",
  "TaskName": "Words"
}