{
    "Manufacturer": "Philips",
    "PatientPosition": "HFS",
    "SeriesDescription": "ImageMRSERIES",
    "ProtocolName": "WIPDTI3minSENSE",
    "SeriesNumber": 4,
    "AcquisitionNumber": 4,
    "ImageComments": "Hippo",
    "PhilipsRescaleSlope": 4.19072,
    "PhilipsRescaleIntercept": 0,
    "PhilipsScaleSlope": 0.00129019,
    "UsePhilipsFloatNotDisplayScaling": 1,
    "EchoTime": 0.051,
    "RepetitionTime": 4.41,
    "ImageOrientationPatientDICOM": [
        0.99878,
        -0.0476194,
        0.0130423,
        0.0483243,
        0.996998,
        -0.0604889
    ],
    "ConversionSoftware": "dcm2niix",
    "ConversionSoftwareVersion": "v1.0.20220720"
}