{
  "Manufacturer": "Philips",
  "PatientPosition": "HFS",
  "SeriesDescription": "ImageMRSERIES",
  "ProtocolName": "HCBOLDSENSE",
  "SeriesNumber": 21,
  "AcquisitionNumber": 21,
  "ImageComments": "HippoHC",
  "PhilipsRescaleSlope": 1.55311,
  "PhilipsRescaleIntercept": 0,
  "PhilipsScaleSlope": 0.000730977,
  "UsePhilipsFloatNotDisplayScaling": 1,
  "EchoTime": 0.025,
  "RepetitionTime": 2,
  "ImageOrientationPatientDICOM": [
    0.999395,
    -0.0338529,
    0.00802383,
    0.0338518,
    0.999427,
    0.000271786
  ],
  "ConversionSoftware": "dcm2niix",
  "ConversionSoftwareVersion": "v1.0.20220720",
  "TaskName": "Hypercapnia"
}