{
    "Manufacturer": "Philips",
    "PatientPosition": "HFS",
    "SeriesDescription": "ImageMRSERIES",
    "ProtocolName": "DTI3minSENSE",
    "SeriesNumber": 17,
    "AcquisitionNumber": 17,
    "ImageComments": "HippoHC",
    "PhilipsRescaleSlope": 3.74799,
    "PhilipsRescaleIntercept": 0,
    "PhilipsScaleSlope": 0.0014366,
    "UsePhilipsFloatNotDisplayScaling": 1,
    "EchoTime": 0.051,
    "RepetitionTime": 4.41,
    "ImageOrientationPatientDICOM": [
        0.998041,
        -0.0614061,
        -0.0119995,
        0.0605183,
        0.996114,
        -0.0639825
    ],
    "ConversionSoftware": "dcm2niix",
    "ConversionSoftwareVersion": "v1.0.20220720"
}