{
  "Manufacturer": "Philips",
  "PatientPosition": "HFS",
  "SeriesDescription": "ImageMRSERIES",
  "ProtocolName": "WIPASL94-5-27Slice12TR4150.8",
  "SeriesNumber": 12,
  "AcquisitionNumber": 12,
  "ImageComments": "Hippo",
  "PhilipsRescaleSlope": 1.47277,
  "PhilipsRescaleIntercept": 0,
  "PhilipsScaleSlope": 0.000520077,
  "UsePhilipsFloatNotDisplayScaling": 1,
  "EchoTime": 0.01384,
  "RepetitionTime": 8.29,
  "ImageOrientationPatientDICOM": [
    0.999928,
    -0.00866723,
    -0.00833135,
    0.00924984,
    0.997315,
    0.072642
  ],
  "ConversionSoftware": "dcm2niix",
  "ConversionSoftwareVersion": "v1.0.20220720",
  "ArterialSpinLabelingType": "PCASL",
  "PostLabelingDelay": 1.525,
  "BackgroundSuppression": false,
  "M0Type": "Absent",
  "RepetitionTimePreparation": 0.5,
  "VascularCrushing": false,
  "AcquisitionVoxelSize": [
    3,
    3,
    5
  ],
  "MRAcquisitionType": "3D",
  "MagneticFieldStrength": 3,
  "TotalAcquiredPairs": 30,
  "LabelingDuration": 1.65,
  "FlipAngle": 90,
  "PulseSequenceDetails": "WIP",
  "LabelingPulseFlipAngle": 18,
  "LabelingPulseDuration": 500
}