{
    "Manufacturer": "Philips",
    "PatientPosition": "HFS",
    "SeriesDescription": "ImageMRSERIES",
    "ProtocolName": "MPRAGE2100SENSE",
    "SeriesNumber": 9,
    "AcquisitionNumber": 9,
    "ImageComments": "HippoHC",
    "PhilipsRescaleSlope": 6.24957,
    "PhilipsRescaleIntercept": 0,
    "PhilipsScaleSlope": 0.000348275,
    "UsePhilipsFloatNotDisplayScaling": 1,
    "EchoTime": 0.00377,
    "RepetitionTime": 0.008232,
    "ReconMatrixPE": 256,
    "ImageOrientationPatientDICOM": [
        0.0791828,
        0.996143,
        -0.0378019,
        0.0607001,
        -0.0426687,
        -0.997244
    ],
    "ConversionSoftware": "dcm2niix",
    "ConversionSoftwareVersion": "v1.0.20181114  Clang4.0.1"
}