{
  "Manufacturer": "Philips",
  "PatientPosition": "HFS",
  "SeriesDescription": "ImageMRSERIES",
  "ProtocolName": "WIPASL94-5-27Slice12SENSE",
  "SeriesNumber": 12,
  "AcquisitionNumber": 12,
  "ImageComments": "Hippo",
  "PhilipsRescaleSlope": 1.25665,
  "PhilipsRescaleIntercept": 0,
  "PhilipsScaleSlope": 0.000669404,
  "UsePhilipsFloatNotDisplayScaling": 1,
  "EchoTime": 0.01382,
  "RepetitionTime": 4.15085,
  "ImageOrientationPatientDICOM": [
    0.999457,
    -0.0265561,
    0.0195189,
    0.0273936,
    0.998657,
    -0.0439729
  ],
  "ConversionSoftware": "dcm2niix",
  "ConversionSoftwareVersion": "v1.0.20220720",
  "ArterialSpinLabelingType": "PCASL",
  "PostLabelingDelay": 1.525,
  "BackgroundSuppression": false,
  "M0Type": "Absent",
  "RepetitionTimePreparation": 0.5,
  "VascularCrushing": false,
  "AcquisitionVoxelSize": [
    3,
    3,
    5
  ],
  "MRAcquisitionType": "3D",
  "MagneticFieldStrength": 3,
  "TotalAcquiredPairs": 30,
  "LabelingDuration": 1.65,
  "FlipAngle": 90,
  "PulseSequenceDetails": "WIP",
  "LabelingPulseFlipAngle": 18,
  "LabelingPulseDuration": 500
}