{
    "Manufacturer": "Philips",
    "PatientPosition": "HFS",
    "SeriesDescription": "ImageMRSERIES",
    "ProtocolName": "WIPMPRAGE2100SENSE",
    "SeriesNumber": 6,
    "AcquisitionNumber": 6,
    "ImageComments": "Hippo",
    "PhilipsRescaleSlope": 5.76947,
    "PhilipsRescaleIntercept": 0,
    "PhilipsScaleSlope": 0.000371822,
    "UsePhilipsFloatNotDisplayScaling": 1,
    "EchoTime": 0.00381,
    "RepetitionTime": 0.008313,
    "ImageOrientationPatientDICOM": [
        0.122307,
        0.992487,
        0.00332016,
        0.0835039,
        -0.00695688,
        -0.996483
    ],
    "ConversionSoftware": "dcm2niix",
    "ConversionSoftwareVersion": "v1.0.20220720"
}