{
    "Manufacturer": "Philips",
    "PatientPosition": "HFS",
    "SeriesDescription": "ImageMRSERIES",
    "ProtocolName": "WIPT2W_FLAIR642.5nogapSENSE",
    "SeriesNumber": 10,
    "AcquisitionNumber": 10,
    "ImageComments": "HippoL",
    "PhilipsRescaleSlope": 7.6862,
    "PhilipsRescaleIntercept": 0,
    "PhilipsScaleSlope": 0.0187728,
    "UsePhilipsFloatNotDisplayScaling": 1,
    "EchoTime": 0.125,
    "RepetitionTime": 11,
    "InversionTime": 2.8,
    "ImageOrientationPatientDICOM": [
        0.999393,
        -0.0285439,
        -0.019971,
        0.0258209,
        0.991774,
        -0.125371
    ],
    "ConversionSoftware": "dcm2niix",
    "ConversionSoftwareVersion": "v1.0.20220720"
}