{
  "Manufacturer": "Philips",
  "PatientPosition": "HFS",
  "SeriesDescription": "ImageMRSERIES",
  "ProtocolName": "WIPASL94-5-27Slice12SENSE",
  "SeriesNumber": 15,
  "AcquisitionNumber": 15,
  "ImageComments": "Hippo",
  "PhilipsRescaleSlope": 1.28376,
  "PhilipsRescaleIntercept": 0,
  "PhilipsScaleSlope": 0.00065447,
  "UsePhilipsFloatNotDisplayScaling": 1,
  "EchoTime": 0.01385,
  "RepetitionTime": 4.15085,
  "ImageOrientationPatientDICOM": [
    0.999559,
    0.00741014,
    -0.0287593,
    -0.0101188,
    0.995406,
    -0.095212
  ],
  "ConversionSoftware": "dcm2niix",
  "ConversionSoftwareVersion": "v1.0.20220720",
  "ArterialSpinLabelingType": "PCASL",
  "PostLabelingDelay": 1.525,
  "BackgroundSuppression": false,
  "M0Type": "Absent",
  "RepetitionTimePreparation": 0.5,
  "VascularCrushing": false,
  "AcquisitionVoxelSize": [
    3,
    3,
    5
  ],
  "MRAcquisitionType": "3D",
  "MagneticFieldStrength": 3,
  "TotalAcquiredPairs": 30,
  "LabelingDuration": 1.65,
  "FlipAngle": 90,
  "PulseSequenceDetails": "WIP",
  "LabelingPulseFlipAngle": 18,
  "LabelingPulseDuration": 500
}