{
    "Manufacturer": "Philips",
    "PatientPosition": "HFS",
    "SeriesDescription": "ImageMRSERIES",
    "ProtocolName": "MPRAGE2100SENSE",
    "SeriesNumber": 10,
    "AcquisitionNumber": 10,
    "ImageComments": "HippoHC",
    "PhilipsRescaleSlope": 6.16093,
    "PhilipsRescaleIntercept": 0,
    "PhilipsScaleSlope": 0.000364974,
    "UsePhilipsFloatNotDisplayScaling": 1,
    "EchoTime": 0.00374,
    "RepetitionTime": 0.008162,
    "ImageOrientationPatientDICOM": [
        0.0343325,
        0.99941,
        -0.000337762,
        -0.0504186,
        0.00139449,
        -0.998727
    ],
    "ConversionSoftware": "dcm2niix",
    "ConversionSoftwareVersion": "v1.0.20220720"
}