{
  "Manufacturer": "Philips",
  "PatientPosition": "HFS",
  "SeriesDescription": "ImageMRSERIES",
  "ProtocolName": "WIPASL94-5-27Slice12SENSE",
  "SeriesNumber": 22,
  "AcquisitionNumber": 22,
  "ImageComments": "Hippo",
  "PhilipsRescaleSlope": 1.55507,
  "PhilipsRescaleIntercept": 0,
  "PhilipsScaleSlope": 0.000596703,
  "UsePhilipsFloatNotDisplayScaling": 1,
  "EchoTime": 0.01385,
  "RepetitionTime": 4.15085,
  "ImageOrientationPatientDICOM": [
    0.997972,
    0.0431865,
    -0.0467594,
    -0.0381638,
    0.993903,
    0.10344
  ],
  "ConversionSoftware": "dcm2niix",
  "ConversionSoftwareVersion": "v1.0.20220720",
  "ArterialSpinLabelingType": "PCASL",
  "PostLabelingDelay": 1.525,
  "BackgroundSuppression": false,
  "M0Type": "Absent",
  "RepetitionTimePreparation": 0.5,
  "VascularCrushing": false,
  "AcquisitionVoxelSize": [
    3,
    3,
    5
  ],
  "MRAcquisitionType": "3D",
  "MagneticFieldStrength": 3,
  "TotalAcquiredPairs": 30,
  "LabelingDuration": 1.65,
  "FlipAngle": 90,
  "PulseSequenceDetails": "WIP",
  "LabelingPulseFlipAngle": 18,
  "LabelingPulseDuration": 500
}