{
  "Manufacturer": "Philips",
  "PatientPosition": "HFS",
  "SeriesDescription": "ImageMRSERIES",
  "ProtocolName": "WIPScenesSENSE(2)SENSE",
  "SeriesNumber": 7,
  "AcquisitionNumber": 7,
  "ImageComments": "Hippo(HC)",
  "PhilipsRescaleSlope": 1.558,
  "PhilipsRescaleIntercept": 0,
  "PhilipsScaleSlope": 0.000867024,
  "UsePhilipsFloatNotDisplayScaling": 1,
  "EchoTime": 0.025,
  "RepetitionTime": 2,
  "ImageOrientationPatientDICOM": [
    0.999499,
    -0.0308977,
    -0.00681653,
    0.0303629,
    0.997218,
    -0.0680795
  ],
  "ConversionSoftware": "dcm2niix",
  "ConversionSoftwareVersion": "v1.0.20220720",
  "TaskName": "Scenes"
}