{
  "Manufacturer": "Philips",
  "PatientPosition": "HFS",
  "SeriesDescription": "ImageMRSERIES",
  "ProtocolName": "WIPASL94-5-27Slice12TR4185",
  "SeriesNumber": 11,
  "AcquisitionNumber": 11,
  "ImageComments": "HippoNC",
  "PhilipsRescaleSlope": 1.29304,
  "PhilipsRescaleIntercept": 0,
  "PhilipsScaleSlope": 0.000426095,
  "UsePhilipsFloatNotDisplayScaling": 1,
  "EchoTime": 0.0142,
  "RepetitionTime": 8.37,
  "ImageOrientationPatientDICOM": [
    0.998973,
    0.0332359,
    -0.0307835,
    -0.0331394,
    0.999444,
    0.00364063
  ],
  "ConversionSoftware": "dcm2niix",
  "ConversionSoftwareVersion": "v1.0.20220720",
  "ArterialSpinLabelingType": "PCASL",
  "PostLabelingDelay": 1.525,
  "BackgroundSuppression": false,
  "M0Type": "Absent",
  "RepetitionTimePreparation": 0.5,
  "VascularCrushing": false,
  "AcquisitionVoxelSize": [
    3,
    3,
    5
  ],
  "MRAcquisitionType": "3D",
  "MagneticFieldStrength": 3,
  "TotalAcquiredPairs": 30,
  "LabelingDuration": 1.65,
  "FlipAngle": 90,
  "PulseSequenceDetails": "WIP",
  "LabelingPulseFlipAngle": 18,
  "LabelingPulseDuration": 500
}