{
  "Manufacturer": "Philips",
  "PatientPosition": "HFS",
  "SeriesDescription": "ImageMRSERIES",
  "ProtocolName": "WIPRestingStateSENSE",
  "SeriesNumber": 11,
  "AcquisitionNumber": 11,
  "ImageComments": "Hippo",
  "PhilipsRescaleSlope": 1.32161,
  "PhilipsRescaleIntercept": 0,
  "PhilipsScaleSlope": 0.000687949,
  "UsePhilipsFloatNotDisplayScaling": 1,
  "EchoTime": 0.025,
  "RepetitionTime": 2,
  "ImageOrientationPatientDICOM": [
    0.9999,
    -0.0118653,
    -0.00768297,
    0.0118676,
    0.99993,
    0.000257903
  ],
  "ConversionSoftware": "dcm2niix",
  "ConversionSoftwareVersion": "v1.0.20220720",
  "TaskName": "rest"
}