{
    "Manufacturer": "Philips",
    "PatientPosition": "HFS",
    "SeriesDescription": "ImageMRSERIES",
    "ProtocolName": "MPRAGE2100SENSE",
    "SeriesNumber": 11,
    "AcquisitionNumber": 11,
    "ImageComments": "HippoHC",
    "PhilipsRescaleSlope": 6.09817,
    "PhilipsRescaleIntercept": 0,
    "PhilipsScaleSlope": 0.000384229,
    "UsePhilipsFloatNotDisplayScaling": 1,
    "EchoTime": 0.00373,
    "RepetitionTime": 0.008147,
    "ImageOrientationPatientDICOM": [
        -0.0714965,
        0.997441,
        0.000682638,
        0.00506143,
        0.00104718,
        -0.999987
    ],
    "ConversionSoftware": "dcm2niix",
    "ConversionSoftwareVersion": "v1.0.20220720"
}