{
  "Modality": "PT",
  "Manufacturer": "Siemens",
  "ManufacturersModelName": "Biograph128_mCT",
  "InstitutionName": "UT_Southwestern",
  "InstitutionalDepartmentName": "Imaging_Services",
  "InstitutionAddress": "Dallas_75390_Wyche_6110",
  "DeviceSerialNumber": "60017",
  "StationName": "PET_CTR_PT2",
  "BodyPartExamined": "HEAD",
  "PatientPosition": "HFS",
  "SoftwareVersions": "VG70A",
  "SeriesDescription": "PET_Brain",
  "ProtocolName": "PET_Brain",
  "ImageType": [
    "ORIGINAL",
    "PRIMARY"
  ],
  "SeriesNumber": 4,
  "AcquisitionTime": "14:55:3.000000",
  "AcquisitionNumber": 2001,
  "ImageComments": "_Frame_1_of_2_AC_CT_Brain_2.0_H19f_Volume_Scaled",
  "RadionuclidePositronFraction": 0.9673,
  "RadionuclideTotalDose": 3.663E+8,
  "RadionuclideHalfLife": 6586.2,
  "DoseCalibrationFactor": 3.30678E+7,
  "SliceThickness": 2,
  "MultibandAccelerationFactor": 111,
  "ReconMatrixPE": 128,
  "SliceTiming": [
    0,
    0,
    0,
    0,
    0,
    0,
    0,
    0,
    0,
    0,
    0,
    0,
    0,
    0,
    0,
    0,
    0,
    0,
    0,
    0,
    0,
    0,
    0,
    0,
    0,
    0,
    0,
    0,
    0,
    0,
    0,
    0,
    0,
    0,
    0,
    0,
    0,
    0,
    0,
    0,
    0,
    0,
    0,
    0,
    0,
    0,
    0,
    0,
    0,
    0,
    0,
    0,
    0,
    0,
    0,
    0,
    0,
    0,
    0,
    0,
    0,
    0,
    0,
    0,
    0,
    0,
    0,
    0,
    0,
    0,
    0,
    0,
    0,
    0,
    0,
    0,
    0,
    0,
    0,
    0,
    0,
    0,
    0,
    0,
    0,
    0,
    0,
    0,
    0,
    0,
    0,
    0,
    0,
    0,
    0,
    0,
    0,
    0,
    0,
    0,
    0,
    0,
    0,
    0,
    0,
    0,
    0,
    0,
    0,
    0,
    0
  ],
  "ImageOrientationPatientDICOM": [
    1,
    0,
    0,
    0,
    1,
    0
  ],
  "ConversionSoftware": "dcm2niix",
  "ConversionSoftwareVersion": "v1.0.20190902",
  "TracerName": "AV-45 florbetapir",
  "TracerRadionuclide": "F18",
  "InjectedRadioactivity": 7,
  "InjectedRadioactivityUnits": "mSV",
  "InjectedMass": 10,
  "InjectedMassUnits": "approximate mCi",
  "ModeOfAdministration": "bolus",
  "SpecificRadioactivity": "n/a",
  "SpecificRadioactivityUnits": "n/a",
  "TimeZero": "14:55:03",
  "InjectionStart": -3.0E+6,
  "FrameDuration": [
    300000,
    300000
  ],
  "Units": "Bq/mL",
  "ScanStart": 0,
  "ImageDecayCorrected": true,
  "ImageDecayCorrectionTime": 0,
  "AcquisitionMode": "dynamic",
  "ReconMethodName": "back-projection",
  "ReconMethodParameterLabels": [
    "subsets",
    "iterations"
  ],
  "ReconMethodParameterUnits": [
    "none",
    "none"
  ],
  "ReconMethodParameterValues": [
    21,
    4
  ],
  "ReconFilterType": "FWHM Gaussian",
  "ReconFilterSize": 3,
  "AttenuationCorrection": "measured,AC_CT",
  "FrameTimesStart": [
    0,
    300000
  ],
  "FrameDurationUnits": "ms"
}