{
  "Manufacturer": "Philips",
  "PatientPosition": "HFS",
  "SeriesDescription": "ImageMRSERIES",
  "ProtocolName": "WIPRestingState(Cross)SENSE",
  "SeriesNumber": 10,
  "AcquisitionNumber": 10,
  "ImageComments": "HippoWave3",
  "PhilipsRescaleSlope": 0.81197,
  "PhilipsRescaleIntercept": 0,
  "PhilipsScaleSlope": 0.00114876,
  "UsePhilipsFloatNotDisplayScaling": 1,
  "EchoTime": 0.025,
  "RepetitionTime": 2,
  "ReconMatrixPE": 64,
  "ImageOrientationPatientDICOM": [
    0.998929,
    -0.0336452,
    0.0317769,
    0.0336615,
    0.999433,
    2.3013E-5
  ],
  "ConversionSoftware": "dcm2niix",
  "ConversionSoftwareVersion": "v1.0.20181114  Clang4.0.1",
  "TaskName": "rest"
}