{
    "Manufacturer": "Philips",
    "PatientPosition": "HFS",
    "SeriesDescription": "ImageMRSERIES",
    "ProtocolName": "MPRAGE2100SENSE",
    "SeriesNumber": 10,
    "AcquisitionNumber": 10,
    "ImageComments": "HippoHC",
    "PhilipsRescaleSlope": 6.88132,
    "PhilipsRescaleIntercept": 0,
    "PhilipsScaleSlope": 0.000318607,
    "UsePhilipsFloatNotDisplayScaling": 1,
    "EchoTime": 0.00375,
    "RepetitionTime": 0.008179,
    "ImageOrientationPatientDICOM": [
        0.0549108,
        0.997455,
        -0.0454792,
        0.0378646,
        -0.0475953,
        -0.998149
    ],
    "ConversionSoftware": "dcm2niix",
    "ConversionSoftwareVersion": "v1.0.20220720"
}