{
  "Manufacturer": "Philips",
  "PatientPosition": "HFS",
  "SeriesDescription": "ImageMRSERIES",
  "ProtocolName": "WIPRestingStateSENSE",
  "SeriesNumber": 11,
  "AcquisitionNumber": 11,
  "ImageComments": "Hippo",
  "PhilipsRescaleSlope": 1.49035,
  "PhilipsRescaleIntercept": 0,
  "PhilipsScaleSlope": 0.000695726,
  "UsePhilipsFloatNotDisplayScaling": 1,
  "EchoTime": 0.025,
  "RepetitionTime": 2,
  "ImageOrientationPatientDICOM": [
    0.997548,
    0.0422097,
    -0.0558318,
    -0.0573435,
    0.950254,
    -0.306151
  ],
  "ConversionSoftware": "dcm2niix",
  "ConversionSoftwareVersion": "v1.0.20220720",
  "TaskName": "rest"
}