{
    "Manufacturer": "Philips",
    "PatientPosition": "HFS",
    "SeriesDescription": "ImageMRSERIES",
    "ProtocolName": "WIPT2W_FLAIR642.5nogapSENSE",
    "SeriesNumber": 11,
    "AcquisitionNumber": 11,
    "ImageComments": "Hippo",
    "PhilipsRescaleSlope": 6.29011,
    "PhilipsRescaleIntercept": 0,
    "PhilipsScaleSlope": 0.0194975,
    "UsePhilipsFloatNotDisplayScaling": 1,
    "EchoTime": 0.125,
    "RepetitionTime": 11,
    "InversionTime": 2.8,
    "ImageOrientationPatientDICOM": [
        0.998936,
        0.0198769,
        -0.04161,
        -0.0210992,
        0.999353,
        -0.029143
    ],
    "ConversionSoftware": "dcm2niix",
    "ConversionSoftwareVersion": "v1.0.20220720"
}