{
    "Manufacturer": "Philips",
    "PatientPosition": "HFS",
    "SeriesDescription": "ImageMRSERIES",
    "ProtocolName": "WIPT2W_FLAIR642.5nogapSENSE",
    "SeriesNumber": 10,
    "AcquisitionNumber": 10,
    "ImageComments": "HippoL",
    "PhilipsRescaleSlope": 5.379,
    "PhilipsRescaleIntercept": 0,
    "PhilipsScaleSlope": 0.0201712,
    "UsePhilipsFloatNotDisplayScaling": 1,
    "EchoTime": 0.125,
    "RepetitionTime": 11,
    "InversionTime": 2.8,
    "ReconMatrixPE": 512,
    "ImageOrientationPatientDICOM": [
        0.995315,
        0.0945809,
        0.0200373,
        -0.0946108,
        0.995514,
        0.000549802
    ],
    "ConversionSoftware": "dcm2niix",
    "ConversionSoftwareVersion": "v1.0.20181114  Clang4.0.1"
}