{
  "Manufacturer": "Philips",
  "PatientPosition": "HFS",
  "SeriesDescription": "ImageMRSERIES",
  "ProtocolName": "ASL94-5-27Slice12SENSE",
  "SeriesNumber": 20,
  "AcquisitionNumber": 20,
  "ImageComments": "HippoHC",
  "PhilipsRescaleSlope": 1.60513,
  "PhilipsRescaleIntercept": 0,
  "PhilipsScaleSlope": 0.000542413,
  "UsePhilipsFloatNotDisplayScaling": 1,
  "EchoTime": 0.01386,
  "RepetitionTime": 4.15085,
  "ImageOrientationPatientDICOM": [
    0.995397,
    0.0557909,
    -0.0779257,
    -0.0420676,
    0.984923,
    0.167799
  ],
  "ConversionSoftware": "dcm2niix",
  "ConversionSoftwareVersion": "v1.0.20220720",
  "ArterialSpinLabelingType": "PCASL",
  "PostLabelingDelay": 1.525,
  "BackgroundSuppression": false,
  "M0Type": "Absent",
  "RepetitionTimePreparation": 0.5,
  "VascularCrushing": false,
  "AcquisitionVoxelSize": [
    3,
    3,
    5
  ],
  "MRAcquisitionType": "3D",
  "MagneticFieldStrength": 3,
  "TotalAcquiredPairs": 30,
  "LabelingDuration": 1.65,
  "FlipAngle": 90,
  "PulseSequenceDetails": "WIP",
  "LabelingPulseFlipAngle": 18,
  "LabelingPulseDuration": 500
}