{
    "Manufacturer": "Philips",
    "PatientPosition": "HFS",
    "SeriesDescription": "ImageMRSERIES",
    "ProtocolName": "WIPDTI3minSENSE",
    "SeriesNumber": 14,
    "AcquisitionNumber": 14,
    "ImageComments": "HippoLMBHC",
    "PhilipsRescaleSlope": 3.76532,
    "PhilipsRescaleIntercept": 0,
    "PhilipsScaleSlope": 0.00127338,
    "UsePhilipsFloatNotDisplayScaling": 1,
    "EchoTime": 0.051,
    "RepetitionTime": 4.41,
    "ImageOrientationPatientDICOM": [
        0.999911,
        -0.0133397,
        0.000491643,
        0.0130896,
        0.972604,
        -0.232101
    ],
    "ConversionSoftware": "dcm2niix",
    "ConversionSoftwareVersion": "v1.0.20220720"
}