{
  "Manufacturer": "Philips",
  "PatientPosition": "HFS",
  "SeriesDescription": "ImageMRSERIES",
  "ProtocolName": "WIPHCBOLDSENSE",
  "SeriesNumber": 19,
  "AcquisitionNumber": 19,
  "ImageComments": "HippoLHC",
  "PhilipsRescaleSlope": 1.484,
  "PhilipsRescaleIntercept": 0,
  "PhilipsScaleSlope": 0.000755353,
  "UsePhilipsFloatNotDisplayScaling": 1,
  "EchoTime": 0.025,
  "RepetitionTime": 2,
  "ImageOrientationPatientDICOM": [
    0.994874,
    0.0908023,
    -0.0444979,
    -0.0908908,
    0.995861,
    3.43244E-5
  ],
  "ConversionSoftware": "dcm2niix",
  "ConversionSoftwareVersion": "v1.0.20220720",
  "TaskName": "Hypercapnia"
}