{
    "Manufacturer": "Philips",
    "PatientPosition": "HFS",
    "SeriesDescription": "ImageMRSERIES",
    "ProtocolName": "WIPDTI3minSENSE",
    "SeriesNumber": 17,
    "AcquisitionNumber": 17,
    "ImageComments": "Hippo_LMBHC",
    "PhilipsRescaleSlope": 4.4989,
    "PhilipsRescaleIntercept": 0,
    "PhilipsScaleSlope": 0.00134445,
    "UsePhilipsFloatNotDisplayScaling": 1,
    "EchoTime": 0.051,
    "RepetitionTime": 4.41,
    "ImageOrientationPatientDICOM": [
        0.998232,
        -0.0589527,
        -0.00753295,
        0.0589563,
        0.998261,
        0.000254447
    ],
    "ConversionSoftware": "dcm2niix",
    "ConversionSoftwareVersion": "v1.0.20220720"
}