{
    "Manufacturer": "Philips",
    "PatientPosition": "HFS",
    "SeriesDescription": "ImageMRSERIES",
    "ProtocolName": "WIPMPRAGE2100SENSE",
    "SeriesNumber": 11,
    "AcquisitionNumber": 11,
    "ImageComments": "HippoL",
    "PhilipsRescaleSlope": 4.81978,
    "PhilipsRescaleIntercept": 0,
    "PhilipsScaleSlope": 0.000357084,
    "UsePhilipsFloatNotDisplayScaling": 1,
    "EchoTime": 0.00374,
    "RepetitionTime": 0.008143,
    "ImageOrientationPatientDICOM": [
        0.0375158,
        0.996688,
        -0.0721495,
        -0.000174533,
        -0.0721938,
        -0.997391
    ],
    "ConversionSoftware": "dcm2niix",
    "ConversionSoftwareVersion": "v1.0.20220720"
}