{
    "Manufacturer": "Philips",
    "PatientPosition": "HFS",
    "SeriesDescription": "ImageMRSERIES",
    "ProtocolName": "WIPDTI_jones30_b1000_SPIRweakSENSE",
    "SeriesNumber": 3,
    "AcquisitionNumber": 3,
    "ImageComments": "HippoWave3",
    "PhilipsRescaleSlope": 13.8569,
    "PhilipsRescaleIntercept": 0,
    "PhilipsScaleSlope": 0.000784067,
    "UsePhilipsFloatNotDisplayScaling": 1,
    "EchoTime": 0.051,
    "RepetitionTime": 4.41,
    "ImageOrientationPatientDICOM": [
        0.997699,
        -0.0289534,
        0.0613064,
        0.0196794,
        0.98897,
        0.146803
    ],
    "ConversionSoftware": "dcm2niix",
    "ConversionSoftwareVersion": "v1.0.20220720"
}