{
  "Manufacturer": "Philips",
  "PatientPosition": "HFS",
  "SeriesDescription": "ImageMRSERIES",
  "ProtocolName": "ScenesSENSE(3)SENSE",
  "SeriesNumber": 13,
  "AcquisitionNumber": 13,
  "ImageComments": "HippoHC",
  "PhilipsRescaleSlope": 1.42393,
  "PhilipsRescaleIntercept": 0,
  "PhilipsScaleSlope": 0.000709872,
  "UsePhilipsFloatNotDisplayScaling": 1,
  "EchoTime": 0.025,
  "RepetitionTime": 2,
  "ImageOrientationPatientDICOM": [
    0.998734,
    0.0400735,
    0.0304166,
    -0.0401133,
    0.999195,
    0.000699752
  ],
  "ConversionSoftware": "dcm2niix",
  "ConversionSoftwareVersion": "v1.0.20220720",
  "TaskName": "Scenes"
}