{
  "Manufacturer": "Philips",
  "PatientPosition": "HFS",
  "SeriesDescription": "ImageMRSERIES",
  "ProtocolName": "WIPHCBOLDSENSE",
  "SeriesNumber": 13,
  "AcquisitionNumber": 13,
  "ImageComments": "HippoW3HC",
  "PhilipsRescaleSlope": 0.78144,
  "PhilipsRescaleIntercept": 0,
  "PhilipsScaleSlope": 0.00130286,
  "UsePhilipsFloatNotDisplayScaling": 1,
  "EchoTime": 0.025,
  "RepetitionTime": 2,
  "ReconMatrixPE": 64,
  "ImageOrientationPatientDICOM": [
    0.995434,
    0.0121597,
    -0.0946722,
    -0.0187657,
    0.997426,
    -0.069203
  ],
  "ConversionSoftware": "dcm2niix",
  "ConversionSoftwareVersion": "v1.0.20181114  Clang4.0.1",
  "TaskName": "Hypercapnia"
}