{
  "Manufacturer": "Philips",
  "PatientPosition": "HFS",
  "SeriesDescription": "ImageMRSERIES",
  "ProtocolName": "ASL94-5-27Slice12SENSE",
  "SeriesNumber": 20,
  "AcquisitionNumber": 20,
  "ImageComments": "HippoHC",
  "PhilipsRescaleSlope": 1.50085,
  "PhilipsRescaleIntercept": 0,
  "PhilipsScaleSlope": 0.000604926,
  "UsePhilipsFloatNotDisplayScaling": 1,
  "EchoTime": 0.01379,
  "RepetitionTime": 4.15085,
  "ImageOrientationPatientDICOM": [
    0.999651,
    0.0158781,
    -0.021117,
    -0.0158783,
    0.999874,
    0.000160864
  ],
  "ConversionSoftware": "dcm2niix",
  "ConversionSoftwareVersion": "v1.0.20220720",
  "ArterialSpinLabelingType": "PCASL",
  "PostLabelingDelay": 1.525,
  "BackgroundSuppression": false,
  "M0Type": "Absent",
  "RepetitionTimePreparation": 0.5,
  "VascularCrushing": false,
  "AcquisitionVoxelSize": [
    3,
    3,
    5
  ],
  "MRAcquisitionType": "3D",
  "MagneticFieldStrength": 3,
  "TotalAcquiredPairs": 30,
  "LabelingDuration": 1.65,
  "FlipAngle": 90,
  "PulseSequenceDetails": "WIP",
  "LabelingPulseFlipAngle": 18,
  "LabelingPulseDuration": 500
}