{
  "Manufacturer": "Philips",
  "PatientPosition": "HFS",
  "SeriesDescription": "ImageMRSERIES",
  "ProtocolName": "WIPRestingStateSENSE",
  "SeriesNumber": 16,
  "AcquisitionNumber": 16,
  "ImageComments": "HippoMBHC",
  "PhilipsRescaleSlope": 1.72576,
  "PhilipsRescaleIntercept": 0,
  "PhilipsScaleSlope": 0.000732558,
  "UsePhilipsFloatNotDisplayScaling": 1,
  "EchoTime": 0.025,
  "RepetitionTime": 2,
  "ImageOrientationPatientDICOM": [
    0.993875,
    0.106534,
    0.0293841,
    -0.103759,
    0.991074,
    -0.0837024
  ],
  "ConversionSoftware": "dcm2niix",
  "ConversionSoftwareVersion": "v1.0.20220720",
  "TaskName": "rest"
}