{
    "Manufacturer": "Philips",
    "PatientPosition": "HFS",
    "SeriesDescription": "ImageMRSERIES",
    "ProtocolName": "WIPMPRAGE2100SENSE",
    "SeriesNumber": 3,
    "AcquisitionNumber": 3,
    "ImageComments": "HippoHC",
    "PhilipsRescaleSlope": 6.03956,
    "PhilipsRescaleIntercept": 0,
    "PhilipsScaleSlope": 0.000355294,
    "UsePhilipsFloatNotDisplayScaling": 1,
    "EchoTime": 0.0037,
    "RepetitionTime": 0.00809,
    "ImageOrientationPatientDICOM": [
        0.0160542,
        0.999871,
        8.56109e-05,
        -0.0164054,
        0.000349019,
        -0.999865
    ],
    "ConversionSoftware": "dcm2niix",
    "ConversionSoftwareVersion": "v1.0.20220720"
}