{
    "Manufacturer": "Philips",
    "PatientPosition": "HFS",
    "SeriesDescription": "ImageMRSERIES",
    "ProtocolName": "DTI3minSENSE",
    "SeriesNumber": 15,
    "AcquisitionNumber": 15,
    "ImageComments": "HippoHC",
    "PhilipsRescaleSlope": 4.21758,
    "PhilipsRescaleIntercept": 0,
    "PhilipsScaleSlope": 0.00138702,
    "UsePhilipsFloatNotDisplayScaling": 1,
    "EchoTime": 0.051,
    "RepetitionTime": 4.41,
    "ReconMatrixPE": 128,
    "ImageOrientationPatientDICOM": [
        0.99983,
        -0.00906998,
        -0.0160588,
        0.00907442,
        0.999959,
        0.000203331
    ],
    "ConversionSoftware": "dcm2niix",
    "ConversionSoftwareVersion": "v1.0.20181114  Clang4.0.1"
}