{
  "Manufacturer": "Philips",
  "PatientPosition": "HFS",
  "SeriesDescription": "ImageMRSERIES",
  "ProtocolName": "WIPScenesSENSE(3)SENSE",
  "SeriesNumber": 9,
  "AcquisitionNumber": 9,
  "ImageComments": "Hippo",
  "PhilipsRescaleSlope": 1.28107,
  "PhilipsRescaleIntercept": 0,
  "PhilipsScaleSlope": 0.00069707,
  "UsePhilipsFloatNotDisplayScaling": 1,
  "EchoTime": 0.025,
  "RepetitionTime": 2,
  "ImageOrientationPatientDICOM": [
    0.999811,
    0.018137,
    -0.00696282,
    -0.0184991,
    0.998257,
    -0.0560508
  ],
  "ConversionSoftware": "dcm2niix",
  "ConversionSoftwareVersion": "v1.0.20220720",
  "TaskName": "Scenes"
}