{
  "Manufacturer": "Philips",
  "PatientPosition": "HFS",
  "SeriesDescription": "ImageMRSERIES",
  "ProtocolName": "ScenesSENSE(3)SENSE",
  "SeriesNumber": 11,
  "AcquisitionNumber": 11,
  "ImageComments": "HippoHC",
  "PhilipsRescaleSlope": 1.43272,
  "PhilipsRescaleIntercept": 0,
  "PhilipsScaleSlope": 0.000901798,
  "UsePhilipsFloatNotDisplayScaling": 1,
  "EchoTime": 0.025,
  "RepetitionTime": 2,
  "ImageOrientationPatientDICOM": [
    0.999591,
    -0.0283395,
    -0.00370854,
    0.0260006,
    0.955533,
    -0.293736
  ],
  "ConversionSoftware": "dcm2niix",
  "ConversionSoftwareVersion": "v1.0.20220720",
  "TaskName": "Scenes"
}