{
    "Manufacturer": "Philips",
    "PatientPosition": "HFS",
    "SeriesDescription": "ImageMRSERIES",
    "ProtocolName": "WIPDTI_jones30_b1000_SPIRweakSENSE",
    "SeriesNumber": 3,
    "AcquisitionNumber": 3,
    "ImageComments": "HippoW3HC",
    "PhilipsRescaleSlope": 12.6166,
    "PhilipsRescaleIntercept": 0,
    "PhilipsScaleSlope": 0.000973923,
    "UsePhilipsFloatNotDisplayScaling": 1,
    "EchoTime": 0.051,
    "RepetitionTime": 4.41,
    "ReconMatrixPE": 128,
    "ImageOrientationPatientDICOM": [
        0.998906,
        -0.0224771,
        -0.041013,
        0.0224939,
        0.999747,
        -5.0667e-05
    ],
    "ConversionSoftware": "dcm2niix",
    "ConversionSoftwareVersion": "v1.0.20181114  Clang4.0.1"
}