{
    "Manufacturer": "Philips",
    "PatientPosition": "HFS",
    "SeriesDescription": "ImageMRSERIES",
    "ProtocolName": "T2W_FLAIR642.5nogapSENSE",
    "SeriesNumber": 14,
    "AcquisitionNumber": 14,
    "ImageComments": "hippoHC",
    "PhilipsRescaleSlope": 15.3419,
    "PhilipsRescaleIntercept": 0,
    "PhilipsScaleSlope": 0.0199794,
    "UsePhilipsFloatNotDisplayScaling": 1,
    "EchoTime": 0.125,
    "RepetitionTime": 11,
    "InversionTime": 2.8,
    "ImageOrientationPatientDICOM": [
        0.995185,
        0.084856,
        -0.0490434,
        -0.0849676,
        0.996384,
        -0.000191924
    ],
    "ConversionSoftware": "dcm2niix",
    "ConversionSoftwareVersion": "v1.0.20220720"
}