{
    "Manufacturer": "Philips",
    "PatientPosition": "HFS",
    "SeriesDescription": "ImageMRSERIES",
    "ProtocolName": "WIPMPRAGE2100SENSE",
    "SeriesNumber": 6,
    "AcquisitionNumber": 6,
    "ImageComments": "Hippo",
    "PhilipsRescaleSlope": 6.89695,
    "PhilipsRescaleIntercept": 0,
    "PhilipsScaleSlope": 0.000323588,
    "UsePhilipsFloatNotDisplayScaling": 1,
    "EchoTime": 0.00374,
    "RepetitionTime": 0.008137,
    "ImageOrientationPatientDICOM": [
        0.011865,
        0.998385,
        -0.0555595,
        -0.0223384,
        -0.0552849,
        -0.998221
    ],
    "ConversionSoftware": "dcm2niix",
    "ConversionSoftwareVersion": "v1.0.20220720"
}