{
    "Manufacturer": "Philips",
    "PatientPosition": "HFS",
    "SeriesDescription": "ImageMRSERIES",
    "ProtocolName": "DTI3minSENSE",
    "SeriesNumber": 14,
    "AcquisitionNumber": 14,
    "ImageComments": "Hippo",
    "PhilipsRescaleSlope": 4.71209,
    "PhilipsRescaleIntercept": 0,
    "PhilipsScaleSlope": 0.00135942,
    "UsePhilipsFloatNotDisplayScaling": 1,
    "EchoTime": 0.051,
    "RepetitionTime": 4.41,
    "ImageOrientationPatientDICOM": [
        0.999071,
        0.0423988,
        -0.00767247,
        -0.0423975,
        0.999101,
        0.000325596
    ],
    "ConversionSoftware": "dcm2niix",
    "ConversionSoftwareVersion": "v1.0.20220720"
}