{
    "Manufacturer": "Philips",
    "PatientPosition": "HFS",
    "SeriesDescription": "ImageMRSERIES",
    "ProtocolName": "WIPMPRAGE2100SENSE",
    "SeriesNumber": 5,
    "AcquisitionNumber": 5,
    "ImageComments": "Hippo",
    "PhilipsRescaleSlope": 4.30623,
    "PhilipsRescaleIntercept": 0,
    "PhilipsScaleSlope": 0.000314974,
    "UsePhilipsFloatNotDisplayScaling": 1,
    "EchoTime": 0.00376,
    "RepetitionTime": 0.008181,
    "ImageOrientationPatientDICOM": [
        0.03698,
        0.996062,
        0.0805761,
        -0.0260025,
        0.081563,
        -0.996329
    ],
    "ConversionSoftware": "dcm2niix",
    "ConversionSoftwareVersion": "v1.0.20220720"
}