{
    "Manufacturer": "Philips",
    "PatientPosition": "HFS",
    "SeriesDescription": "ImageMRSERIES",
    "ProtocolName": "MPRAGE2100SENSE",
    "SeriesNumber": 9,
    "AcquisitionNumber": 9,
    "ImageComments": "HippoHC",
    "PhilipsRescaleSlope": 6.39048,
    "PhilipsRescaleIntercept": 0,
    "PhilipsScaleSlope": 0.000325338,
    "UsePhilipsFloatNotDisplayScaling": 1,
    "EchoTime": 0.00377,
    "RepetitionTime": 0.008203,
    "ImageOrientationPatientDICOM": [
        -0.01863,
        0.998215,
        -0.0567412,
        0.0685377,
        -0.0553425,
        -0.996112
    ],
    "ConversionSoftware": "dcm2niix",
    "ConversionSoftwareVersion": "v1.0.20220720"
}