{
  "Manufacturer": "Philips",
  "PatientPosition": "HFS",
  "SeriesDescription": "ImageMRSERIES",
  "ProtocolName": "LocSENSE",
  "SeriesNumber": 3,
  "AcquisitionNumber": 3,
  "ImageComments": "HippoHC",
  "PhilipsRescaleSlope": 1.43077,
  "PhilipsRescaleIntercept": 0,
  "PhilipsScaleSlope": 0.000650737,
  "UsePhilipsFloatNotDisplayScaling": 1,
  "EchoTime": 0.025,
  "RepetitionTime": 2,
  "ImageOrientationPatientDICOM": [
    0.999451,
    -0.0322843,
    0.0074953,
    0.0322821,
    0.999479,
    0.000416721
  ],
  "ConversionSoftware": "dcm2niix",
  "ConversionSoftwareVersion": "v1.0.20220720",
  "TaskName": "VentralVisual"
}