{
  "Manufacturer": "Philips",
  "PatientPosition": "HFS",
  "SeriesDescription": "ImageMRSERIES",
  "ProtocolName": "ScenesSENSE",
  "SeriesNumber": 7,
  "AcquisitionNumber": 7,
  "ImageComments": "HIPPO_HC",
  "PhilipsRescaleSlope": 1.47912,
  "PhilipsRescaleIntercept": 0,
  "PhilipsScaleSlope": 0.000878173,
  "UsePhilipsFloatNotDisplayScaling": 1,
  "EchoTime": 0.025,
  "RepetitionTime": 2,
  "ReconMatrixPE": 64,
  "ImageOrientationPatientDICOM": [
    0.999922,
    -0.0118538,
    0.00388292,
    0.0118679,
    0.999923,
    -0.00361936
  ],
  "ConversionSoftware": "dcm2niix",
  "ConversionSoftwareVersion": "v1.0.20181114  Clang4.0.1",
  "TaskName": "Scenes"
}