{
  "Manufacturer": "Philips",
  "PatientPosition": "HFS",
  "SeriesDescription": "ImageMRSERIES",
  "ProtocolName": "WIPHCBOLDSENSE",
  "SeriesNumber": 25,
  "AcquisitionNumber": 25,
  "ImageComments": "HippoMBHC",
  "PhilipsRescaleSlope": 1.70867,
  "PhilipsRescaleIntercept": 0,
  "PhilipsScaleSlope": 0.000735254,
  "UsePhilipsFloatNotDisplayScaling": 1,
  "EchoTime": 0.025,
  "RepetitionTime": 2,
  "ImageOrientationPatientDICOM": [
    0.998188,
    0,
    0.0601775,
    0,
    1,
    0
  ],
  "ConversionSoftware": "dcm2niix",
  "ConversionSoftwareVersion": "v1.0.20220720",
  "TaskName": "Hypercapnia"
}