{
    "Manufacturer": "Philips",
    "PatientPosition": "HFS",
    "SeriesDescription": "ImageMRSERIES",
    "ProtocolName": "WIPDTI3minSENSE",
    "SeriesNumber": 4,
    "AcquisitionNumber": 4,
    "ImageComments": "Hippo",
    "PhilipsRescaleSlope": 4.75946,
    "PhilipsRescaleIntercept": 0,
    "PhilipsScaleSlope": 0.00111369,
    "UsePhilipsFloatNotDisplayScaling": 1,
    "EchoTime": 0.051,
    "RepetitionTime": 4.41,
    "ImageOrientationPatientDICOM": [
        0.9999,
        -0.0124327,
        -0.00672618,
        0.0118676,
        0.996854,
        -0.0783704
    ],
    "ConversionSoftware": "dcm2niix",
    "ConversionSoftwareVersion": "v1.0.20220720"
}