{
    "Manufacturer": "Philips",
    "PatientPosition": "HFS",
    "SeriesDescription": "ImageMRSERIES",
    "ProtocolName": "WIPMPRAGE2100SENSE",
    "SeriesNumber": 10,
    "AcquisitionNumber": 10,
    "ImageComments": "Hippo",
    "PhilipsRescaleSlope": 5.64005,
    "PhilipsRescaleIntercept": 0,
    "PhilipsScaleSlope": 0.000376048,
    "UsePhilipsFloatNotDisplayScaling": 1,
    "EchoTime": 0.0037,
    "RepetitionTime": 0.00808,
    "ImageOrientationPatientDICOM": [
        0.00191961,
        0.999998,
        0.000379891,
        0.0160563,
        0.000349021,
        -0.999871
    ],
    "ConversionSoftware": "dcm2niix",
    "ConversionSoftwareVersion": "v1.0.20220720"
}