{
  "Manufacturer": "Philips",
  "PatientPosition": "HFS",
  "SeriesDescription": "ImageMRSERIES",
  "ProtocolName": "WIPWordsSENSE",
  "SeriesNumber": 4,
  "AcquisitionNumber": 4,
  "ImageComments": "HippoHCW3",
  "PhilipsRescaleSlope": 0.74652,
  "PhilipsRescaleIntercept": 0,
  "PhilipsScaleSlope": 0.00112356,
  "UsePhilipsFloatNotDisplayScaling": 1,
  "EchoTime": 0.025,
  "RepetitionTime": 2,
  "ImageOrientationPatientDICOM": [
    0.999939,
    0.0110628,
    7.33844E-5,
    -0.0109953,
    0.993068,
    0.117024
  ],
  "ConversionSoftware": "dcm2niix",
  "ConversionSoftwareVersion": "v1.0.20220720",
  "TaskName": "Words"
}