{
  "Manufacturer": "Philips",
  "PatientPosition": "HFS",
  "SeriesDescription": "ImageMRSERIES",
  "ProtocolName": "WIPASL27_Slice12_R5_ScreenOFFSENSE",
  "SeriesNumber": 12,
  "AcquisitionNumber": 12,
  "ImageComments": "HIPPO",
  "PhilipsRescaleSlope": 1.36801,
  "PhilipsRescaleIntercept": 0,
  "PhilipsScaleSlope": 0.000400434,
  "UsePhilipsFloatNotDisplayScaling": 1,
  "EchoTime": 0.0142,
  "RepetitionTime": 8.35828,
  "ImageOrientationPatientDICOM": [
    0.998197,
    0.0575028,
    -0.0171977,
    -0.0600032,
    0.96275,
    -0.263653
  ],
  "ConversionSoftware": "dcm2niix",
  "ConversionSoftwareVersion": "v1.0.20220720",
  "ArterialSpinLabelingType": "PCASL",
  "PostLabelingDelay": 1.525,
  "BackgroundSuppression": false,
  "M0Type": "Absent",
  "RepetitionTimePreparation": 0.5,
  "VascularCrushing": false,
  "AcquisitionVoxelSize": [
    3,
    3,
    5
  ],
  "MRAcquisitionType": "3D",
  "MagneticFieldStrength": 3,
  "TotalAcquiredPairs": 30,
  "LabelingDuration": 1.65,
  "FlipAngle": 90,
  "PulseSequenceDetails": "WIP",
  "LabelingPulseFlipAngle": 18,
  "LabelingPulseDuration": 500
}