{
  "Manufacturer": "Philips",
  "PatientPosition": "HFS",
  "SeriesDescription": "ImageMRSERIES",
  "ProtocolName": "WIPWordsSENSE",
  "SeriesNumber": 5,
  "AcquisitionNumber": 5,
  "ImageComments": "HippoHC",
  "PhilipsRescaleSlope": 1.49206,
  "PhilipsRescaleIntercept": 0,
  "PhilipsScaleSlope": 0.000556471,
  "UsePhilipsFloatNotDisplayScaling": 1,
  "EchoTime": 0.025,
  "RepetitionTime": 2,
  "ImageOrientationPatientDICOM": [
    0.999599,
    -0.0120884,
    -0.0255868,
    0.0111661,
    0.999294,
    -0.0358852
  ],
  "ConversionSoftware": "dcm2niix",
  "ConversionSoftwareVersion": "v1.0.20220720",
  "TaskName": "Words"
}