{
  "Manufacturer": "Philips",
  "PatientPosition": "HFS",
  "SeriesDescription": "ImageMRSERIES",
  "ProtocolName": "WIPASL94-5-27Slice12TR4185",
  "SeriesNumber": 12,
  "AcquisitionNumber": 12,
  "ImageComments": "HippoNewCohort",
  "PhilipsRescaleSlope": 1.34286,
  "PhilipsRescaleIntercept": 0,
  "PhilipsScaleSlope": 0.000525896,
  "UsePhilipsFloatNotDisplayScaling": 1,
  "EchoTime": 0.01392,
  "RepetitionTime": 8.35828,
  "ImageOrientationPatientDICOM": [
    0.999429,
    -0.0131327,
    0.0311377,
    0.019539,
    0.976339,
    -0.215361
  ],
  "ConversionSoftware": "dcm2niix",
  "ConversionSoftwareVersion": "v1.0.20220720",
  "ArterialSpinLabelingType": "PCASL",
  "PostLabelingDelay": 1.525,
  "BackgroundSuppression": false,
  "M0Type": "Absent",
  "RepetitionTimePreparation": 0.5,
  "VascularCrushing": false,
  "AcquisitionVoxelSize": [
    3,
    3,
    5
  ],
  "MRAcquisitionType": "3D",
  "MagneticFieldStrength": 3,
  "TotalAcquiredPairs": 30,
  "LabelingDuration": 1.65,
  "FlipAngle": 90,
  "PulseSequenceDetails": "WIP",
  "LabelingPulseFlipAngle": 18,
  "LabelingPulseDuration": 500
}