{
    "Manufacturer": "Philips",
    "PatientPosition": "HFS",
    "SeriesDescription": "ImageMRSERIES",
    "ProtocolName": "WIPMPRAGE2100SENSE",
    "SeriesNumber": 5,
    "AcquisitionNumber": 5,
    "ImageComments": "HippoHC",
    "PhilipsRescaleSlope": 5.64689,
    "PhilipsRescaleIntercept": 0,
    "PhilipsScaleSlope": 0.000368532,
    "UsePhilipsFloatNotDisplayScaling": 1,
    "EchoTime": 0.00369,
    "RepetitionTime": 0.008075,
    "ImageOrientationPatientDICOM": [
        0.0118676,
        0.99993,
        0.000257903,
        -0.00767937,
        0.000349056,
        -0.99997
    ],
    "ConversionSoftware": "dcm2niix",
    "ConversionSoftwareVersion": "v1.0.20220720"
}