{
    "Manufacturer": "Philips",
    "PatientPosition": "HFS",
    "SeriesDescription": "ImageMRSERIES",
    "ProtocolName": "WIPMPRAGE2100SENSE",
    "SeriesNumber": 14,
    "AcquisitionNumber": 14,
    "ImageComments": "Hippo",
    "PhilipsRescaleSlope": 4.69133,
    "PhilipsRescaleIntercept": 0,
    "PhilipsScaleSlope": 0.000370739,
    "UsePhilipsFloatNotDisplayScaling": 1,
    "EchoTime": 0.00369,
    "RepetitionTime": 0.008071,
    "ImageOrientationPatientDICOM": [
        0.0118678,
        0.999929,
        0.000407039,
        0.0048869,
        0.000349062,
        -0.999988
    ],
    "ConversionSoftware": "dcm2niix",
    "ConversionSoftwareVersion": "v1.0.20220720"
}