{
    "Manufacturer": "Philips",
    "PatientPosition": "HFS",
    "SeriesDescription": "ImageMRSERIES",
    "ProtocolName": "MPRAGE2100SENSE",
    "SeriesNumber": 9,
    "AcquisitionNumber": 9,
    "ImageComments": "HippoHC",
    "PhilipsRescaleSlope": 6.67961,
    "PhilipsRescaleIntercept": 0,
    "PhilipsScaleSlope": 0.000355084,
    "UsePhilipsFloatNotDisplayScaling": 1,
    "EchoTime": 0.00375,
    "RepetitionTime": 0.0082,
    "ImageOrientationPatientDICOM": [
        0.0785803,
        0.996413,
        -0.0314111,
        -0.0366437,
        -0.0286003,
        -0.998919
    ],
    "ConversionSoftware": "dcm2niix",
    "ConversionSoftwareVersion": "v1.0.20220720"
}