{
  "Manufacturer": "Philips",
  "PatientPosition": "HFS",
  "SeriesDescription": "ImageMRSERIES",
  "ProtocolName": "ScenesSENSE(2)SENSE",
  "SeriesNumber": 8,
  "AcquisitionNumber": 8,
  "ImageComments": "HippoHC",
  "PhilipsRescaleSlope": 1.4,
  "PhilipsRescaleIntercept": 0,
  "PhilipsScaleSlope": 0.000688452,
  "UsePhilipsFloatNotDisplayScaling": 1,
  "EchoTime": 0.025,
  "RepetitionTime": 2,
  "ReconMatrixPE": 64,
  "ImageOrientationPatientDICOM": [
    0.998247,
    0.0261232,
    -0.0531045,
    -0.0341618,
    0.98707,
    -0.156606
  ],
  "ConversionSoftware": "dcm2niix",
  "ConversionSoftwareVersion": "v1.0.20181114  Clang4.0.1",
  "TaskName": "Scenes"
}