{
    "Manufacturer": "Philips",
    "PatientPosition": "HFS",
    "SeriesDescription": "ImageMRSERIES",
    "ProtocolName": "WIPMPRAGE2100SENSE",
    "SeriesNumber": 7,
    "AcquisitionNumber": 7,
    "ImageComments": "Hippo",
    "PhilipsRescaleSlope": 4.96264,
    "PhilipsRescaleIntercept": 0,
    "PhilipsScaleSlope": 0.000388974,
    "UsePhilipsFloatNotDisplayScaling": 1,
    "EchoTime": 0.00373,
    "RepetitionTime": 0.008149,
    "ImageOrientationPatientDICOM": [
        -0.0760226,
        0.997106,
        -0.00013576,
        -0.00279252,
        -0.000349065,
        -0.999996
    ],
    "ConversionSoftware": "dcm2niix",
    "ConversionSoftwareVersion": "v1.0.20220720"
}