{
    "Manufacturer": "Philips",
    "PatientPosition": "HFS",
    "SeriesDescription": "ImageMRSERIES",
    "ProtocolName": "T2W_FLAIR642.5nogapSENSE",
    "SeriesNumber": 16,
    "AcquisitionNumber": 16,
    "ImageComments": "Hippo",
    "PhilipsRescaleSlope": 5.97485,
    "PhilipsRescaleIntercept": 0,
    "PhilipsScaleSlope": 0.0199173,
    "UsePhilipsFloatNotDisplayScaling": 1,
    "EchoTime": 0.125,
    "RepetitionTime": 11,
    "InversionTime": 2.8,
    "ImageOrientationPatientDICOM": [
        0.997983,
        0.0225838,
        -0.0593306,
        -0.0226474,
        0.999743,
        -0.000399378
    ],
    "ConversionSoftware": "dcm2niix",
    "ConversionSoftwareVersion": "v1.0.20220720"
}