{
    "Manufacturer": "Philips",
    "PatientPosition": "HFS",
    "SeriesDescription": "ImageMRSERIES",
    "ProtocolName": "DTI3minSENSE",
    "SeriesNumber": 15,
    "AcquisitionNumber": 15,
    "ImageComments": "Hippo",
    "PhilipsRescaleSlope": 4.35067,
    "PhilipsRescaleIntercept": 0,
    "PhilipsScaleSlope": 0.0013499,
    "UsePhilipsFloatNotDisplayScaling": 1,
    "EchoTime": 0.051,
    "RepetitionTime": 4.41,
    "ImageOrientationPatientDICOM": [
        0.996847,
        -0.0118953,
        0.0784494,
        0.0118314,
        0.999929,
        0.00128019
    ],
    "ConversionSoftware": "dcm2niix",
    "ConversionSoftwareVersion": "v1.0.20220720"
}