{
    "Manufacturer": "Philips",
    "PatientPosition": "HFS",
    "SeriesDescription": "ImageMRSERIES",
    "ProtocolName": "WIPT2W_FLAIR642.5nogapSENSE",
    "SeriesNumber": 11,
    "AcquisitionNumber": 11,
    "ImageComments": "Hippo",
    "PhilipsRescaleSlope": 5.42125,
    "PhilipsRescaleIntercept": 0,
    "PhilipsScaleSlope": 0.021468,
    "UsePhilipsFloatNotDisplayScaling": 1,
    "EchoTime": 0.125,
    "RepetitionTime": 11,
    "InversionTime": 2.8,
    "ImageOrientationPatientDICOM": [
        0.996236,
        -0.0694106,
        -0.0519179,
        0.0694889,
        0.997583,
        -0.000297174
    ],
    "ConversionSoftware": "dcm2niix",
    "ConversionSoftwareVersion": "v1.0.20220720"
}