{
    "Manufacturer": "Philips",
    "PatientPosition": "HFS",
    "SeriesDescription": "ImageMRSERIES",
    "ProtocolName": "WIPMPRAGE2100SENSE",
    "SeriesNumber": 6,
    "AcquisitionNumber": 6,
    "ImageComments": "Hippo",
    "PhilipsRescaleSlope": 5.87985,
    "PhilipsRescaleIntercept": 0,
    "PhilipsScaleSlope": 0.000389904,
    "UsePhilipsFloatNotDisplayScaling": 1,
    "EchoTime": 0.00376,
    "RepetitionTime": 0.008181,
    "ImageOrientationPatientDICOM": [
        0.0317508,
        0.995307,
        -0.0914052,
        0.0235598,
        -0.0921712,
        -0.995464
    ],
    "ConversionSoftware": "dcm2niix",
    "ConversionSoftwareVersion": "v1.0.20220720"
}