{
    "Manufacturer": "Philips",
    "PatientPosition": "HFS",
    "SeriesDescription": "ImageMRSERIES",
    "ProtocolName": "DTI3minSENSE",
    "SeriesNumber": 16,
    "AcquisitionNumber": 16,
    "ImageComments": "HippoHC",
    "PhilipsRescaleSlope": 4.9917,
    "PhilipsRescaleIntercept": 0,
    "PhilipsScaleSlope": 0.00134307,
    "UsePhilipsFloatNotDisplayScaling": 1,
    "EchoTime": 0.051,
    "RepetitionTime": 4.41,
    "ReconMatrixPE": 128,
    "ImageOrientationPatientDICOM": [
        0.999915,
        -0.0110064,
        0.00696564,
        0.0123914,
        0.968608,
        -0.248285
    ],
    "ConversionSoftware": "dcm2niix",
    "ConversionSoftwareVersion": "v1.0.20181114  Clang4.0.1"
}