{
  "Manufacturer": "Philips",
  "PatientPosition": "HFS",
  "SeriesDescription": "ImageMRSERIES",
  "ProtocolName": "WIPScenesSENSE(2)SENSE",
  "SeriesNumber": 8,
  "AcquisitionNumber": 8,
  "ImageComments": "Hippo",
  "PhilipsRescaleSlope": 1.43223,
  "PhilipsRescaleIntercept": 0,
  "PhilipsScaleSlope": 0.000708286,
  "UsePhilipsFloatNotDisplayScaling": 1,
  "EchoTime": 0.025,
  "RepetitionTime": 2,
  "ImageOrientationPatientDICOM": [
    0.994583,
    -0.0465138,
    0.0929562,
    0.0571731,
    0.991659,
    -0.115512
  ],
  "ConversionSoftware": "dcm2niix",
  "ConversionSoftwareVersion": "v1.0.20220720",
  "TaskName": "Scenes"
}