{
  "Manufacturer": "Philips",
  "PatientPosition": "HFS",
  "SeriesDescription": "ImageMRSERIES",
  "ProtocolName": "WIPRestingState(Cross)SENSE",
  "SeriesNumber": 2,
  "AcquisitionNumber": 2,
  "ImageComments": "HippoW3HC",
  "PhilipsRescaleSlope": 0.74945,
  "PhilipsRescaleIntercept": 0,
  "PhilipsScaleSlope": 0.0012239,
  "UsePhilipsFloatNotDisplayScaling": 1,
  "EchoTime": 0.025,
  "RepetitionTime": 2,
  "ImageOrientationPatientDICOM": [
    0.999742,
    3.64017E-5,
    -0.0227302,
    -0.0013959,
    0.99821,
    -0.0597974
  ],
  "ConversionSoftware": "dcm2niix",
  "ConversionSoftwareVersion": "v1.0.20220720",
  "TaskName": "rest"
}