{
  "Manufacturer": "Philips",
  "PatientPosition": "HFS",
  "SeriesDescription": "ImageMRSERIES",
  "ProtocolName": "HCBOLDSENSE",
  "SeriesNumber": 24,
  "AcquisitionNumber": 24,
  "ImageComments": "HippoHC",
  "PhilipsRescaleSlope": 1.84957,
  "PhilipsRescaleIntercept": 0,
  "PhilipsScaleSlope": 0.000682065,
  "UsePhilipsFloatNotDisplayScaling": 1,
  "EchoTime": 0.025,
  "RepetitionTime": 2,
  "ImageOrientationPatientDICOM": [
    0.997544,
    -0.00661574,
    0.0697356,
    0.0127103,
    0.996099,
    -0.0873175
  ],
  "ConversionSoftware": "dcm2niix",
  "ConversionSoftwareVersion": "v1.0.20220720",
  "TaskName": "Hypercapnia"
}