{
  "Manufacturer": "Philips",
  "PatientPosition": "HFS",
  "SeriesDescription": "ImageMRSERIES",
  "ProtocolName": "WordsSENSE",
  "SeriesNumber": 7,
  "AcquisitionNumber": 7,
  "ImageComments": "HippoHC",
  "PhilipsRescaleSlope": 1.5475,
  "PhilipsRescaleIntercept": 0,
  "PhilipsScaleSlope": 0.000699769,
  "UsePhilipsFloatNotDisplayScaling": 1,
  "EchoTime": 0.025,
  "RepetitionTime": 2,
  "ImageOrientationPatientDICOM": [
    0.997847,
    0.00316345,
    0.0655019,
    -0.000348314,
    0.999077,
    -0.0429448
  ],
  "ConversionSoftware": "dcm2niix",
  "ConversionSoftwareVersion": "v1.0.20220720",
  "TaskName": "Words"
}