{
    "Manufacturer": "Philips",
    "PatientPosition": "HFS",
    "SeriesDescription": "ImageMRSERIES",
    "ProtocolName": "MPRAGE2100SENSE",
    "SeriesNumber": 9,
    "AcquisitionNumber": 9,
    "ImageComments": "Hippo",
    "PhilipsRescaleSlope": 6.12796,
    "PhilipsRescaleIntercept": 0,
    "PhilipsScaleSlope": 0.00037174,
    "UsePhilipsFloatNotDisplayScaling": 1,
    "EchoTime": 0.00374,
    "RepetitionTime": 0.008175,
    "ImageOrientationPatientDICOM": [
        0.0927161,
        0.995691,
        0.00148383,
        0.0066322,
        0.000872645,
        -0.999978
    ],
    "ConversionSoftware": "dcm2niix",
    "ConversionSoftwareVersion": "v1.0.20220720"
}