{
  "Manufacturer": "Philips",
  "PatientPosition": "HFS",
  "SeriesDescription": "ImageMRSERIES",
  "ProtocolName": "WIPRestingStateSENSE",
  "SeriesNumber": 15,
  "AcquisitionNumber": 15,
  "ImageComments": "HippoHC",
  "PhilipsRescaleSlope": 2.33846,
  "PhilipsRescaleIntercept": 0,
  "PhilipsScaleSlope": 0.000723819,
  "UsePhilipsFloatNotDisplayScaling": 1,
  "EchoTime": 0.025,
  "RepetitionTime": 2,
  "ImageOrientationPatientDICOM": [
    0.998806,
    -0.00356328,
    0.0487223,
    0.00714743,
    0.997263,
    -0.0735877
  ],
  "ConversionSoftware": "dcm2niix",
  "ConversionSoftwareVersion": "v1.0.20220720",
  "TaskName": "rest"
}