{
  "Manufacturer": "Philips",
  "PatientPosition": "HFS",
  "SeriesDescription": "ImageMRSERIES",
  "ProtocolName": "WIPHCBOLDSENSE",
  "SeriesNumber": 18,
  "AcquisitionNumber": 18,
  "ImageComments": "HippoHC",
  "PhilipsRescaleSlope": 2.20488,
  "PhilipsRescaleIntercept": 0,
  "PhilipsScaleSlope": 0.000758218,
  "UsePhilipsFloatNotDisplayScaling": 1,
  "EchoTime": 0.025,
  "RepetitionTime": 2,
  "ImageOrientationPatientDICOM": [
    0.998482,
    2.19694E-5,
    0.0550838,
    0.00383391,
    0.997547,
    -0.0698937
  ],
  "ConversionSoftware": "dcm2niix",
  "ConversionSoftwareVersion": "v1.0.20220720",
  "TaskName": "Hypercapnia"
}