{
  "Manufacturer": "Philips",
  "PatientPosition": "HFS",
  "SeriesDescription": "ImageMRSERIES",
  "ProtocolName": "WIPScenesSENSE",
  "SeriesNumber": 6,
  "AcquisitionNumber": 6,
  "ImageComments": "HippoW3HC",
  "PhilipsRescaleSlope": 0.77167,
  "PhilipsRescaleIntercept": 0,
  "PhilipsScaleSlope": 0.000968682,
  "UsePhilipsFloatNotDisplayScaling": 1,
  "EchoTime": 0.025,
  "RepetitionTime": 2,
  "ReconMatrixPE": 64,
  "ImageOrientationPatientDICOM": [
    0.998031,
    -0.0440862,
    -0.0446176,
    0.0365961,
    0.98698,
    -0.156623
  ],
  "ConversionSoftware": "dcm2niix",
  "ConversionSoftwareVersion": "v1.0.20181114  Clang4.0.1",
  "TaskName": "Scenes"
}