{
    "Manufacturer": "Philips",
    "PatientPosition": "HFS",
    "SeriesDescription": "ImageMRSERIES",
    "ProtocolName": "MPRAGE2100SENSE",
    "SeriesNumber": 12,
    "AcquisitionNumber": 12,
    "ImageComments": "HippoHC",
    "PhilipsRescaleSlope": 6.43199,
    "PhilipsRescaleIntercept": 0,
    "PhilipsScaleSlope": 0.000335093,
    "UsePhilipsFloatNotDisplayScaling": 1,
    "EchoTime": 0.00374,
    "RepetitionTime": 0.008158,
    "ImageOrientationPatientDICOM": [
        -0.047973,
        0.997132,
        -0.0585359,
        -0.0146602,
        -0.0593,
        -0.998133
    ],
    "ConversionSoftware": "dcm2niix",
    "ConversionSoftwareVersion": "v1.0.20220720"
}