{
  "Manufacturer": "Philips",
  "PatientPosition": "HFS",
  "SeriesDescription": "ImageMRSERIES",
  "ProtocolName": "WIPLocSENSE",
  "SeriesNumber": 5,
  "AcquisitionNumber": 5,
  "ImageComments": "Hippo",
  "PhilipsRescaleSlope": 1.47692,
  "PhilipsRescaleIntercept": 0,
  "PhilipsScaleSlope": 0.000918398,
  "UsePhilipsFloatNotDisplayScaling": 1,
  "EchoTime": 0.025,
  "RepetitionTime": 2,
  "ImageOrientationPatientDICOM": [
    0.994809,
    -0.0918861,
    0.0437232,
    0.0919354,
    0.995765,
    0.00088571
  ],
  "ConversionSoftware": "dcm2niix",
  "ConversionSoftwareVersion": "v1.0.20220720",
  "TaskName": "VentralVisual"
}