{
    "Manufacturer": "Philips",
    "PatientPosition": "HFS",
    "SeriesDescription": "ImageMRSERIES",
    "ProtocolName": "WIPMPRAGE2100SENSE",
    "SeriesNumber": 11,
    "AcquisitionNumber": 11,
    "ImageComments": "HippoMBHC",
    "PhilipsRescaleSlope": 5.74823,
    "PhilipsRescaleIntercept": 0,
    "PhilipsScaleSlope": 0.000352192,
    "UsePhilipsFloatNotDisplayScaling": 1,
    "EchoTime": 0.00392,
    "RepetitionTime": 0.008384,
    "ImageOrientationPatientDICOM": [
        -0.0803722,
        0.920886,
        -0.381456,
        -0.00418878,
        -0.383003,
        -0.923738
    ],
    "ConversionSoftware": "dcm2niix",
    "ConversionSoftwareVersion": "v1.0.20220720"
}