{
    "Manufacturer": "Philips",
    "PatientPosition": "HFS",
    "SeriesDescription": "ImageMRSERIES",
    "ProtocolName": "WIPDTI3minSENSE",
    "SeriesNumber": 3,
    "AcquisitionNumber": 3,
    "ImageComments": "Hippo",
    "PhilipsRescaleSlope": 4.8928,
    "PhilipsRescaleIntercept": 0,
    "PhilipsScaleSlope": 0.00120097,
    "UsePhilipsFloatNotDisplayScaling": 1,
    "EchoTime": 0.051,
    "RepetitionTime": 4.41,
    "ImageOrientationPatientDICOM": [
        0.996786,
        0.0509785,
        -0.0617986,
        -0.0564271,
        0.994352,
        -0.0898904
    ],
    "ConversionSoftware": "dcm2niix",
    "ConversionSoftwareVersion": "v1.0.20220720"
}