{
  "Manufacturer": "Philips",
  "PatientPosition": "HFS",
  "SeriesDescription": "ImageMRSERIES",
  "ProtocolName": "WordsSENSE",
  "SeriesNumber": 5,
  "AcquisitionNumber": 5,
  "ImageComments": "HIPPO_HC",
  "PhilipsRescaleSlope": 2.14115,
  "PhilipsRescaleIntercept": 0,
  "PhilipsScaleSlope": 0.000916799,
  "UsePhilipsFloatNotDisplayScaling": 1,
  "EchoTime": 0.025,
  "RepetitionTime": 2,
  "ImageOrientationPatientDICOM": [
    0.999106,
    -0.0366327,
    -0.0211219,
    0.0366355,
    0.999329,
    -0.000250555
  ],
  "ConversionSoftware": "dcm2niix",
  "ConversionSoftwareVersion": "v1.0.20220720",
  "TaskName": "Words"
}