{
  "Manufacturer": "Philips",
  "PatientPosition": "HFS",
  "SeriesDescription": "ImageMRSERIES",
  "ProtocolName": "WIPHCBOLDSENSE",
  "SeriesNumber": 26,
  "AcquisitionNumber": 26,
  "ImageComments": "HipppoHCMB",
  "PhilipsRescaleSlope": 1.53675,
  "PhilipsRescaleIntercept": 0,
  "PhilipsScaleSlope": 0.000735458,
  "UsePhilipsFloatNotDisplayScaling": 1,
  "EchoTime": 0.025,
  "RepetitionTime": 2,
  "ImageOrientationPatientDICOM": [
    0.999603,
    -0.0255605,
    -0.0118504,
    0.0253026,
    0.99945,
    -0.0214236
  ],
  "ConversionSoftware": "dcm2niix",
  "ConversionSoftwareVersion": "v1.0.20220720",
  "TaskName": "Hypercapnia"
}