{
  "Manufacturer": "Philips",
  "PatientPosition": "HFS",
  "SeriesDescription": "ImageMRSERIES",
  "ProtocolName": "WIPLocSENSE",
  "SeriesNumber": 3,
  "AcquisitionNumber": 3,
  "ImageComments": "Hippo_L(NoHC)",
  "PhilipsRescaleSlope": 1.60659,
  "PhilipsRescaleIntercept": 0,
  "PhilipsScaleSlope": 0.000757201,
  "UsePhilipsFloatNotDisplayScaling": 1,
  "EchoTime": 0.025,
  "RepetitionTime": 2,
  "ImageOrientationPatientDICOM": [
    0.9973,
    0.00876111,
    0.0729041,
    -0.00887738,
    0.99996,
    0.00127099
  ],
  "ConversionSoftware": "dcm2niix",
  "ConversionSoftwareVersion": "v1.0.20220720",
  "TaskName": "VentralVisual"
}