{
    "Manufacturer": "Philips",
    "PatientPosition": "HFS",
    "SeriesDescription": "ImageMRSERIES",
    "ProtocolName": "WIPT2W_FLAIR642.5nogapSENSE",
    "SeriesNumber": 16,
    "AcquisitionNumber": 16,
    "ImageComments": "Hippo",
    "PhilipsRescaleSlope": 7.70598,
    "PhilipsRescaleIntercept": 0,
    "PhilipsScaleSlope": 0.0184789,
    "UsePhilipsFloatNotDisplayScaling": 1,
    "EchoTime": 0.125,
    "RepetitionTime": 11,
    "InversionTime": 2.8,
    "ImageOrientationPatientDICOM": [
        0.99812,
        -0.0405185,
        0.045992,
        0.0427062,
        0.997952,
        -0.0476245
    ],
    "ConversionSoftware": "dcm2niix",
    "ConversionSoftwareVersion": "v1.0.20220720"
}