{
    "Manufacturer": "Philips",
    "PatientPosition": "HFS",
    "SeriesDescription": "ImageMRSERIES",
    "ProtocolName": "WIPDTI_jones30_b1000_SPIRweakSENSE",
    "SeriesNumber": 3,
    "AcquisitionNumber": 3,
    "ImageComments": "HippoW3HC",
    "PhilipsRescaleSlope": 11.7834,
    "PhilipsRescaleIntercept": 0,
    "PhilipsScaleSlope": 0.000949789,
    "UsePhilipsFloatNotDisplayScaling": 1,
    "EchoTime": 0.051,
    "RepetitionTime": 4.41,
    "ImageOrientationPatientDICOM": [
        0.999949,
        0.00981443,
        0.00257556,
        -0.00907549,
        0.978604,
        -0.205553
    ],
    "ConversionSoftware": "dcm2niix",
    "ConversionSoftwareVersion": "v1.0.20220720"
}