{
  "Manufacturer": "Philips",
  "PatientPosition": "HFS",
  "SeriesDescription": "ImageMRSERIES",
  "ProtocolName": "WIPHCBOLDSENSE",
  "SeriesNumber": 24,
  "AcquisitionNumber": 24,
  "ImageComments": "HippoLMBHC",
  "PhilipsRescaleSlope": 1.26422,
  "PhilipsRescaleIntercept": 0,
  "PhilipsScaleSlope": 0.000647725,
  "UsePhilipsFloatNotDisplayScaling": 1,
  "EchoTime": 0.025,
  "RepetitionTime": 2,
  "ImageOrientationPatientDICOM": [
    0.999654,
    -2.00514E-6,
    0.026286,
    0.00488527,
    0.982592,
    -0.185712
  ],
  "ConversionSoftware": "dcm2niix",
  "ConversionSoftwareVersion": "v1.0.20220720",
  "TaskName": "Hypercapnia"
}