{
    "Manufacturer": "Philips",
    "PatientPosition": "HFS",
    "SeriesDescription": "ImageMRSERIES",
    "ProtocolName": "WIPMPRAGE2100SENSE",
    "SeriesNumber": 5,
    "AcquisitionNumber": 5,
    "ImageComments": "HippoNC",
    "PhilipsRescaleSlope": 4.77192,
    "PhilipsRescaleIntercept": 0,
    "PhilipsScaleSlope": 0.000329216,
    "UsePhilipsFloatNotDisplayScaling": 1,
    "EchoTime": 0.00374,
    "RepetitionTime": 0.008141,
    "ImageOrientationPatientDICOM": [
        0.0172775,
        0.996967,
        0.0758883,
        -0.00715579,
        0.076021,
        -0.997081
    ],
    "ConversionSoftware": "dcm2niix",
    "ConversionSoftwareVersion": "v1.0.20220720"
}