{
  "Manufacturer": "Philips",
  "PatientPosition": "HFS",
  "SeriesDescription": "ImageMRSERIES",
  "ProtocolName": "HCBOLDSENSE",
  "SeriesNumber": 21,
  "AcquisitionNumber": 21,
  "ImageComments": "HippoHC",
  "PhilipsRescaleSlope": 2.09524,
  "PhilipsRescaleIntercept": 0,
  "PhilipsScaleSlope": 0.000885861,
  "UsePhilipsFloatNotDisplayScaling": 1,
  "EchoTime": 0.025,
  "RepetitionTime": 2,
  "ImageOrientationPatientDICOM": [
    0.991639,
    0.111744,
    -0.0645345,
    -0.128264,
    0.908341,
    -0.398077
  ],
  "ConversionSoftware": "dcm2niix",
  "ConversionSoftwareVersion": "v1.0.20220720",
  "TaskName": "Hypercapnia"
}