{
  "Manufacturer": "Philips",
  "PatientPosition": "HFS",
  "SeriesDescription": "ImageMRSERIES",
  "ProtocolName": "LocSENSE(2)SENSE",
  "SeriesNumber": 4,
  "AcquisitionNumber": 4,
  "ImageComments": "hippohc",
  "PhilipsRescaleSlope": 1.41587,
  "PhilipsRescaleIntercept": 0,
  "PhilipsScaleSlope": 0.000737417,
  "UsePhilipsFloatNotDisplayScaling": 1,
  "EchoTime": 0.025,
  "RepetitionTime": 2,
  "ImageOrientationPatientDICOM": [
    0.996655,
    -0.080655,
    -0.0132024,
    0.0814146,
    0.993931,
    0.0739754
  ],
  "ConversionSoftware": "dcm2niix",
  "ConversionSoftwareVersion": "v1.0.20220720",
  "TaskName": "VentralVisual"
}