{
    "Manufacturer": "Philips",
    "PatientPosition": "HFS",
    "SeriesDescription": "ImageMRSERIES",
    "ProtocolName": "MPRAGE2100SENSE",
    "SeriesNumber": 9,
    "AcquisitionNumber": 9,
    "ImageComments": "HippoHC",
    "PhilipsRescaleSlope": 6.75531,
    "PhilipsRescaleIntercept": 0,
    "PhilipsScaleSlope": 0.000329461,
    "UsePhilipsFloatNotDisplayScaling": 1,
    "EchoTime": 0.00371,
    "RepetitionTime": 0.008096,
    "ImageOrientationPatientDICOM": [
        0.00471201,
        0.999583,
        -0.0285031,
        -0.0123915,
        -0.0284428,
        -0.999519
    ],
    "ConversionSoftware": "dcm2niix",
    "ConversionSoftwareVersion": "v1.0.20220720"
}