{
    "Manufacturer": "Philips",
    "PatientPosition": "HFS",
    "SeriesDescription": "ImageMRSERIES",
    "ProtocolName": "MPRAGE2100SENSE",
    "SeriesNumber": 11,
    "AcquisitionNumber": 11,
    "ImageComments": "HippoHC",
    "PhilipsRescaleSlope": 6.0315,
    "PhilipsRescaleIntercept": 0,
    "PhilipsScaleSlope": 0.000366809,
    "UsePhilipsFloatNotDisplayScaling": 1,
    "EchoTime": 0.00375,
    "RepetitionTime": 0.008191,
    "ImageOrientationPatientDICOM": [
        -0.0796711,
        0.993504,
        -0.081261,
        0.012217,
        -0.0805408,
        -0.996676
    ],
    "ConversionSoftware": "dcm2niix",
    "ConversionSoftwareVersion": "v1.0.20220720"
}