{
    "Manufacturer": "Philips",
    "PatientPosition": "HFS",
    "SeriesDescription": "ImageMRSERIES",
    "ProtocolName": "WIPMPRAGE2100SENSE",
    "SeriesNumber": 5,
    "AcquisitionNumber": 5,
    "ImageComments": "Hippo",
    "PhilipsRescaleSlope": 4.52039,
    "PhilipsRescaleIntercept": 0,
    "PhilipsScaleSlope": 0.000349471,
    "UsePhilipsFloatNotDisplayScaling": 1,
    "EchoTime": 0.00386,
    "RepetitionTime": 0.00832,
    "ImageOrientationPatientDICOM": [
        -0.0597566,
        0.975592,
        -0.211306,
        -0.0491984,
        -0.214305,
        -0.975527
    ],
    "ConversionSoftware": "dcm2niix",
    "ConversionSoftwareVersion": "v1.0.20220720"
}