{
    "Manufacturer": "Philips",
    "PatientPosition": "HFS",
    "SeriesDescription": "ImageMRSERIES",
    "ProtocolName": "WIPDTI3minSENSE",
    "SeriesNumber": 4,
    "AcquisitionNumber": 4,
    "ImageComments": "HippoNC",
    "PhilipsRescaleSlope": 3.58046,
    "PhilipsRescaleIntercept": 0,
    "PhilipsScaleSlope": 0.0011713,
    "UsePhilipsFloatNotDisplayScaling": 1,
    "EchoTime": 0.051,
    "RepetitionTime": 4.41,
    "ImageOrientationPatientDICOM": [
        0.999925,
        -0.0118669,
        -0.00297099,
        0.0118679,
        0.999929,
        0.000313828
    ],
    "ConversionSoftware": "dcm2niix",
    "ConversionSoftwareVersion": "v1.0.20220720"
}