{
    "Manufacturer": "Philips",
    "PatientPosition": "HFS",
    "SeriesDescription": "ImageMRSERIES",
    "ProtocolName": "WIPDTI3minSENSE",
    "SeriesNumber": 4,
    "AcquisitionNumber": 4,
    "ImageComments": "NFL",
    "PhilipsRescaleSlope": 4.03858,
    "PhilipsRescaleIntercept": 0,
    "PhilipsScaleSlope": 0.00146337,
    "UsePhilipsFloatNotDisplayScaling": 1,
    "EchoTime": 0.051,
    "RepetitionTime": 4.41,
    "ImageOrientationPatientDICOM": [
        0.999925,
        -0.0118669,
        -0.00314551,
        0.0118679,
        0.999929,
        0.000311757
    ],
    "ConversionSoftware": "dcm2niix",
    "ConversionSoftwareVersion": "v1.0.20220720"
}