{
    "Manufacturer": "Philips",
    "PatientPosition": "HFS",
    "SeriesDescription": "ImageMRSERIES",
    "ProtocolName": "WIPMPRAGE2100SENSE",
    "SeriesNumber": 11,
    "AcquisitionNumber": 11,
    "ImageComments": "HippoMBHC",
    "PhilipsRescaleSlope": 5.8254,
    "PhilipsRescaleIntercept": 0,
    "PhilipsScaleSlope": 0.000388673,
    "UsePhilipsFloatNotDisplayScaling": 1,
    "EchoTime": 0.00373,
    "RepetitionTime": 0.008144,
    "ImageOrientationPatientDICOM": [
        -0.0408101,
        0.999167,
        3.3278e-05,
        -0.030713,
        -0.00122115,
        -0.999527
    ],
    "ConversionSoftware": "dcm2niix",
    "ConversionSoftwareVersion": "v1.0.20220720"
}