{
    "Manufacturer": "Philips",
    "PatientPosition": "HFS",
    "SeriesDescription": "ImageMRSERIES",
    "ProtocolName": "WIPMPRAGE2100SENSE",
    "SeriesNumber": 12,
    "AcquisitionNumber": 12,
    "ImageComments": "HippoHCMB",
    "PhilipsRescaleSlope": 5.61807,
    "PhilipsRescaleIntercept": 0,
    "PhilipsScaleSlope": 0.000385063,
    "UsePhilipsFloatNotDisplayScaling": 1,
    "EchoTime": 0.00376,
    "RepetitionTime": 0.008159,
    "ImageOrientationPatientDICOM": [
        -0.0211167,
        0.994544,
        -0.102161,
        -0.00418878,
        -0.102271,
        -0.994748
    ],
    "ConversionSoftware": "dcm2niix",
    "ConversionSoftwareVersion": "v1.0.20220720"
}