{
    "Manufacturer": "Philips",
    "PatientPosition": "HFS",
    "SeriesDescription": "ImageMRSERIES",
    "ProtocolName": "WIPDTI3minSENSE",
    "SeriesNumber": 14,
    "AcquisitionNumber": 14,
    "ImageComments": "HippoLC",
    "PhilipsRescaleSlope": 4.98266,
    "PhilipsRescaleIntercept": 0,
    "PhilipsScaleSlope": 0.00134245,
    "UsePhilipsFloatNotDisplayScaling": 1,
    "EchoTime": 0.051,
    "RepetitionTime": 4.41,
    "ImageOrientationPatientDICOM": [
        0.998474,
        0.0165155,
        -0.0526975,
        -0.0165568,
        0.999863,
        -0.00034806
    ],
    "ConversionSoftware": "dcm2niix",
    "ConversionSoftwareVersion": "v1.0.20220720"
}