{
    "Manufacturer": "Philips",
    "PatientPosition": "HFS",
    "SeriesDescription": "ImageMRSERIES",
    "ProtocolName": "DTI3minSENSE",
    "SeriesNumber": 17,
    "AcquisitionNumber": 17,
    "ImageComments": "HippoHC",
    "PhilipsRescaleSlope": 4.80977,
    "PhilipsRescaleIntercept": 0,
    "PhilipsScaleSlope": 0.00125959,
    "UsePhilipsFloatNotDisplayScaling": 1,
    "EchoTime": 0.051,
    "RepetitionTime": 4.41,
    "ImageOrientationPatientDICOM": [
        0.996241,
        0.0191081,
        -0.084495,
        -0.0248695,
        0.997398,
        -0.0676689
    ],
    "ConversionSoftware": "dcm2niix",
    "ConversionSoftwareVersion": "v1.0.20220720"
}