{
    "Manufacturer": "Philips",
    "PatientPosition": "HFS",
    "SeriesDescription": "ImageMRSERIES",
    "ProtocolName": "WIPMPRAGE2100SENSE",
    "SeriesNumber": 5,
    "AcquisitionNumber": 5,
    "ImageComments": "Hippo",
    "PhilipsRescaleSlope": 4.26227,
    "PhilipsRescaleIntercept": 0,
    "PhilipsScaleSlope": 0.00032942,
    "UsePhilipsFloatNotDisplayScaling": 1,
    "EchoTime": 0.00377,
    "RepetitionTime": 0.008213,
    "ImageOrientationPatientDICOM": [
        0.042665,
        0.997384,
        -0.0583433,
        0.0620937,
        -0.0609307,
        -0.996209
    ],
    "ConversionSoftware": "dcm2niix",
    "ConversionSoftwareVersion": "v1.0.20220720"
}