{
  "Manufacturer": "Philips",
  "PatientPosition": "HFS",
  "SeriesDescription": "ImageMRSERIES",
  "ProtocolName": "WordsSENSE",
  "SeriesNumber": 6,
  "AcquisitionNumber": 6,
  "ImageComments": "HippoHC",
  "PhilipsRescaleSlope": 1.97827,
  "PhilipsRescaleIntercept": 0,
  "PhilipsScaleSlope": 0.000936604,
  "UsePhilipsFloatNotDisplayScaling": 1,
  "EchoTime": 0.025,
  "RepetitionTime": 2,
  "ImageOrientationPatientDICOM": [
    0.998214,
    -0.0576782,
    0.0155334,
    0.0579063,
    0.998214,
    -0.0146578
  ],
  "ConversionSoftware": "dcm2niix",
  "ConversionSoftwareVersion": "v1.0.20220720",
  "TaskName": "Words"
}