{
    "Manufacturer": "Philips",
    "PatientPosition": "HFS",
    "SeriesDescription": "ImageMRSERIES",
    "ProtocolName": "MPRAGE2100SENSE",
    "SeriesNumber": 9,
    "AcquisitionNumber": 9,
    "ImageComments": "HippoHC",
    "PhilipsRescaleSlope": 5.74945,
    "PhilipsRescaleIntercept": 0,
    "PhilipsScaleSlope": 0.000384683,
    "UsePhilipsFloatNotDisplayScaling": 1,
    "EchoTime": 0.00374,
    "RepetitionTime": 0.00813,
    "ImageOrientationPatientDICOM": [
        0.0118676,
        0.997573,
        0.068616,
        -0.00767937,
        0.0687098,
        -0.997607
    ],
    "ConversionSoftware": "dcm2niix",
    "ConversionSoftwareVersion": "v1.0.20220720"
}