{
  "Manufacturer": "Philips",
  "PatientPosition": "HFS",
  "SeriesDescription": "ImageMRSERIES",
  "ProtocolName": "LocSENSE(2)SENSE",
  "SeriesNumber": 4,
  "AcquisitionNumber": 4,
  "ImageComments": "HippoHC",
  "PhilipsRescaleSlope": 1.30379,
  "PhilipsRescaleIntercept": 0,
  "PhilipsScaleSlope": 0.000818744,
  "UsePhilipsFloatNotDisplayScaling": 1,
  "EchoTime": 0.025,
  "RepetitionTime": 2,
  "ImageOrientationPatientDICOM": [
    0.99977,
    -0.0117749,
    0.0179214,
    0.0116915,
    0.99992,
    0.00474773
  ],
  "ConversionSoftware": "dcm2niix",
  "ConversionSoftwareVersion": "v1.0.20220720",
  "TaskName": "VentralVisual"
}