{
    "Manufacturer": "Philips",
    "PatientPosition": "HFS",
    "SeriesDescription": "ImageMRSERIES",
    "ProtocolName": "MPRAGE2100SENSE",
    "SeriesNumber": 12,
    "AcquisitionNumber": 12,
    "ImageComments": "HippoHC",
    "PhilipsRescaleSlope": 5.58144,
    "PhilipsRescaleIntercept": 0,
    "PhilipsScaleSlope": 0.000365079,
    "UsePhilipsFloatNotDisplayScaling": 1,
    "EchoTime": 0.0037,
    "RepetitionTime": 0.008101,
    "ImageOrientationPatientDICOM": [
        0.0190182,
        0.999819,
        0.000599443,
        0.0223384,
        0.000174489,
        -0.99975
    ],
    "ConversionSoftware": "dcm2niix",
    "ConversionSoftwareVersion": "v1.0.20220720"
}