{
    "Manufacturer": "Philips",
    "PatientPosition": "HFS",
    "SeriesDescription": "ImageMRSERIES",
    "ProtocolName": "WIPMPRAGE2100SENSE",
    "SeriesNumber": 5,
    "AcquisitionNumber": 5,
    "ImageComments": "Hippo",
    "PhilipsRescaleSlope": 4.35629,
    "PhilipsRescaleIntercept": 0,
    "PhilipsScaleSlope": 0.000326577,
    "UsePhilipsFloatNotDisplayScaling": 1,
    "EchoTime": 0.00392,
    "RepetitionTime": 0.008395,
    "ImageOrientationPatientDICOM": [
        -0.044242,
        0.940005,
        -0.338281,
        -0.0580867,
        -0.34046,
        -0.938463
    ],
    "ConversionSoftware": "dcm2niix",
    "ConversionSoftwareVersion": "v1.0.20220720"
}