{
    "Manufacturer": "Philips",
    "PatientPosition": "HFS",
    "SeriesDescription": "ImageMRSERIES",
    "ProtocolName": "MPRAGE2100SENSE",
    "SeriesNumber": 11,
    "AcquisitionNumber": 11,
    "ImageComments": "HippoHC",
    "PhilipsRescaleSlope": 6.10232,
    "PhilipsRescaleIntercept": 0,
    "PhilipsScaleSlope": 0.000312945,
    "UsePhilipsFloatNotDisplayScaling": 1,
    "EchoTime": 0.00384,
    "RepetitionTime": 0.008255,
    "ImageOrientationPatientDICOM": [
        -0.00889855,
        0.97535,
        -0.220483,
        -0.0237342,
        -0.220635,
        -0.975068
    ],
    "ConversionSoftware": "dcm2niix",
    "ConversionSoftwareVersion": "v1.0.20220720"
}