{
    "Manufacturer": "Philips",
    "PatientPosition": "HFS",
    "SeriesDescription": "ImageMRSERIES",
    "ProtocolName": "WIPT2W_FLAIR642.5nogapSENSE",
    "SeriesNumber": 10,
    "AcquisitionNumber": 10,
    "ImageComments": "Hippo",
    "PhilipsRescaleSlope": 15.2029,
    "PhilipsRescaleIntercept": 0,
    "PhilipsScaleSlope": 0.0184069,
    "UsePhilipsFloatNotDisplayScaling": 1,
    "EchoTime": 0.125,
    "RepetitionTime": 11,
    "InversionTime": 2.8,
    "ImageOrientationPatientDICOM": [
        0.998797,
        0.0475419,
        0.0119873,
        -0.0471021,
        0.99829,
        -0.0346305
    ],
    "ConversionSoftware": "dcm2niix",
    "ConversionSoftwareVersion": "v1.0.20220720"
}