{
    "Manufacturer": "Philips",
    "PatientPosition": "HFS",
    "SeriesDescription": "ImageMRSERIES",
    "ProtocolName": "MPRAGE2100SENSE",
    "SeriesNumber": 11,
    "AcquisitionNumber": 11,
    "ImageComments": "HippoHC",
    "PhilipsRescaleSlope": 6.62686,
    "PhilipsRescaleIntercept": 0,
    "PhilipsScaleSlope": 0.000339694,
    "UsePhilipsFloatNotDisplayScaling": 1,
    "EchoTime": 0.0037,
    "RepetitionTime": 0.008098,
    "ImageOrientationPatientDICOM": [
        0.0233826,
        0.999726,
        0.000704047,
        0.0151838,
        0.000349026,
        -0.999885
    ],
    "ConversionSoftware": "dcm2niix",
    "ConversionSoftwareVersion": "v1.0.20220720"
}