{
  "Manufacturer": "Philips",
  "PatientPosition": "HFS",
  "SeriesDescription": "ImageMRSERIES",
  "ProtocolName": "WIPScenesSENSE",
  "SeriesNumber": 6,
  "AcquisitionNumber": 6,
  "ImageComments": "HippoNC",
  "PhilipsRescaleSlope": 0.75092,
  "PhilipsRescaleIntercept": 0,
  "PhilipsScaleSlope": 0.00155273,
  "UsePhilipsFloatNotDisplayScaling": 1,
  "EchoTime": 0.025,
  "RepetitionTime": 2,
  "ImageOrientationPatientDICOM": [
    0.997673,
    -0.0118445,
    -0.067144,
    0.0118412,
    0.99993,
    -0.000447828
  ],
  "ConversionSoftware": "dcm2niix",
  "ConversionSoftwareVersion": "v1.0.20220720",
  "TaskName": "Scenes"
}