{
    "Manufacturer": "Philips",
    "PatientPosition": "HFS",
    "SeriesDescription": "ImageMRSERIES",
    "ProtocolName": "T2W_FLAIRCLEAR",
    "SeriesNumber": 14,
    "AcquisitionNumber": 14,
    "ImageComments": "Hippo",
    "PhilipsRescaleSlope": 5.25714,
    "PhilipsRescaleIntercept": 0,
    "PhilipsScaleSlope": 0.019269,
    "UsePhilipsFloatNotDisplayScaling": 1,
    "EchoTime": 0.125,
    "RepetitionTime": 11,
    "InversionTime": 2.8,
    "ImageOrientationPatientDICOM": [
        0.996672,
        -0.0476192,
        -0.0661574,
        0.0476993,
        0.998862,
        -0.000370476
    ],
    "ConversionSoftware": "dcm2niix",
    "ConversionSoftwareVersion": "v1.0.20220720"
}