{
  "Manufacturer": "Philips",
  "PatientPosition": "HFS",
  "SeriesDescription": "ImageMRSERIES",
  "ProtocolName": "ASL94-5-27Slice12SENSE",
  "SeriesNumber": 18,
  "AcquisitionNumber": 18,
  "ImageComments": "HIPPOHC",
  "PhilipsRescaleSlope": 1.26667,
  "PhilipsRescaleIntercept": 0,
  "PhilipsScaleSlope": 0.000704136,
  "UsePhilipsFloatNotDisplayScaling": 1,
  "EchoTime": 0.01388,
  "RepetitionTime": 4.15085,
  "ImageOrientationPatientDICOM": [
    0.999935,
    -0.0107817,
    -0.00359269,
    0.0111699,
    0.990665,
    0.135857
  ],
  "ConversionSoftware": "dcm2niix",
  "ConversionSoftwareVersion": "v1.0.20220720",
  "ArterialSpinLabelingType": "PCASL",
  "PostLabelingDelay": 1.525,
  "BackgroundSuppression": false,
  "M0Type": "Absent",
  "RepetitionTimePreparation": 0.5,
  "VascularCrushing": false,
  "AcquisitionVoxelSize": [
    3,
    3,
    5
  ],
  "MRAcquisitionType": "3D",
  "MagneticFieldStrength": 3,
  "TotalAcquiredPairs": 30,
  "LabelingDuration": 1.65,
  "FlipAngle": 90,
  "PulseSequenceDetails": "WIP",
  "LabelingPulseFlipAngle": 18,
  "LabelingPulseDuration": 500
}