{
    "Manufacturer": "Philips",
    "PatientPosition": "HFS",
    "SeriesDescription": "ImageMRSERIES",
    "ProtocolName": "WIPMPRAGE2100SENSE",
    "SeriesNumber": 6,
    "AcquisitionNumber": 6,
    "ImageComments": "Hippo",
    "PhilipsRescaleSlope": 5.51844,
    "PhilipsRescaleIntercept": 0,
    "PhilipsScaleSlope": 0.000372179,
    "UsePhilipsFloatNotDisplayScaling": 1,
    "EchoTime": 0.00373,
    "RepetitionTime": 0.008143,
    "ImageOrientationPatientDICOM": [
        0.0396064,
        0.997565,
        -0.0574106,
        -0.0104718,
        -0.0570382,
        -0.998317
    ],
    "ConversionSoftware": "dcm2niix",
    "ConversionSoftwareVersion": "v1.0.20220720"
}