{
  "Manufacturer": "Philips",
  "PatientPosition": "HFS",
  "SeriesDescription": "ImageMRSERIES",
  "ProtocolName": "ScenesSENSE(3)SENSE",
  "SeriesNumber": 8,
  "AcquisitionNumber": 8,
  "ImageComments": "HippoHC",
  "PhilipsRescaleSlope": 1.2442,
  "PhilipsRescaleIntercept": 0,
  "PhilipsScaleSlope": 0.000599758,
  "UsePhilipsFloatNotDisplayScaling": 1,
  "EchoTime": 0.025,
  "RepetitionTime": 2,
  "ImageOrientationPatientDICOM": [
    0.996751,
    0.0553039,
    -0.0585619,
    -0.0625356,
    0.989555,
    -0.129882
  ],
  "ConversionSoftware": "dcm2niix",
  "ConversionSoftwareVersion": "v1.0.20220720",
  "TaskName": "Scenes"
}