{
  "Manufacturer": "Philips",
  "PatientPosition": "HFS",
  "SeriesDescription": "ImageMRSERIES",
  "ProtocolName": "HCBOLDSENSE",
  "SeriesNumber": 22,
  "AcquisitionNumber": 22,
  "ImageComments": "HippoHC",
  "PhilipsRescaleSlope": 1.55238,
  "PhilipsRescaleIntercept": 0,
  "PhilipsScaleSlope": 0.000743193,
  "UsePhilipsFloatNotDisplayScaling": 1,
  "EchoTime": 0.025,
  "RepetitionTime": 2,
  "ImageOrientationPatientDICOM": [
    0.999088,
    0.0368367,
    -0.0215925,
    -0.0387304,
    0.994716,
    -0.0950807
  ],
  "ConversionSoftware": "dcm2niix",
  "ConversionSoftwareVersion": "v1.0.20220720",
  "TaskName": "Hypercapnia"
}