{
    "Manufacturer": "Philips",
    "PatientPosition": "HFS",
    "SeriesDescription": "ImageMRSERIES",
    "ProtocolName": "DTI3minSENSE",
    "SeriesNumber": 17,
    "AcquisitionNumber": 17,
    "ImageComments": "HippoHC",
    "PhilipsRescaleSlope": 4.92527,
    "PhilipsRescaleIntercept": 0,
    "PhilipsScaleSlope": 0.00131146,
    "UsePhilipsFloatNotDisplayScaling": 1,
    "EchoTime": 0.051,
    "RepetitionTime": 4.41,
    "ImageOrientationPatientDICOM": [
        0.999009,
        0.0406209,
        -0.0182151,
        -0.0415215,
        0.997776,
        -0.0521474
    ],
    "ConversionSoftware": "dcm2niix",
    "ConversionSoftwareVersion": "v1.0.20220720"
}