{
    "Manufacturer": "Philips",
    "PatientPosition": "HFS",
    "SeriesDescription": "ImageMRSERIES",
    "ProtocolName": "MPRAGE2100SENSE",
    "SeriesNumber": 9,
    "AcquisitionNumber": 9,
    "ImageComments": "fMRI",
    "PhilipsRescaleSlope": 6.44103,
    "PhilipsRescaleIntercept": 0,
    "PhilipsScaleSlope": 0.000369839,
    "UsePhilipsFloatNotDisplayScaling": 1,
    "EchoTime": 0.00374,
    "RepetitionTime": 0.008127,
    "ImageOrientationPatientDICOM": [
        -0.0012217,
        0.997197,
        -0.0748138,
        0.00750485,
        -0.0748026,
        -0.99717
    ],
    "ConversionSoftware": "dcm2niix",
    "ConversionSoftwareVersion": "v1.0.20220720"
}