{
  "Manufacturer": "Philips",
  "PatientPosition": "HFS",
  "SeriesDescription": "ImageMRSERIES",
  "ProtocolName": "WIPRestingStateSENSE",
  "SeriesNumber": 9,
  "AcquisitionNumber": 9,
  "ImageComments": "HippoHCMB",
  "PhilipsRescaleSlope": 1.33944,
  "PhilipsRescaleIntercept": 0,
  "PhilipsScaleSlope": 0.00084074,
  "UsePhilipsFloatNotDisplayScaling": 1,
  "EchoTime": 0.025,
  "RepetitionTime": 2,
  "ImageOrientationPatientDICOM": [
    0.998703,
    0.0124741,
    0.0493681,
    -0.0109818,
    0.999478,
    -0.0303854
  ],
  "ConversionSoftware": "dcm2niix",
  "ConversionSoftwareVersion": "v1.0.20220720",
  "TaskName": "rest"
}