{
    "Manufacturer": "Philips",
    "PatientPosition": "HFS",
    "SeriesDescription": "ImageMRSERIES",
    "ProtocolName": "WIPMPRAGE2100SENSE",
    "SeriesNumber": 6,
    "AcquisitionNumber": 6,
    "ImageComments": "HippoHCW3",
    "PhilipsRescaleSlope": 4.85372,
    "PhilipsRescaleIntercept": 0,
    "PhilipsScaleSlope": 0.000370953,
    "UsePhilipsFloatNotDisplayScaling": 1,
    "EchoTime": 0.00373,
    "RepetitionTime": 0.008153,
    "ImageOrientationPatientDICOM": [
        -0.0481465,
        0.99759,
        -0.049953,
        -0.0157073,
        -0.050761,
        -0.998587
    ],
    "ConversionSoftware": "dcm2niix",
    "ConversionSoftwareVersion": "v1.0.20220720"
}