{
    "Manufacturer": "Philips",
    "PatientPosition": "HFS",
    "SeriesDescription": "ImageMRSERIES",
    "ProtocolName": "T2W_FLAIR642.5nogapSENSE",
    "SeriesNumber": 15,
    "AcquisitionNumber": 15,
    "ImageComments": "HippoHC",
    "PhilipsRescaleSlope": 5.45348,
    "PhilipsRescaleIntercept": 0,
    "PhilipsScaleSlope": 0.0209538,
    "UsePhilipsFloatNotDisplayScaling": 1,
    "EchoTime": 0.125,
    "RepetitionTime": 11,
    "InversionTime": 2.8,
    "ImageOrientationPatientDICOM": [
        0.997697,
        -0.0204987,
        0.0646638,
        0.0107965,
        0.989083,
        0.146964
    ],
    "ConversionSoftware": "dcm2niix",
    "ConversionSoftwareVersion": "v1.0.20220720"
}