{
    "Manufacturer": "Philips",
    "PatientPosition": "HFS",
    "SeriesDescription": "ImageMRSERIES",
    "ProtocolName": "WIPMPRAGE2100SENSE",
    "SeriesNumber": 5,
    "AcquisitionNumber": 5,
    "ImageComments": "HIPPO",
    "PhilipsRescaleSlope": 4.20147,
    "PhilipsRescaleIntercept": 0,
    "PhilipsScaleSlope": 0.000337236,
    "UsePhilipsFloatNotDisplayScaling": 1,
    "EchoTime": 0.00377,
    "RepetitionTime": 0.008212,
    "ImageOrientationPatientDICOM": [
        -0.061176,
        0.994557,
        -0.0843433,
        0.0390854,
        -0.0820497,
        -0.995862
    ],
    "ConversionSoftware": "dcm2niix",
    "ConversionSoftwareVersion": "v1.0.20220720"
}