{
    "Manufacturer": "Philips",
    "PatientPosition": "HFS",
    "SeriesDescription": "ImageMRSeries",
    "ProtocolName": "WIPDTI_jones30_b1000_SPIRweakSENSE",
    "SeriesNumber": 4,
    "AcquisitionNumber": 4,
    "ImageComments": "HippoNC",
    "PhilipsRescaleSlope": 13.1565,
    "PhilipsRescaleIntercept": 0,
    "PhilipsScaleSlope": 0.000947338,
    "UsePhilipsFloatNotDisplayScaling": 1,
    "EchoTime": 0.051,
    "RepetitionTime": 4.41,
    "ImageOrientationPatientDICOM": [
        0.99615,
        -0.0539287,
        0.0691147,
        0.0537752,
        0.998545,
        0.00408059
    ],
    "ConversionSoftware": "dcm2niix",
    "ConversionSoftwareVersion": "v1.0.20220720"
}