{
  "Manufacturer": "Philips",
  "PatientPosition": "HFS",
  "SeriesDescription": "ImageMRSERIES",
  "ProtocolName": "WIPRestingStateSENSE",
  "SeriesNumber": 9,
  "AcquisitionNumber": 9,
  "ImageComments": "Hippo(HC)",
  "PhilipsRescaleSlope": 1.61758,
  "PhilipsRescaleIntercept": 0,
  "PhilipsScaleSlope": 0.00076269,
  "UsePhilipsFloatNotDisplayScaling": 1,
  "EchoTime": 0.025,
  "RepetitionTime": 2,
  "ImageOrientationPatientDICOM": [
    0.998829,
    0.0372035,
    -0.0309358,
    -0.0427365,
    0.978135,
    -0.203531
  ],
  "ConversionSoftware": "dcm2niix",
  "ConversionSoftwareVersion": "v1.0.20220720",
  "TaskName": "rest"
}