{
    "Manufacturer": "Philips",
    "PatientPosition": "HFS",
    "SeriesDescription": "ImageMRSERIES",
    "ProtocolName": "T2W_FLAIR642.5nogapSENSE",
    "SeriesNumber": 14,
    "AcquisitionNumber": 14,
    "ImageComments": "HippoHC",
    "PhilipsRescaleSlope": 5.96801,
    "PhilipsRescaleIntercept": 0,
    "PhilipsScaleSlope": 0.0198044,
    "UsePhilipsFloatNotDisplayScaling": 1,
    "EchoTime": 0.125,
    "RepetitionTime": 11,
    "InversionTime": 2.8,
    "ImageOrientationPatientDICOM": [
        0.99762,
        0.0621809,
        -0.0297808,
        -0.0631146,
        0.997509,
        -0.0315122
    ],
    "ConversionSoftware": "dcm2niix",
    "ConversionSoftwareVersion": "v1.0.20220720"
}