{
    "Manufacturer": "Philips",
    "PatientPosition": "HFS",
    "SeriesDescription": "ImageMRSERIES",
    "ProtocolName": "WIPMPRAGE2100SENSE",
    "SeriesNumber": 5,
    "AcquisitionNumber": 5,
    "ImageComments": "HippoHCW3",
    "PhilipsRescaleSlope": 4.69524,
    "PhilipsRescaleIntercept": 0,
    "PhilipsScaleSlope": 0.000346755,
    "UsePhilipsFloatNotDisplayScaling": 1,
    "EchoTime": 0.00372,
    "RepetitionTime": 0.008142,
    "ImageOrientationPatientDICOM": [
        0.0533739,
        0.99857,
        -0.00309552,
        0.0171034,
        -0.00401366,
        -0.999846
    ],
    "ConversionSoftware": "dcm2niix",
    "ConversionSoftwareVersion": "v1.0.20220720"
}