{
  "Manufacturer": "Philips",
  "PatientPosition": "HFS",
  "SeriesDescription": "ImageMRSERIES",
  "ProtocolName": "RestingStateSENSE",
  "SeriesNumber": 16,
  "AcquisitionNumber": 16,
  "ImageComments": "HippoHC",
  "PhilipsRescaleSlope": 2.16703,
  "PhilipsRescaleIntercept": 0,
  "PhilipsScaleSlope": 0.000731955,
  "UsePhilipsFloatNotDisplayScaling": 1,
  "EchoTime": 0.025,
  "RepetitionTime": 2,
  "ImageOrientationPatientDICOM": [
    0.998795,
    -0.0118513,
    -0.0476302,
    0.0118545,
    0.99993,
    -0.000216223
  ],
  "ConversionSoftware": "dcm2niix",
  "ConversionSoftwareVersion": "v1.0.20220720",
  "TaskName": "rest"
}