{
  "Manufacturer": "Philips",
  "PatientPosition": "HFS",
  "SeriesDescription": "ImageMRSERIES",
  "ProtocolName": "ASL94-5-27Slice12SENSE",
  "SeriesNumber": 17,
  "AcquisitionNumber": 17,
  "ImageComments": "Hippo",
  "PhilipsRescaleSlope": 1.26667,
  "PhilipsRescaleIntercept": 0,
  "PhilipsScaleSlope": 0.000627738,
  "UsePhilipsFloatNotDisplayScaling": 1,
  "EchoTime": 0.01382,
  "RepetitionTime": 4.15085,
  "ImageOrientationPatientDICOM": [
    0.985228,
    0.045967,
    -0.164964,
    -0.0306178,
    0.995062,
    0.0944116
  ],
  "ConversionSoftware": "dcm2niix",
  "ConversionSoftwareVersion": "v1.0.20220720",
  "ArterialSpinLabelingType": "PCASL",
  "PostLabelingDelay": 1.525,
  "BackgroundSuppression": false,
  "M0Type": "Absent",
  "RepetitionTimePreparation": 0.5,
  "VascularCrushing": false,
  "AcquisitionVoxelSize": [
    3,
    3,
    5
  ],
  "MRAcquisitionType": "3D",
  "MagneticFieldStrength": 3,
  "TotalAcquiredPairs": 30,
  "LabelingDuration": 1.65,
  "FlipAngle": 90,
  "PulseSequenceDetails": "WIP",
  "LabelingPulseFlipAngle": 18,
  "LabelingPulseDuration": 500
}