{
  "Manufacturer": "Philips",
  "PatientPosition": "HFS",
  "SeriesDescription": "ImageMRSeries",
  "ProtocolName": "WIPRestingState(Cross)SENSE",
  "SeriesNumber": 10,
  "AcquisitionNumber": 10,
  "ImageComments": "Hippo",
  "PhilipsRescaleSlope": 0.73993,
  "PhilipsRescaleIntercept": 0,
  "PhilipsScaleSlope": 0.00110147,
  "UsePhilipsFloatNotDisplayScaling": 1,
  "EchoTime": 0.025,
  "RepetitionTime": 2,
  "ReconMatrixPE": 64,
  "ImageOrientationPatientDICOM": [
    0.999053,
    -0.0156358,
    -0.0406055,
    0.016392,
    0.999697,
    0.0183593
  ],
  "ConversionSoftware": "dcm2niix",
  "ConversionSoftwareVersion": "v1.0.20190902",
  "TaskName": "rest"
}