{
    "Manufacturer": "Philips",
    "PatientPosition": "HFS",
    "SeriesDescription": "ImageMRSERIES",
    "ProtocolName": "MPRAGE2100SENSE",
    "SeriesNumber": 10,
    "AcquisitionNumber": 10,
    "ImageComments": "fMRI",
    "PhilipsRescaleSlope": 6.39267,
    "PhilipsRescaleIntercept": 0,
    "PhilipsScaleSlope": 0.000319102,
    "UsePhilipsFloatNotDisplayScaling": 1,
    "EchoTime": 0.0038,
    "RepetitionTime": 0.00822,
    "ImageOrientationPatientDICOM": [
        0.0202334,
        0.989603,
        -0.142397,
        -0.0329807,
        -0.141688,
        -0.989362
    ],
    "ConversionSoftware": "dcm2niix",
    "ConversionSoftwareVersion": "v1.0.20220720"
}