{
    "Manufacturer": "Philips",
    "PatientPosition": "HFS",
    "SeriesDescription": "ImageMRSERIES",
    "ProtocolName": "T2W_FLAIRCLEAR",
    "SeriesNumber": 17,
    "AcquisitionNumber": 17,
    "ImageComments": "fMRI",
    "PhilipsRescaleSlope": 3.32943,
    "PhilipsRescaleIntercept": 0,
    "PhilipsScaleSlope": 0.0190251,
    "UsePhilipsFloatNotDisplayScaling": 1,
    "EchoTime": 0.125,
    "RepetitionTime": 11,
    "InversionTime": 2.8,
    "ImageOrientationPatientDICOM": [
        0.998354,
        -0.0560582,
        0.012126,
        0.0565158,
        0.997542,
        -0.0414309
    ],
    "ConversionSoftware": "dcm2niix",
    "ConversionSoftwareVersion": "v1.0.20220720"
}