{
    "Manufacturer": "Philips",
    "PatientPosition": "HFS",
    "SeriesDescription": "ImageMRSERIES",
    "ProtocolName": "WIPMPRAGE2100SENSE",
    "SeriesNumber": 11,
    "AcquisitionNumber": 11,
    "ImageComments": "HipppoL",
    "PhilipsRescaleSlope": 5.02247,
    "PhilipsRescaleIntercept": 0,
    "PhilipsScaleSlope": 0.000346714,
    "UsePhilipsFloatNotDisplayScaling": 1,
    "EchoTime": 0.00384,
    "RepetitionTime": 0.008264,
    "ImageOrientationPatientDICOM": [
        0.0183216,
        0.972085,
        -0.233912,
        0.0191974,
        -0.234251,
        -0.971987
    ],
    "ConversionSoftware": "dcm2niix",
    "ConversionSoftwareVersion": "v1.0.20220720"
}