{
  "Manufacturer": "Philips",
  "PatientPosition": "HFS",
  "SeriesDescription": "ImageMRSERIES",
  "ProtocolName": "LocSENSE(2)SENSE",
  "SeriesNumber": 4,
  "AcquisitionNumber": 4,
  "ImageComments": "HIPPO_HC",
  "PhilipsRescaleSlope": 1.4,
  "PhilipsRescaleIntercept": 0,
  "PhilipsScaleSlope": 0.000694179,
  "UsePhilipsFloatNotDisplayScaling": 1,
  "EchoTime": 0.025,
  "RepetitionTime": 2,
  "ImageOrientationPatientDICOM": [
    0.997915,
    0.0546733,
    -0.0342883,
    -0.0615596,
    0.965911,
    -0.251449
  ],
  "ConversionSoftware": "dcm2niix",
  "ConversionSoftwareVersion": "v1.0.20220720",
  "TaskName": "VentralVisual"
}