{
    "Manufacturer": "Philips",
    "PatientPosition": "HFS",
    "SeriesDescription": "ImageMRSERIES",
    "ProtocolName": "DTI3minSENSE",
    "SeriesNumber": 17,
    "AcquisitionNumber": 17,
    "ImageComments": "HippoHC",
    "PhilipsRescaleSlope": 4.36508,
    "PhilipsRescaleIntercept": 0,
    "PhilipsScaleSlope": 0.00130802,
    "UsePhilipsFloatNotDisplayScaling": 1,
    "EchoTime": 0.051,
    "RepetitionTime": 4.41,
    "ImageOrientationPatientDICOM": [
        0.999581,
        0.0279216,
        -0.00767638,
        -0.0279208,
        0.99961,
        0.000214421
    ],
    "ConversionSoftware": "dcm2niix",
    "ConversionSoftwareVersion": "v1.0.20220720"
}