{
  "Manufacturer": "Philips",
  "PatientPosition": "HFS",
  "SeriesDescription": "ImageMRSERIES",
  "ProtocolName": "WIPRestingState(Cross)SENSE",
  "SeriesNumber": 2,
  "AcquisitionNumber": 2,
  "ImageComments": "Hippo",
  "PhilipsRescaleSlope": 0.78632,
  "PhilipsRescaleIntercept": 0,
  "PhilipsScaleSlope": 0.0010559,
  "UsePhilipsFloatNotDisplayScaling": 1,
  "EchoTime": 0.025,
  "RepetitionTime": 2,
  "ImageOrientationPatientDICOM": [
    0.99936,
    -0.02938,
    -0.0204277,
    0.0256455,
    0.986172,
    -0.163732
  ],
  "ConversionSoftware": "dcm2niix",
  "ConversionSoftwareVersion": "v1.0.20220720",
  "TaskName": "rest"
}