{
  "Manufacturer": "Philips",
  "PatientPosition": "HFS",
  "SeriesDescription": "ImageMRSERIES",
  "ProtocolName": "LocSENSE",
  "SeriesNumber": 3,
  "AcquisitionNumber": 3,
  "ImageComments": "fMRI",
  "PhilipsRescaleSlope": 2.26276,
  "PhilipsRescaleIntercept": 0,
  "PhilipsScaleSlope": 0.000777198,
  "UsePhilipsFloatNotDisplayScaling": 1,
  "EchoTime": 0.025,
  "RepetitionTime": 2,
  "ImageOrientationPatientDICOM": [
    0.997923,
    0.0485437,
    -0.0423423,
    -0.0496796,
    0.998422,
    -0.0261977
  ],
  "ConversionSoftware": "dcm2niix",
  "ConversionSoftwareVersion": "v1.0.20220720",
  "TaskName": "VentralVisual"
}