{
    "Manufacturer": "Philips",
    "PatientPosition": "HFS",
    "SeriesDescription": "ImageMRSERIES",
    "ProtocolName": "WIPMPRAGE2100SENSE",
    "SeriesNumber": 11,
    "AcquisitionNumber": 11,
    "ImageComments": "HippoMBHC",
    "PhilipsRescaleSlope": 5.12186,
    "PhilipsRescaleIntercept": 0,
    "PhilipsScaleSlope": 0.000379379,
    "UsePhilipsFloatNotDisplayScaling": 1,
    "EchoTime": 0.00371,
    "RepetitionTime": 0.008115,
    "ReconMatrixPE": 256,
    "ImageOrientationPatientDICOM": [
        0.0226785,
        0.999743,
        0.000633468,
        0.0279216,
        0,
        -0.99961
    ],
    "ConversionSoftware": "dcm2niix",
    "ConversionSoftwareVersion": "v1.0.20181114  Clang4.0.1"
}