{
  "Manufacturer": "Philips",
  "PatientPosition": "HFS",
  "SeriesDescription": "ImageMRSERIES",
  "ProtocolName": "WIPHCBOLDSENSE",
  "SeriesNumber": 28,
  "AcquisitionNumber": 28,
  "ImageComments": "HippoMBHC",
  "PhilipsRescaleSlope": 1.62784,
  "PhilipsRescaleIntercept": 0,
  "PhilipsScaleSlope": 0.000760134,
  "UsePhilipsFloatNotDisplayScaling": 1,
  "EchoTime": 0.025,
  "RepetitionTime": 2,
  "ReconMatrixPE": 64,
  "ImageOrientationPatientDICOM": [
    0.996122,
    0.0879809,
    -4.48166E-5,
    -0.087675,
    0.992616,
    -0.0838228
  ],
  "ConversionSoftware": "dcm2niix",
  "ConversionSoftwareVersion": "v1.0.20181114  Clang4.0.1",
  "TaskName": "Hypercapnia"
}