{
    "Manufacturer": "Philips",
    "PatientPosition": "HFS",
    "SeriesDescription": "ImageMRSERIES",
    "ProtocolName": "WIPMPRAGE2100SENSE",
    "SeriesNumber": 5,
    "AcquisitionNumber": 5,
    "ImageComments": "HIPPO",
    "PhilipsRescaleSlope": 4.53797,
    "PhilipsRescaleIntercept": 0,
    "PhilipsScaleSlope": 0.000327487,
    "UsePhilipsFloatNotDisplayScaling": 1,
    "EchoTime": 0.00381,
    "RepetitionTime": 0.008259,
    "ImageOrientationPatientDICOM": [
        -0.0748044,
        0.980979,
        -0.179123,
        -0.00279252,
        -0.179832,
        -0.983693
    ],
    "ConversionSoftware": "dcm2niix",
    "ConversionSoftwareVersion": "v1.0.20220720"
}