{
  "Manufacturer": "Philips",
  "PatientPosition": "HFS",
  "SeriesDescription": "ImageMRSERIES",
  "ProtocolName": "WIPWordsSENSE",
  "SeriesNumber": 2,
  "AcquisitionNumber": 2,
  "ImageComments": "HippoNC",
  "PhilipsRescaleSlope": 0.77827,
  "PhilipsRescaleIntercept": 0,
  "PhilipsScaleSlope": 0.00114724,
  "UsePhilipsFloatNotDisplayScaling": 1,
  "EchoTime": 0.025,
  "RepetitionTime": 2,
  "ImageOrientationPatientDICOM": [
    0.996378,
    0.0698516,
    -0.0484935,
    -0.0729946,
    0.99512,
    -0.0663908
  ],
  "ConversionSoftware": "dcm2niix",
  "ConversionSoftwareVersion": "v1.0.20220720",
  "TaskName": "Words"
}