{
    "Manufacturer": "Philips",
    "PatientPosition": "HFS",
    "SeriesDescription": "ImageMRSERIES",
    "ProtocolName": "WIPDTI3minSENSE",
    "SeriesNumber": 4,
    "AcquisitionNumber": 4,
    "ImageComments": "HippoNC",
    "PhilipsRescaleSlope": 4.33871,
    "PhilipsRescaleIntercept": 0,
    "PhilipsScaleSlope": 0.00128894,
    "UsePhilipsFloatNotDisplayScaling": 1,
    "EchoTime": 0.051,
    "RepetitionTime": 4.41,
    "ImageOrientationPatientDICOM": [
        0.99852,
        -0.0453787,
        0.0299605,
        0.0453425,
        0.99897,
        0.00188464
    ],
    "ConversionSoftware": "dcm2niix",
    "ConversionSoftwareVersion": "v1.0.20220720"
}