{
  "Manufacturer": "Philips",
  "PatientPosition": "HFS",
  "SeriesDescription": "ImageMRSERIES",
  "ProtocolName": "ScenesSENSE(2)SENSE",
  "SeriesNumber": 7,
  "AcquisitionNumber": 7,
  "ImageComments": "fMRI",
  "PhilipsRescaleSlope": 2.01001,
  "PhilipsRescaleIntercept": 0,
  "PhilipsScaleSlope": 0.000911626,
  "UsePhilipsFloatNotDisplayScaling": 1,
  "EchoTime": 0.025,
  "RepetitionTime": 2,
  "ImageOrientationPatientDICOM": [
    0.998299,
    -0.0125284,
    -0.056938,
    0.00923477,
    0.998289,
    -0.0577447
  ],
  "ConversionSoftware": "dcm2niix",
  "ConversionSoftwareVersion": "v1.0.20220720",
  "TaskName": "Scenes"
}