{
  "Manufacturer": "Philips",
  "PatientPosition": "HFS",
  "SeriesDescription": "ImageMRSERIES",
  "ProtocolName": "WIPRestingStateSENSE",
  "SeriesNumber": 11,
  "AcquisitionNumber": 11,
  "ImageComments": "Hippo",
  "PhilipsRescaleSlope": 1.48303,
  "PhilipsRescaleIntercept": 0,
  "PhilipsScaleSlope": 0.000803366,
  "UsePhilipsFloatNotDisplayScaling": 1,
  "EchoTime": 0.025,
  "RepetitionTime": 2,
  "ImageOrientationPatientDICOM": [
    0.999475,
    -0.0302691,
    0.0115325,
    0.0307113,
    0.998715,
    -0.0403198
  ],
  "ConversionSoftware": "dcm2niix",
  "ConversionSoftwareVersion": "v1.0.20220720",
  "TaskName": "rest"
}