{
  "Manufacturer": "Philips",
  "PatientPosition": "HFS",
  "SeriesDescription": "ImageMRSERIES",
  "ProtocolName": "WIPScenesSENSE(2)SENSE",
  "SeriesNumber": 7,
  "AcquisitionNumber": 7,
  "ImageComments": "HippoMBHC",
  "PhilipsRescaleSlope": 1.91819,
  "PhilipsRescaleIntercept": 0,
  "PhilipsScaleSlope": 0.000858391,
  "UsePhilipsFloatNotDisplayScaling": 1,
  "EchoTime": 0.025,
  "RepetitionTime": 2,
  "ImageOrientationPatientDICOM": [
    0.997184,
    -0.0741874,
    0.0109772,
    0.0749786,
    0.989293,
    -0.125209
  ],
  "ConversionSoftware": "dcm2niix",
  "ConversionSoftwareVersion": "v1.0.20220720",
  "TaskName": "Scenes"
}