{
    "Manufacturer": "Philips",
    "PatientPosition": "HFS",
    "SeriesDescription": "ImageMRSERIES",
    "ProtocolName": "T2W_FLAIRCLEAR",
    "SeriesNumber": 18,
    "AcquisitionNumber": 18,
    "ImageComments": "fMRI",
    "PhilipsRescaleSlope": 5.07131,
    "PhilipsRescaleIntercept": 0,
    "PhilipsScaleSlope": 0.0200982,
    "UsePhilipsFloatNotDisplayScaling": 1,
    "EchoTime": 0.125,
    "RepetitionTime": 11,
    "InversionTime": 2.8,
    "ImageOrientationPatientDICOM": [
        0.996382,
        0.0449832,
        0.0721048,
        -0.0459425,
        0.998876,
        0.0117005
    ],
    "ConversionSoftware": "dcm2niix",
    "ConversionSoftwareVersion": "v1.0.20220720"
}