{
    "Manufacturer": "Philips",
    "PatientPosition": "HFS",
    "SeriesDescription": "ImageMRSERIES",
    "ProtocolName": "MPRAGE2100SENSE",
    "SeriesNumber": 9,
    "AcquisitionNumber": 9,
    "ImageComments": "HippoHC",
    "PhilipsRescaleSlope": 5.74066,
    "PhilipsRescaleIntercept": 0,
    "PhilipsScaleSlope": 0.000372727,
    "UsePhilipsFloatNotDisplayScaling": 1,
    "EchoTime": 0.00371,
    "RepetitionTime": 0.008115,
    "ImageOrientationPatientDICOM": [
        -0.0148255,
        0.99989,
        -6.40517e-07,
        -0.0352484,
        -0.000523273,
        -0.999378
    ],
    "ConversionSoftware": "dcm2niix",
    "ConversionSoftwareVersion": "v1.0.20220720"
}