{
  "Manufacturer": "Philips",
  "PatientPosition": "HFS",
  "SeriesDescription": "ImageMRSERIES",
  "ProtocolName": "HCBOLDSENSE",
  "SeriesNumber": 21,
  "AcquisitionNumber": 21,
  "ImageComments": "HippoHC",
  "PhilipsRescaleSlope": 1.27839,
  "PhilipsRescaleIntercept": 0,
  "PhilipsScaleSlope": 0.000734464,
  "UsePhilipsFloatNotDisplayScaling": 1,
  "EchoTime": 0.025,
  "RepetitionTime": 2,
  "ImageOrientationPatientDICOM": [
    0.997889,
    -0.0433944,
    -0.0483266,
    0.0433943,
    0.999057,
    -0.00105335
  ],
  "ConversionSoftware": "dcm2niix",
  "ConversionSoftwareVersion": "v1.0.20220720",
  "TaskName": "Hypercapnia"
}