{
  "Manufacturer": "Philips",
  "PatientPosition": "HFS",
  "SeriesDescription": "ImageMRSERIES",
  "ProtocolName": "WIPASL27_S12_R5SENSE",
  "SeriesNumber": 11,
  "AcquisitionNumber": 11,
  "ImageComments": "HippoNC",
  "PhilipsRescaleSlope": 1.23907,
  "PhilipsRescaleIntercept": 0,
  "PhilipsScaleSlope": 0.000478876,
  "UsePhilipsFloatNotDisplayScaling": 1,
  "EchoTime": 0.0142,
  "RepetitionTime": 8.35828,
  "ImageOrientationPatientDICOM": [
    0.996702,
    0.0722134,
    -0.0370244,
    -0.0723188,
    0.99738,
    -0.00151337
  ],
  "ConversionSoftware": "dcm2niix",
  "ConversionSoftwareVersion": "v1.0.20220720",
  "ArterialSpinLabelingType": "PCASL",
  "PostLabelingDelay": 1.525,
  "BackgroundSuppression": false,
  "M0Type": "Absent",
  "RepetitionTimePreparation": 0.5,
  "VascularCrushing": false,
  "AcquisitionVoxelSize": [
    3,
    3,
    5
  ],
  "MRAcquisitionType": "3D",
  "MagneticFieldStrength": 3,
  "TotalAcquiredPairs": 30,
  "LabelingDuration": 1.65,
  "FlipAngle": 90,
  "PulseSequenceDetails": "WIP",
  "LabelingPulseFlipAngle": 18,
  "LabelingPulseDuration": 500
}