{
  "Manufacturer": "Philips",
  "PatientPosition": "HFS",
  "SeriesDescription": "ImageMRSERIES",
  "ProtocolName": "LocSENSE",
  "SeriesNumber": 3,
  "AcquisitionNumber": 3,
  "ImageComments": "Hippo",
  "PhilipsRescaleSlope": 1.50989,
  "PhilipsRescaleIntercept": 0,
  "PhilipsScaleSlope": 0.000643772,
  "UsePhilipsFloatNotDisplayScaling": 1,
  "EchoTime": 0.025,
  "RepetitionTime": 2,
  "ImageOrientationPatientDICOM": [
    0.999885,
    -0.00151716,
    -0.0151118,
    -0.000349026,
    0.99244,
    -0.12273
  ],
  "ConversionSoftware": "dcm2niix",
  "ConversionSoftwareVersion": "v1.0.20220720",
  "TaskName": "VentralVisual"
}