{
    "Manufacturer": "Philips",
    "PatientPosition": "HFS",
    "SeriesDescription": "ImageMRSERIES",
    "ProtocolName": "WIPMPRAGE2100SENSE",
    "SeriesNumber": 5,
    "AcquisitionNumber": 5,
    "ImageComments": "HippoW3HC",
    "PhilipsRescaleSlope": 4.60391,
    "PhilipsRescaleIntercept": 0,
    "PhilipsScaleSlope": 0.000330123,
    "UsePhilipsFloatNotDisplayScaling": 1,
    "EchoTime": 0.00374,
    "RepetitionTime": 0.008165,
    "ImageOrientationPatientDICOM": [
        -0.0655612,
        0.997849,
        0.000288128,
        0.0221639,
        0.0017449,
        -0.999753
    ],
    "ConversionSoftware": "dcm2niix",
    "ConversionSoftwareVersion": "v1.0.20220720"
}