{
    "Manufacturer": "Philips",
    "PatientPosition": "HFS",
    "SeriesDescription": "ImageMRSERIES",
    "ProtocolName": "WIPMPRAGE2100SENSE",
    "SeriesNumber": 12,
    "AcquisitionNumber": 12,
    "ImageComments": "Hippo-LHC",
    "PhilipsRescaleSlope": 5.76899,
    "PhilipsRescaleIntercept": 0,
    "PhilipsScaleSlope": 0.000383775,
    "UsePhilipsFloatNotDisplayScaling": 1,
    "EchoTime": 0.00375,
    "RepetitionTime": 0.008172,
    "ImageOrientationPatientDICOM": [
        -0.05268,
        0.995891,
        -0.0736655,
        -0.0130896,
        -0.0744502,
        -0.997139
    ],
    "ConversionSoftware": "dcm2niix",
    "ConversionSoftwareVersion": "v1.0.20220720"
}