{
    "Manufacturer": "Philips",
    "PatientPosition": "HFS",
    "SeriesDescription": "ImageMRSERIES",
    "ProtocolName": "WIPMPRAGE2100SENSE",
    "SeriesNumber": 5,
    "AcquisitionNumber": 5,
    "ImageComments": "HippoNC",
    "PhilipsRescaleSlope": 5.03956,
    "PhilipsRescaleIntercept": 0,
    "PhilipsScaleSlope": 0.000316181,
    "UsePhilipsFloatNotDisplayScaling": 1,
    "EchoTime": 0.00382,
    "RepetitionTime": 0.00823,
    "ImageOrientationPatientDICOM": [
        0.0116914,
        0.982651,
        -0.185096,
        0.0186739,
        -0.185291,
        -0.982506
    ],
    "ConversionSoftware": "dcm2niix",
    "ConversionSoftwareVersion": "v1.0.20220720"
}