{
    "Manufacturer": "Philips",
    "PatientPosition": "HFS",
    "SeriesDescription": "ImageMRSERIES",
    "ProtocolName": "WIPMPRAGE2100SENSE",
    "SeriesNumber": 6,
    "AcquisitionNumber": 6,
    "ImageComments": "Hippo",
    "PhilipsRescaleSlope": 5.6486,
    "PhilipsRescaleIntercept": 0,
    "PhilipsScaleSlope": 0.000342118,
    "UsePhilipsFloatNotDisplayScaling": 1,
    "EchoTime": 0.00382,
    "RepetitionTime": 0.008283,
    "ImageOrientationPatientDICOM": [
        -0.0600242,
        0.988756,
        -0.136961,
        0.0713234,
        -0.13261,
        -0.988599
    ],
    "ConversionSoftware": "dcm2niix",
    "ConversionSoftwareVersion": "v1.0.20220720"
}