{
  "Manufacturer": "Philips",
  "PatientPosition": "HFS",
  "SeriesDescription": "ImageMRSERIES",
  "ProtocolName": "WIPWordsSENSE",
  "SeriesNumber": 3,
  "AcquisitionNumber": 3,
  "ImageComments": "Hippo",
  "PhilipsRescaleSlope": 1.62589,
  "PhilipsRescaleIntercept": 0,
  "PhilipsScaleSlope": 0.000562341,
  "UsePhilipsFloatNotDisplayScaling": 1,
  "EchoTime": 0.025,
  "RepetitionTime": 2,
  "ImageOrientationPatientDICOM": [
    0.999586,
    -0.0286179,
    -0.00298082,
    0.0286194,
    0.99959,
    0.000438469
  ],
  "ConversionSoftware": "dcm2niix",
  "ConversionSoftwareVersion": "v1.0.20220720",
  "TaskName": "Words"
}