{
    "Manufacturer": "Philips",
    "PatientPosition": "HFS",
    "SeriesDescription": "ImageMRSERIES",
    "ProtocolName": "DTI3minSENSE",
    "SeriesNumber": 15,
    "AcquisitionNumber": 15,
    "ImageComments": "HippoHC",
    "PhilipsRescaleSlope": 4.55507,
    "PhilipsRescaleIntercept": 0,
    "PhilipsScaleSlope": 0.00132671,
    "UsePhilipsFloatNotDisplayScaling": 1,
    "EchoTime": 0.051,
    "RepetitionTime": 4.41,
    "ImageOrientationPatientDICOM": [
        0.999509,
        -0.03036,
        -0.00769173,
        0.0303632,
        0.999539,
        0.00029018
    ],
    "ConversionSoftware": "dcm2niix",
    "ConversionSoftwareVersion": "v1.0.20220720"
}