{
  "Manufacturer": "Philips",
  "PatientPosition": "HFS",
  "SeriesDescription": "ImageMRSERIES",
  "ProtocolName": "ASL94-5-27Slice12SENSE",
  "SeriesNumber": 20,
  "AcquisitionNumber": 20,
  "ImageComments": "HIPPOHC",
  "PhilipsRescaleSlope": 1.51917,
  "PhilipsRescaleIntercept": 0,
  "PhilipsScaleSlope": 0.000474527,
  "UsePhilipsFloatNotDisplayScaling": 1,
  "EchoTime": 0.0138,
  "RepetitionTime": 4.15085,
  "ImageOrientationPatientDICOM": [
    0.997829,
    0.0654018,
    -0.00767435,
    -0.0654012,
    0.997859,
    0.000328096
  ],
  "ConversionSoftware": "dcm2niix",
  "ConversionSoftwareVersion": "v1.0.20220720",
  "ArterialSpinLabelingType": "PCASL",
  "PostLabelingDelay": 1.525,
  "BackgroundSuppression": false,
  "M0Type": "Absent",
  "RepetitionTimePreparation": 0.5,
  "VascularCrushing": false,
  "AcquisitionVoxelSize": [
    3,
    3,
    5
  ],
  "MRAcquisitionType": "3D",
  "MagneticFieldStrength": 3,
  "TotalAcquiredPairs": 30,
  "LabelingDuration": 1.65,
  "FlipAngle": 90,
  "PulseSequenceDetails": "WIP",
  "LabelingPulseFlipAngle": 18,
  "LabelingPulseDuration": 500
}