{
    "Manufacturer": "Philips",
    "PatientPosition": "HFS",
    "SeriesDescription": "ImageMRSERIES",
    "ProtocolName": "WIPMPRAGE2100SENSE",
    "SeriesNumber": 5,
    "AcquisitionNumber": 5,
    "ImageComments": "HippoW3HC",
    "PhilipsRescaleSlope": 4.01978,
    "PhilipsRescaleIntercept": 0,
    "PhilipsScaleSlope": 0.000365814,
    "UsePhilipsFloatNotDisplayScaling": 1,
    "EchoTime": 0.00379,
    "RepetitionTime": 0.008245,
    "ReconMatrixPE": 256,
    "ImageOrientationPatientDICOM": [
        0.0668905,
        0.991681,
        -0.109971,
        -0.0488498,
        -0.106831,
        -0.993077
    ],
    "ConversionSoftware": "dcm2niix",
    "ConversionSoftwareVersion": "v1.0.20181114  Clang4.0.1"
}