{
    "Manufacturer": "Philips",
    "PatientPosition": "HFS",
    "SeriesDescription": "ImageMRSERIES",
    "ProtocolName": "WIPDTI3minSENSE",
    "SeriesNumber": 4,
    "AcquisitionNumber": 4,
    "ImageComments": "Hippo",
    "PhilipsRescaleSlope": 3.67546,
    "PhilipsRescaleIntercept": 0,
    "PhilipsScaleSlope": 0.00125983,
    "UsePhilipsFloatNotDisplayScaling": 1,
    "EchoTime": 0.051,
    "RepetitionTime": 4.41,
    "ImageOrientationPatientDICOM": [
        0.999184,
        -0.00261799,
        -0.040306,
        0.00261586,
        0.999997,
        -0.000105521
    ],
    "ConversionSoftware": "dcm2niix",
    "ConversionSoftwareVersion": "v1.0.20220720"
}