{
    "Manufacturer": "Philips",
    "PatientPosition": "HFS",
    "SeriesDescription": "ImageMRSERIES",
    "ProtocolName": "DTI3minSENSE",
    "SeriesNumber": 17,
    "AcquisitionNumber": 17,
    "ImageComments": "HippoHC",
    "PhilipsRescaleSlope": 4.28474,
    "PhilipsRescaleIntercept": 0,
    "PhilipsScaleSlope": 0.00129188,
    "UsePhilipsFloatNotDisplayScaling": 1,
    "EchoTime": 0.051,
    "RepetitionTime": 4.41,
    "ImageOrientationPatientDICOM": [
        0.999693,
        -0.0216425,
        0.0120359,
        0.0216388,
        0.999766,
        0.000435096
    ],
    "ConversionSoftware": "dcm2niix",
    "ConversionSoftwareVersion": "v1.0.20220720"
}