{
  "Manufacturer": "Philips",
  "PatientPosition": "HFS",
  "SeriesDescription": "ImageMRSERIES",
  "ProtocolName": "WordsSENSE",
  "SeriesNumber": 7,
  "AcquisitionNumber": 7,
  "ImageComments": "fMRI",
  "PhilipsRescaleSlope": 1.90818,
  "PhilipsRescaleIntercept": 0,
  "PhilipsScaleSlope": 0.000843608,
  "UsePhilipsFloatNotDisplayScaling": 1,
  "EchoTime": 0.025,
  "RepetitionTime": 2,
  "ImageOrientationPatientDICOM": [
    0.998469,
    -0.0277554,
    0.047839,
    0.0249252,
    0.99796,
    0.0587762
  ],
  "ConversionSoftware": "dcm2niix",
  "ConversionSoftwareVersion": "v1.0.20220720",
  "TaskName": "Words"
}