{
  "Manufacturer": "Philips",
  "PatientPosition": "HFS",
  "SeriesDescription": "ImageMRSERIES",
  "ProtocolName": "WIPWordsSENSE",
  "SeriesNumber": 3,
  "AcquisitionNumber": 3,
  "ImageComments": "Hippo",
  "PhilipsRescaleSlope": 2.01709,
  "PhilipsRescaleIntercept": 0,
  "PhilipsScaleSlope": 0.000767952,
  "UsePhilipsFloatNotDisplayScaling": 1,
  "EchoTime": 0.025,
  "RepetitionTime": 2,
  "ImageOrientationPatientDICOM": [
    0.998585,
    -0.0429,
    0.0314118,
    0.0429007,
    0.999079,
    0.000650721
  ],
  "ConversionSoftware": "dcm2niix",
  "ConversionSoftwareVersion": "v1.0.20220720",
  "TaskName": "Words"
}