{
    "Manufacturer": "Philips",
    "PatientPosition": "HFS",
    "SeriesDescription": "ImageMRSERIES",
    "ProtocolName": "MPRAGE2100SENSE",
    "SeriesNumber": 9,
    "AcquisitionNumber": 9,
    "ImageComments": "fMRI",
    "PhilipsRescaleSlope": 5.96752,
    "PhilipsRescaleIntercept": 0,
    "PhilipsScaleSlope": 0.00037,
    "UsePhilipsFloatNotDisplayScaling": 1,
    "EchoTime": 0.00371,
    "RepetitionTime": 0.008119,
    "ImageOrientationPatientDICOM": [
        0.0118587,
        0.99993,
        -0.000118962,
        -0.0394342,
        0.000348794,
        -0.999222
    ],
    "ConversionSoftware": "dcm2niix",
    "ConversionSoftwareVersion": "v1.0.20220720"
}