{
  "Manufacturer": "Philips",
  "PatientPosition": "HFS",
  "SeriesDescription": "ImageMRSERIES",
  "ProtocolName": "LocSENSE",
  "SeriesNumber": 3,
  "AcquisitionNumber": 3,
  "ImageComments": "hippoHC",
  "PhilipsRescaleSlope": 1.33407,
  "PhilipsRescaleIntercept": 0,
  "PhilipsScaleSlope": 0.000824398,
  "UsePhilipsFloatNotDisplayScaling": 1,
  "EchoTime": 0.025,
  "RepetitionTime": 2,
  "ImageOrientationPatientDICOM": [
    0.997535,
    0.0697538,
    -0.00768502,
    -0.0697544,
    0.997564,
    0.00018747
  ],
  "ConversionSoftware": "dcm2niix",
  "ConversionSoftwareVersion": "v1.0.20220720",
  "TaskName": "VentralVisual"
}