{
    "Manufacturer": "Philips",
    "PatientPosition": "HFS",
    "SeriesDescription": "ImageMRSERIES",
    "ProtocolName": "WIPT2W_FLAIR642.5nogapSENSE",
    "SeriesNumber": 9,
    "AcquisitionNumber": 9,
    "ImageComments": "HippoNC",
    "PhilipsRescaleSlope": 16.7367,
    "PhilipsRescaleIntercept": 0,
    "PhilipsScaleSlope": 0.0144868,
    "UsePhilipsFloatNotDisplayScaling": 1,
    "EchoTime": 0.125,
    "RepetitionTime": 11,
    "InversionTime": 2.8,
    "ImageOrientationPatientDICOM": [
        0.997391,
        0.0720935,
        0.0038035,
        -0.0721938,
        0.996005,
        0.0525471
    ],
    "ConversionSoftware": "dcm2niix",
    "ConversionSoftwareVersion": "v1.0.20220720"
}