{
  "Manufacturer": "Philips",
  "PatientPosition": "HFS",
  "SeriesDescription": "ImageMRSERIES",
  "ProtocolName": "ASL94-5-27Slice12SENSE",
  "SeriesNumber": 16,
  "AcquisitionNumber": 16,
  "ImageComments": "Hippo",
  "PhilipsRescaleSlope": 1.63663,
  "PhilipsRescaleIntercept": 0,
  "PhilipsScaleSlope": 0.000511386,
  "UsePhilipsFloatNotDisplayScaling": 1,
  "EchoTime": 0.01393,
  "RepetitionTime": 4.15085,
  "ImageOrientationPatientDICOM": [
    0.997501,
    -0.054716,
    0.0447035,
    0.0636314,
    0.970692,
    -0.231748
  ],
  "ConversionSoftware": "dcm2niix",
  "ConversionSoftwareVersion": "v1.0.20220720",
  "ArterialSpinLabelingType": "PCASL",
  "PostLabelingDelay": 1.525,
  "BackgroundSuppression": false,
  "M0Type": "Absent",
  "RepetitionTimePreparation": 0.5,
  "VascularCrushing": false,
  "AcquisitionVoxelSize": [
    3,
    3,
    5
  ],
  "MRAcquisitionType": "3D",
  "MagneticFieldStrength": 3,
  "TotalAcquiredPairs": 30,
  "LabelingDuration": 1.65,
  "FlipAngle": 90,
  "PulseSequenceDetails": "WIP",
  "LabelingPulseFlipAngle": 18,
  "LabelingPulseDuration": 500
}