{
    "Manufacturer": "Philips",
    "PatientPosition": "HFS",
    "SeriesDescription": "ImageMRSERIES",
    "ProtocolName": "T2W_FLAIR642.5nogapSENSE",
    "SeriesNumber": 23,
    "AcquisitionNumber": 23,
    "ImageComments": "HIPPOHC",
    "PhilipsRescaleSlope": 10.127,
    "PhilipsRescaleIntercept": 0,
    "PhilipsScaleSlope": 0.0259993,
    "UsePhilipsFloatNotDisplayScaling": 1,
    "EchoTime": 0.125,
    "RepetitionTime": 11,
    "InversionTime": 2.8,
    "ReconMatrixPE": 512,
    "ImageOrientationPatientDICOM": [
        0.99912,
        -0.014502,
        -0.0393582,
        0.0109863,
        0.99605,
        -0.0881154
    ],
    "ConversionSoftware": "dcm2niix",
    "ConversionSoftwareVersion": "v1.0.20181114  Clang4.0.1"
}