{
  "Manufacturer": "Philips",
  "PatientPosition": "HFS",
  "SeriesDescription": "ImageMRSERIES",
  "ProtocolName": "WIPRestingStateSENSE",
  "SeriesNumber": 16,
  "AcquisitionNumber": 16,
  "ImageComments": "HippoL",
  "PhilipsRescaleSlope": 1.23394,
  "PhilipsRescaleIntercept": 0,
  "PhilipsScaleSlope": 0.000744762,
  "UsePhilipsFloatNotDisplayScaling": 1,
  "EchoTime": 0.025,
  "RepetitionTime": 2,
  "ImageOrientationPatientDICOM": [
    0.999853,
    -0.0140011,
    -0.00985702,
    0.00855107,
    0.907031,
    -0.420977
  ],
  "ConversionSoftware": "dcm2niix",
  "ConversionSoftwareVersion": "v1.0.20220720",
  "TaskName": "rest"
}