{
    "Manufacturer": "Philips",
    "PatientPosition": "HFS",
    "SeriesDescription": "ImageMRSERIES",
    "ProtocolName": "WIPMPRAGE2100SENSE",
    "SeriesNumber": 6,
    "AcquisitionNumber": 6,
    "ImageComments": "Hippo",
    "PhilipsRescaleSlope": 5.46007,
    "PhilipsRescaleIntercept": 0,
    "PhilipsScaleSlope": 0.000378453,
    "UsePhilipsFloatNotDisplayScaling": 1,
    "EchoTime": 0.00372,
    "RepetitionTime": 0.008122,
    "ImageOrientationPatientDICOM": [
        -0.0423987,
        0.998334,
        0.0391432,
        0.00191986,
        0.0392597,
        -0.999227
    ],
    "ConversionSoftware": "dcm2niix",
    "ConversionSoftwareVersion": "v1.0.20220720"
}