{
  "Manufacturer": "Philips",
  "PatientPosition": "HFS",
  "SeriesDescription": "ImageMRSERIES",
  "ProtocolName": "WIPLocSENSE",
  "SeriesNumber": 3,
  "AcquisitionNumber": 3,
  "ImageComments": "HippoLMBHC",
  "PhilipsRescaleSlope": 1.90842,
  "PhilipsRescaleIntercept": 0,
  "PhilipsScaleSlope": 0.000734061,
  "UsePhilipsFloatNotDisplayScaling": 1,
  "EchoTime": 0.025,
  "RepetitionTime": 2,
  "ImageOrientationPatientDICOM": [
    0.999011,
    0.0202099,
    -0.0396181,
    -0.0202285,
    0.999795,
    -7.06321E-5
  ],
  "ConversionSoftware": "dcm2niix",
  "ConversionSoftwareVersion": "v1.0.20220720",
  "TaskName": "VentralVisual"
}