{
  "Manufacturer": "Philips",
  "PatientPosition": "HFS",
  "SeriesDescription": "ImageMRSERIES",
  "ProtocolName": "WIPHCBOLDSENSE",
  "SeriesNumber": 13,
  "AcquisitionNumber": 13,
  "ImageComments": "HippoW3HC",
  "PhilipsRescaleSlope": 0.76459,
  "PhilipsRescaleIntercept": 0,
  "PhilipsScaleSlope": 0.00133092,
  "UsePhilipsFloatNotDisplayScaling": 1,
  "EchoTime": 0.025,
  "RepetitionTime": 2,
  "ReconMatrixPE": 64,
  "ImageOrientationPatientDICOM": [
    0.998323,
    -0.0250755,
    -0.0521715,
    0.0250959,
    0.999685,
    -0.00026396
  ],
  "ConversionSoftware": "dcm2niix",
  "ConversionSoftwareVersion": "v1.0.20181114  Clang4.0.1",
  "TaskName": "Hypercapnia"
}