{
  "Manufacturer": "Philips",
  "PatientPosition": "HFS",
  "SeriesDescription": "ImageMRSERIES",
  "ProtocolName": "WordsSENSE",
  "SeriesNumber": 7,
  "AcquisitionNumber": 7,
  "ImageComments": "HIPPOHC",
  "PhilipsRescaleSlope": 1.57265,
  "PhilipsRescaleIntercept": 0,
  "PhilipsScaleSlope": 0.000715272,
  "UsePhilipsFloatNotDisplayScaling": 1,
  "EchoTime": 0.025,
  "RepetitionTime": 2,
  "ImageOrientationPatientDICOM": [
    0.999979,
    0.00541369,
    -0.00366041,
    -0.00541046,
    0.999985,
    0.000892482
  ],
  "ConversionSoftware": "dcm2niix",
  "ConversionSoftwareVersion": "v1.0.20220720",
  "TaskName": "Words"
}