{
  "Manufacturer": "Philips",
  "PatientPosition": "HFS",
  "SeriesDescription": "ImageMRSERIES",
  "ProtocolName": "ASL94-5-27Slice12SENSE",
  "SeriesNumber": 17,
  "AcquisitionNumber": 17,
  "ImageComments": "HippoHC",
  "PhilipsRescaleSlope": 1.70818,
  "PhilipsRescaleIntercept": 0,
  "PhilipsScaleSlope": 0.000508392,
  "UsePhilipsFloatNotDisplayScaling": 1,
  "EchoTime": 0.01397,
  "RepetitionTime": 4.15085,
  "ImageOrientationPatientDICOM": [
    0.997168,
    -0.0509565,
    0.0553089,
    0.066057,
    0.94501,
    -0.320301
  ],
  "ConversionSoftware": "dcm2niix",
  "ConversionSoftwareVersion": "v1.0.20220720",
  "ArterialSpinLabelingType": "PCASL",
  "PostLabelingDelay": 1.525,
  "BackgroundSuppression": false,
  "M0Type": "Absent",
  "RepetitionTimePreparation": 0.5,
  "VascularCrushing": false,
  "AcquisitionVoxelSize": [
    3,
    3,
    5
  ],
  "MRAcquisitionType": "3D",
  "MagneticFieldStrength": 3,
  "TotalAcquiredPairs": 30,
  "LabelingDuration": 1.65,
  "FlipAngle": 90,
  "PulseSequenceDetails": "WIP",
  "LabelingPulseFlipAngle": 18,
  "LabelingPulseDuration": 500
}