{
    "Manufacturer": "Philips",
    "PatientPosition": "HFS",
    "SeriesDescription": "ImageMRSERIES",
    "ProtocolName": "DTI3minSENSE",
    "SeriesNumber": 15,
    "AcquisitionNumber": 15,
    "ImageComments": "HippoHC",
    "PhilipsRescaleSlope": 4.00513,
    "PhilipsRescaleIntercept": 0,
    "PhilipsScaleSlope": 0.00125061,
    "UsePhilipsFloatNotDisplayScaling": 1,
    "EchoTime": 0.051,
    "RepetitionTime": 4.41,
    "ImageOrientationPatientDICOM": [
        0.998709,
        -0.00403057,
        -0.050637,
        -0.00174308,
        0.993541,
        -0.113462
    ],
    "ConversionSoftware": "dcm2niix",
    "ConversionSoftwareVersion": "v1.0.20220720"
}