{
    "Manufacturer": "Philips",
    "PatientPosition": "HFS",
    "SeriesDescription": "ImageMRSERIES",
    "ProtocolName": "WIPMPRAGE2100SENSE",
    "SeriesNumber": 11,
    "AcquisitionNumber": 11,
    "ImageComments": "HippoL(HC)",
    "PhilipsRescaleSlope": 5.60879,
    "PhilipsRescaleIntercept": 0,
    "PhilipsScaleSlope": 0.000382361,
    "UsePhilipsFloatNotDisplayScaling": 1,
    "EchoTime": 0.0037,
    "RepetitionTime": 0.008084,
    "ImageOrientationPatientDICOM": [
        0.0118668,
        0.999929,
        0.000516815,
        0.0141367,
        0.000349031,
        -0.9999
    ],
    "ConversionSoftware": "dcm2niix",
    "ConversionSoftwareVersion": "v1.0.20220720"
}