{
    "Manufacturer": "Philips",
    "PatientPosition": "HFS",
    "SeriesDescription": "ImageMRSERIES",
    "ProtocolName": "WIPDTI3minSENSE",
    "SeriesNumber": 14,
    "AcquisitionNumber": 14,
    "ImageComments": "HippoL(HC)",
    "PhilipsRescaleSlope": 4.3514,
    "PhilipsRescaleIntercept": 0,
    "PhilipsScaleSlope": 0.00140628,
    "UsePhilipsFloatNotDisplayScaling": 1,
    "EchoTime": 0.051,
    "RepetitionTime": 4.41,
    "ImageOrientationPatientDICOM": [
        0.999863,
        0.0146616,
        -0.00767599,
        -0.0146598,
        0.999893,
        0.000287096
    ],
    "ConversionSoftware": "dcm2niix",
    "ConversionSoftwareVersion": "v1.0.20220720"
}