{
    "Manufacturer": "Philips",
    "PatientPosition": "HFS",
    "SeriesDescription": "ImageMRSERIES",
    "ProtocolName": "WIPDTI3minSENSE",
    "SeriesNumber": 14,
    "AcquisitionNumber": 14,
    "ImageComments": "HippoHC",
    "PhilipsRescaleSlope": 5.01807,
    "PhilipsRescaleIntercept": 0,
    "PhilipsScaleSlope": 0.00123997,
    "UsePhilipsFloatNotDisplayScaling": 1,
    "EchoTime": 0.051,
    "RepetitionTime": 4.41,
    "ImageOrientationPatientDICOM": [
        0.999889,
        -0.0125282,
        0.00808112,
        0.0132638,
        0.995046,
        -0.0985265
    ],
    "ConversionSoftware": "dcm2niix",
    "ConversionSoftwareVersion": "v1.0.20220720"
}