{
    "Manufacturer": "Philips",
    "PatientPosition": "HFS",
    "SeriesDescription": "ImageMRSERIES",
    "ProtocolName": "WIPMPRAGE2100SENSE",
    "SeriesNumber": 6,
    "AcquisitionNumber": 6,
    "ImageComments": "Hippo",
    "PhilipsRescaleSlope": 5.65983,
    "PhilipsRescaleIntercept": 0,
    "PhilipsScaleSlope": 0.000370599,
    "UsePhilipsFloatNotDisplayScaling": 1,
    "EchoTime": 0.00371,
    "RepetitionTime": 0.008116,
    "ImageOrientationPatientDICOM": [
        -0.00558004,
        0.999984,
        -0.000113236,
        -0.0422244,
        -0.000348755,
        -0.999108
    ],
    "ConversionSoftware": "dcm2niix",
    "ConversionSoftwareVersion": "v1.0.20220720"
}