{
  "Manufacturer": "Philips",
  "PatientPosition": "HFS",
  "SeriesDescription": "ImageMRSERIES",
  "ProtocolName": "WIPRestingState(Cross)SENSE",
  "SeriesNumber": 10,
  "AcquisitionNumber": 10,
  "ImageComments": "HippoW3HC",
  "PhilipsRescaleSlope": 0.78388,
  "PhilipsRescaleIntercept": 0,
  "PhilipsScaleSlope": 0.00111808,
  "UsePhilipsFloatNotDisplayScaling": 1,
  "EchoTime": 0.025,
  "RepetitionTime": 2,
  "ImageOrientationPatientDICOM": [
    0.997119,
    -0.0758489,
    0,
    0.0758489,
    0.997119,
    0
  ],
  "ConversionSoftware": "dcm2niix",
  "ConversionSoftwareVersion": "v1.0.20220720",
  "TaskName": "rest"
}