{
  "Manufacturer": "Philips",
  "PatientPosition": "HFS",
  "SeriesDescription": "ImageMRSERIES",
  "ProtocolName": "WIPHCBOLDSENSE",
  "SeriesNumber": 19,
  "AcquisitionNumber": 19,
  "ImageComments": "HippoHC",
  "PhilipsRescaleSlope": 2.42442,
  "PhilipsRescaleIntercept": 0,
  "PhilipsScaleSlope": 0.000719664,
  "UsePhilipsFloatNotDisplayScaling": 1,
  "EchoTime": 0.025,
  "RepetitionTime": 2,
  "ImageOrientationPatientDICOM": [
    0.991805,
    0.0995484,
    -0.0800779,
    -0.0998695,
    0.995001,
    -5.60656E-6
  ],
  "ConversionSoftware": "dcm2niix",
  "ConversionSoftwareVersion": "v1.0.20220720",
  "TaskName": "Hypercapnia"
}