{
  "Manufacturer": "Philips",
  "PatientPosition": "HFS",
  "SeriesDescription": "ImageMRSERIES",
  "ProtocolName": "WIPHCBOLDSENSE",
  "SeriesNumber": 27,
  "AcquisitionNumber": 27,
  "ImageComments": "HippoMBHC",
  "PhilipsRescaleSlope": 1.5895,
  "PhilipsRescaleIntercept": 0,
  "PhilipsScaleSlope": 0.000698519,
  "UsePhilipsFloatNotDisplayScaling": 1,
  "EchoTime": 0.025,
  "RepetitionTime": 2,
  "ImageOrientationPatientDICOM": [
    0.997428,
    -0.0716715,
    0,
    0.0716715,
    0.997428,
    0
  ],
  "ConversionSoftware": "dcm2niix",
  "ConversionSoftwareVersion": "v1.0.20220720",
  "TaskName": "Hypercapnia"
}