{
  "Manufacturer": "Philips",
  "PatientPosition": "HFS",
  "SeriesDescription": "ImageMRSERIES",
  "ProtocolName": "WIPHCBOLDSENSE",
  "SeriesNumber": 19,
  "AcquisitionNumber": 19,
  "ImageComments": "HippoMC",
  "PhilipsRescaleSlope": 1.57558,
  "PhilipsRescaleIntercept": 0,
  "PhilipsScaleSlope": 0.00091244,
  "UsePhilipsFloatNotDisplayScaling": 1,
  "EchoTime": 0.025,
  "RepetitionTime": 2,
  "ReconMatrixPE": 64,
  "ImageOrientationPatientDICOM": [
    0.999942,
    0.00435207,
    0.0098469,
    -0.003665,
    0.997627,
    -0.0687483
  ],
  "ConversionSoftware": "dcm2niix",
  "ConversionSoftwareVersion": "v1.0.20181114  Clang4.0.1",
  "TaskName": "Hypercapnia"
}