{
    "Manufacturer": "Philips",
    "PatientPosition": "HFS",
    "SeriesDescription": "ImageMRSERIES",
    "ProtocolName": "WIPDTI3minSENSE",
    "SeriesNumber": 15,
    "AcquisitionNumber": 15,
    "ImageComments": "Hippo_LMBHC",
    "PhilipsRescaleSlope": 4.83883,
    "PhilipsRescaleIntercept": 0,
    "PhilipsScaleSlope": 0.0012092,
    "UsePhilipsFloatNotDisplayScaling": 1,
    "EchoTime": 0.051,
    "RepetitionTime": 4.41,
    "ImageOrientationPatientDICOM": [
        0.998164,
        -0.0202388,
        0.0570855,
        0.0343334,
        0.965529,
        -0.258021
    ],
    "ConversionSoftware": "dcm2niix",
    "ConversionSoftwareVersion": "v1.0.20220720"
}