{
  "Manufacturer": "Philips",
  "PatientPosition": "HFS",
  "SeriesDescription": "ImageMRSERIES",
  "ProtocolName": "WIPWordsSENSE",
  "SeriesNumber": 4,
  "AcquisitionNumber": 4,
  "ImageComments": "Hippo",
  "PhilipsRescaleSlope": 0.74066,
  "PhilipsRescaleIntercept": 0,
  "PhilipsScaleSlope": 0.000994486,
  "UsePhilipsFloatNotDisplayScaling": 1,
  "EchoTime": 0.025,
  "RepetitionTime": 2,
  "ImageOrientationPatientDICOM": [
    0.997513,
    -0.0443054,
    0.0548218,
    0.0522774,
    0.986722,
    -0.153776
  ],
  "ConversionSoftware": "dcm2niix",
  "ConversionSoftwareVersion": "v1.0.20220720",
  "TaskName": "Words"
}