{
  "Manufacturer": "Philips",
  "PatientPosition": "HFS",
  "SeriesDescription": "ImageMRSERIES",
  "ProtocolName": "WIPHCBOLDSENSE",
  "SeriesNumber": 14,
  "AcquisitionNumber": 14,
  "ImageComments": "Hippo",
  "PhilipsRescaleSlope": 0.76947,
  "PhilipsRescaleIntercept": 0,
  "PhilipsScaleSlope": 0.00111262,
  "UsePhilipsFloatNotDisplayScaling": 1,
  "EchoTime": 0.025,
  "RepetitionTime": 2,
  "ImageOrientationPatientDICOM": [
    0.997678,
    -0.0677795,
    -0.00662176,
    0.0669653,
    0.994068,
    -0.085705
  ],
  "ConversionSoftware": "dcm2niix",
  "ConversionSoftwareVersion": "v1.0.20220720",
  "TaskName": "Hypercapnia"
}