{
  "Manufacturer": "Philips",
  "PatientPosition": "HFS",
  "SeriesDescription": "ImageMRSERIES",
  "ProtocolName": "HCBOLDSENSE",
  "SeriesNumber": 22,
  "AcquisitionNumber": 22,
  "ImageComments": "HippoHC",
  "PhilipsRescaleSlope": 1.52576,
  "PhilipsRescaleIntercept": 0,
  "PhilipsScaleSlope": 0.000825758,
  "UsePhilipsFloatNotDisplayScaling": 1,
  "EchoTime": 0.025,
  "RepetitionTime": 2,
  "ImageOrientationPatientDICOM": [
    0.997362,
    0.0682337,
    0.0247511,
    -0.0662447,
    0.995069,
    -0.0738223
  ],
  "ConversionSoftware": "dcm2niix",
  "ConversionSoftwareVersion": "v1.0.20220720",
  "TaskName": "Hypercapnia"
}