{
    "Manufacturer": "Philips",
    "PatientPosition": "HFS",
    "SeriesDescription": "ImageMRSERIES",
    "ProtocolName": "MPRAGE2100SENSE",
    "SeriesNumber": 12,
    "AcquisitionNumber": 12,
    "ImageComments": "HippoHC",
    "PhilipsRescaleSlope": 6.09597,
    "PhilipsRescaleIntercept": 0,
    "PhilipsScaleSlope": 0.000332351,
    "UsePhilipsFloatNotDisplayScaling": 1,
    "EchoTime": 0.00377,
    "RepetitionTime": 0.008214,
    "ReconMatrixPE": 256,
    "ImageOrientationPatientDICOM": [
        -0.0344609,
        0.998102,
        -0.0510392,
        -0.0720197,
        -0.0534169,
        -0.995972
    ],
    "ConversionSoftware": "dcm2niix",
    "ConversionSoftwareVersion": "v1.0.20181114  Clang4.0.1"
}