{
  "Manufacturer": "Philips",
  "PatientPosition": "HFS",
  "SeriesDescription": "ImageMRSERIES",
  "ProtocolName": "WIPScenesSENSE(3)SENSE",
  "SeriesNumber": 9,
  "AcquisitionNumber": 9,
  "ImageComments": "Hippo",
  "PhilipsRescaleSlope": 1.63858,
  "PhilipsRescaleIntercept": 0,
  "PhilipsScaleSlope": 0.000711799,
  "UsePhilipsFloatNotDisplayScaling": 1,
  "EchoTime": 0.025,
  "RepetitionTime": 2,
  "ImageOrientationPatientDICOM": [
    0.99745,
    -0.0709686,
    -0.00754785,
    0.0709732,
    0.997478,
    0.000337806
  ],
  "ConversionSoftware": "dcm2niix",
  "ConversionSoftwareVersion": "v1.0.20220720",
  "TaskName": "Scenes"
}