{
  "Manufacturer": "Philips",
  "PatientPosition": "HFS",
  "SeriesDescription": "ImageMRSERIES",
  "ProtocolName": "WIPRestingStateSENSE",
  "SeriesNumber": 10,
  "AcquisitionNumber": 10,
  "ImageComments": "Hippo_LMBHC",
  "PhilipsRescaleSlope": 1.44054,
  "PhilipsRescaleIntercept": 0,
  "PhilipsScaleSlope": 0.000670952,
  "UsePhilipsFloatNotDisplayScaling": 1,
  "EchoTime": 0.025,
  "RepetitionTime": 2,
  "ImageOrientationPatientDICOM": [
    0.999894,
    0.0123929,
    -0.00767662,
    -0.0123912,
    0.999923,
    0.000269679
  ],
  "ConversionSoftware": "dcm2niix",
  "ConversionSoftwareVersion": "v1.0.20220720",
  "TaskName": "rest"
}