{
  "Manufacturer": "Philips",
  "PatientPosition": "HFS",
  "SeriesDescription": "ImageMRSERIES",
  "ProtocolName": "RestingStateSENSE",
  "SeriesNumber": 13,
  "AcquisitionNumber": 13,
  "ImageComments": "Hippo",
  "PhilipsRescaleSlope": 1.6149,
  "PhilipsRescaleIntercept": 0,
  "PhilipsScaleSlope": 0.000802857,
  "UsePhilipsFloatNotDisplayScaling": 1,
  "EchoTime": 0.025,
  "RepetitionTime": 2,
  "ImageOrientationPatientDICOM": [
    0.99728,
    -0.0720005,
    -0.0157545,
    0.0720108,
    0.997404,
    8.73224E-5
  ],
  "ConversionSoftware": "dcm2niix",
  "ConversionSoftwareVersion": "v1.0.20220720",
  "TaskName": "rest"
}