{
  "Manufacturer": "Philips",
  "PatientPosition": "HFS",
  "SeriesDescription": "ImageMRSERIES",
  "ProtocolName": "WIPASL94-5-27Slice12TR4185",
  "SeriesNumber": 12,
  "AcquisitionNumber": 12,
  "ImageComments": "HippoNC",
  "PhilipsRescaleSlope": 1.27057,
  "PhilipsRescaleIntercept": 0,
  "PhilipsScaleSlope": 0.000616774,
  "UsePhilipsFloatNotDisplayScaling": 1,
  "EchoTime": 0.0138,
  "RepetitionTime": 8.35828,
  "ImageOrientationPatientDICOM": [
    0.997731,
    -0.0352228,
    0.0573775,
    0.0365851,
    0.999069,
    -0.0228685
  ],
  "ConversionSoftware": "dcm2niix",
  "ConversionSoftwareVersion": "v1.0.20220720",
  "ArterialSpinLabelingType": "PCASL",
  "PostLabelingDelay": 1.525,
  "BackgroundSuppression": false,
  "M0Type": "Absent",
  "RepetitionTimePreparation": 0.5,
  "VascularCrushing": false,
  "AcquisitionVoxelSize": [
    3,
    3,
    5
  ],
  "MRAcquisitionType": "3D",
  "MagneticFieldStrength": 3,
  "TotalAcquiredPairs": 30,
  "LabelingDuration": 1.65,
  "FlipAngle": 90,
  "PulseSequenceDetails": "WIP",
  "LabelingPulseFlipAngle": 18,
  "LabelingPulseDuration": 500
}