{
    "Manufacturer": "Philips",
    "PatientPosition": "HFS",
    "SeriesDescription": "ImageMRSERIES",
    "ProtocolName": "MPRAGE2100SENSE",
    "SeriesNumber": 10,
    "AcquisitionNumber": 10,
    "ImageComments": "HippoHC",
    "PhilipsRescaleSlope": 5.95263,
    "PhilipsRescaleIntercept": 0,
    "PhilipsScaleSlope": 0.000367297,
    "UsePhilipsFloatNotDisplayScaling": 1,
    "EchoTime": 0.00376,
    "RepetitionTime": 0.008207,
    "ImageOrientationPatientDICOM": [
        -0.0682692,
        0.997667,
        -0.000240971,
        -0.0525102,
        -0.00383442,
        -0.998613
    ],
    "ConversionSoftware": "dcm2niix",
    "ConversionSoftwareVersion": "v1.0.20220720"
}