{
  "Manufacturer": "Philips",
  "PatientPosition": "HFS",
  "SeriesDescription": "ImageMRSERIES",
  "ProtocolName": "WIPHCBOLDSENSE",
  "SeriesNumber": 19,
  "AcquisitionNumber": 19,
  "ImageComments": "Hippo",
  "PhilipsRescaleSlope": 1.43858,
  "PhilipsRescaleIntercept": 0,
  "PhilipsScaleSlope": 0.00078463,
  "UsePhilipsFloatNotDisplayScaling": 1,
  "EchoTime": 0.025,
  "RepetitionTime": 2,
  "ImageOrientationPatientDICOM": [
    0.997781,
    0.0594037,
    -0.0300837,
    -0.0648733,
    0.969072,
    -0.2381
  ],
  "ConversionSoftware": "dcm2niix",
  "ConversionSoftwareVersion": "v1.0.20220720",
  "TaskName": "Hypercapnia"
}