{
  "Manufacturer": "Philips",
  "PatientPosition": "HFS",
  "SeriesDescription": "ImageMRSERIES",
  "ProtocolName": "WIPHCBOLDSENSE",
  "SeriesNumber": 13,
  "AcquisitionNumber": 13,
  "ImageComments": "HippoW3HC",
  "PhilipsRescaleSlope": 0.77509,
  "PhilipsRescaleIntercept": 0,
  "PhilipsScaleSlope": 0.00132886,
  "UsePhilipsFloatNotDisplayScaling": 1,
  "EchoTime": 0.025,
  "RepetitionTime": 2,
  "ImageOrientationPatientDICOM": [
    0.998859,
    0.0274433,
    0.0390792,
    -0.0219696,
    0.990713,
    -0.134186
  ],
  "ConversionSoftware": "dcm2niix",
  "ConversionSoftwareVersion": "v1.0.20220720",
  "TaskName": "Hypercapnia"
}