{
  "Manufacturer": "Philips",
  "PatientPosition": "HFS",
  "SeriesDescription": "ImageMRSERIES",
  "ProtocolName": "WIPWordsSENSE",
  "SeriesNumber": 4,
  "AcquisitionNumber": 4,
  "ImageComments": "HippoW3HC",
  "PhilipsRescaleSlope": 0.73407,
  "PhilipsRescaleIntercept": 0,
  "PhilipsScaleSlope": 0.00117425,
  "UsePhilipsFloatNotDisplayScaling": 1,
  "EchoTime": 0.025,
  "RepetitionTime": 2,
  "ReconMatrixPE": 64,
  "ImageOrientationPatientDICOM": [
    0.998177,
    -0.0603517,
    0,
    0.0603517,
    0.998177,
    0
  ],
  "ConversionSoftware": "dcm2niix",
  "ConversionSoftwareVersion": "v1.0.20181114  Clang4.0.1",
  "TaskName": "Words"
}