{
  "Manufacturer": "Philips",
  "PatientPosition": "HFS",
  "SeriesDescription": "ImageMRSERIES",
  "ProtocolName": "WIPRestingStateSENSE",
  "SeriesNumber": 9,
  "AcquisitionNumber": 9,
  "ImageComments": "HippoHC",
  "PhilipsRescaleSlope": 1.5707,
  "PhilipsRescaleIntercept": 0,
  "PhilipsScaleSlope": 0.000775902,
  "UsePhilipsFloatNotDisplayScaling": 1,
  "EchoTime": 0.025,
  "RepetitionTime": 2,
  "ImageOrientationPatientDICOM": [
    0.999726,
    -0.0128094,
    -0.0196027,
    0.0101205,
    0.991252,
    -0.131597
  ],
  "ConversionSoftware": "dcm2niix",
  "ConversionSoftwareVersion": "v1.0.20220720",
  "TaskName": "rest"
}