{
    "Manufacturer": "Philips",
    "PatientPosition": "HFS",
    "SeriesDescription": "ImageMRSERIES",
    "ProtocolName": "WIPDTI3minSENSE",
    "SeriesNumber": 14,
    "AcquisitionNumber": 14,
    "ImageComments": "Hippo-LHC",
    "PhilipsRescaleSlope": 4.86178,
    "PhilipsRescaleIntercept": 0,
    "PhilipsScaleSlope": 0.00116182,
    "UsePhilipsFloatNotDisplayScaling": 1,
    "EchoTime": 0.051,
    "RepetitionTime": 4.41,
    "ImageOrientationPatientDICOM": [
        0.995346,
        0.0699442,
        -0.0662912,
        -0.0701251,
        0.997538,
        -0.000403567
    ],
    "ConversionSoftware": "dcm2niix",
    "ConversionSoftwareVersion": "v1.0.20220720"
}