{
    "Manufacturer": "Philips",
    "PatientPosition": "HFS",
    "SeriesDescription": "ImageMRSERIES",
    "ProtocolName": "WIPMPRAGE2100SENSE",
    "SeriesNumber": 5,
    "AcquisitionNumber": 5,
    "ImageComments": "HippoW3HC",
    "PhilipsRescaleSlope": 4.97558,
    "PhilipsRescaleIntercept": 0,
    "PhilipsScaleSlope": 0.000309254,
    "UsePhilipsFloatNotDisplayScaling": 1,
    "EchoTime": 0.00373,
    "RepetitionTime": 0.008128,
    "ImageOrientationPatientDICOM": [
        -0.0204189,
        0.997498,
        -0.0676814,
        0.00139626,
        -0.067667,
        -0.997707
    ],
    "ConversionSoftware": "dcm2niix",
    "ConversionSoftwareVersion": "v1.0.20220720"
}