{
  "Manufacturer": "Philips",
  "PatientPosition": "HFS",
  "SeriesDescription": "ImageMRSERIES",
  "ProtocolName": "WIPRestingStateSENSE",
  "SeriesNumber": 15,
  "AcquisitionNumber": 15,
  "ImageComments": "Hippo",
  "PhilipsRescaleSlope": 1.93626,
  "PhilipsRescaleIntercept": 0,
  "PhilipsScaleSlope": 0.000748028,
  "UsePhilipsFloatNotDisplayScaling": 1,
  "EchoTime": 0.025,
  "RepetitionTime": 2,
  "ImageOrientationPatientDICOM": [
    0.998731,
    0.0486777,
    0.0128913,
    -0.0486714,
    0.998815,
    -0.000802973
  ],
  "ConversionSoftware": "dcm2niix",
  "ConversionSoftwareVersion": "v1.0.20220720",
  "TaskName": "rest"
}