{
    "Manufacturer": "Philips",
    "PatientPosition": "HFS",
    "SeriesDescription": "ImageMRSERIES",
    "ProtocolName": "WIPMPRAGE2100SENSE",
    "SeriesNumber": 5,
    "AcquisitionNumber": 5,
    "ImageComments": "HippoW3HC",
    "PhilipsRescaleSlope": 4.36068,
    "PhilipsRescaleIntercept": 0,
    "PhilipsScaleSlope": 0.0003126,
    "UsePhilipsFloatNotDisplayScaling": 1,
    "EchoTime": 0.00371,
    "RepetitionTime": 0.008107,
    "ReconMatrixPE": 256,
    "ImageOrientationPatientDICOM": [
        0.0457117,
        0.998955,
        0,
        0,
        0,
        -1
    ],
    "ConversionSoftware": "dcm2niix",
    "ConversionSoftwareVersion": "v1.0.20181114  Clang4.0.1"
}