{
    "Manufacturer": "Philips",
    "PatientPosition": "HFS",
    "SeriesDescription": "ImageMRSERIES",
    "ProtocolName": "WIPMPRAGE2100SENSE",
    "SeriesNumber": 6,
    "AcquisitionNumber": 6,
    "ImageComments": "Hippo",
    "PhilipsRescaleSlope": 6.36044,
    "PhilipsRescaleIntercept": 0,
    "PhilipsScaleSlope": 0.000372213,
    "UsePhilipsFloatNotDisplayScaling": 1,
    "EchoTime": 0.00372,
    "RepetitionTime": 0.008123,
    "ImageOrientationPatientDICOM": [
        0.0118568,
        0.999929,
        0.000864645,
        0.043445,
        0.000348736,
        -0.999056
    ],
    "ConversionSoftware": "dcm2niix",
    "ConversionSoftwareVersion": "v1.0.20220720"
}