{
    "Manufacturer": "Philips",
    "PatientPosition": "HFS",
    "SeriesDescription": "ImageMRSERIES",
    "ProtocolName": "MPRAGE2100SENSE",
    "SeriesNumber": 9,
    "AcquisitionNumber": 9,
    "ImageComments": "HippoHC",
    "PhilipsRescaleSlope": 6.27912,
    "PhilipsRescaleIntercept": 0,
    "PhilipsScaleSlope": 0.000359661,
    "UsePhilipsFloatNotDisplayScaling": 1,
    "EchoTime": 0.00379,
    "RepetitionTime": 0.008233,
    "ReconMatrixPE": 256,
    "ImageOrientationPatientDICOM": [
        0.0330908,
        0.995177,
        -0.0923486,
        0.0622679,
        -0.0942725,
        -0.993597
    ],
    "ConversionSoftware": "dcm2niix",
    "ConversionSoftwareVersion": "v1.0.20181114  Clang4.0.1"
}