{
  "Manufacturer": "Philips",
  "PatientPosition": "HFS",
  "SeriesDescription": "ImageMRSERIES",
  "ProtocolName": "WordsSENSE",
  "SeriesNumber": 6,
  "AcquisitionNumber": 6,
  "ImageComments": "HIPPOHC",
  "PhilipsRescaleSlope": 1.27985,
  "PhilipsRescaleIntercept": 0,
  "PhilipsScaleSlope": 0.000722367,
  "UsePhilipsFloatNotDisplayScaling": 1,
  "EchoTime": 0.025,
  "RepetitionTime": 2,
  "ImageOrientationPatientDICOM": [
    0.999615,
    -0.0128286,
    0.0246082,
    0.0162267,
    0.989549,
    -0.143285
  ],
  "ConversionSoftware": "dcm2niix",
  "ConversionSoftwareVersion": "v1.0.20220720",
  "TaskName": "Words"
}