{
  "Manufacturer": "Philips",
  "PatientPosition": "HFS",
  "SeriesDescription": "ImageMRSERIES",
  "ProtocolName": "WIPRestingState(Cross)SENSE",
  "SeriesNumber": 5,
  "AcquisitionNumber": 5,
  "ImageComments": "HippoNewCohort",
  "PhilipsRescaleSlope": 1.59072,
  "PhilipsRescaleIntercept": 0,
  "PhilipsScaleSlope": 0.000567398,
  "UsePhilipsFloatNotDisplayScaling": 1,
  "EchoTime": 0.025,
  "RepetitionTime": 2,
  "ImageOrientationPatientDICOM": [
    0.998821,
    0.0485382,
    0.00028307,
    -0.048501,
    0.998253,
    -0.0337319
  ],
  "ConversionSoftware": "dcm2niix",
  "ConversionSoftwareVersion": "v1.0.20220720",
  "TaskName": "rest"
}