{
  "Manufacturer": "Philips",
  "PatientPosition": "HFS",
  "SeriesDescription": "ImageMRSERIES",
  "ProtocolName": "WIPASL94-5-27Slice12SENSE",
  "SeriesNumber": 21,
  "AcquisitionNumber": 21,
  "ImageComments": "Hippo",
  "PhilipsRescaleSlope": 1.75604,
  "PhilipsRescaleIntercept": 0,
  "PhilipsScaleSlope": 0.000502287,
  "UsePhilipsFloatNotDisplayScaling": 1,
  "EchoTime": 0.01386,
  "RepetitionTime": 4.15085,
  "ImageOrientationPatientDICOM": [
    0.999974,
    0.00380847,
    -0.00610569,
    -0.00453777,
    0.992238,
    -0.124268
  ],
  "ConversionSoftware": "dcm2niix",
  "ConversionSoftwareVersion": "v1.0.20220720",
  "ArterialSpinLabelingType": "PCASL",
  "PostLabelingDelay": 1.525,
  "BackgroundSuppression": false,
  "M0Type": "Absent",
  "RepetitionTimePreparation": 0.5,
  "VascularCrushing": false,
  "AcquisitionVoxelSize": [
    3,
    3,
    5
  ],
  "MRAcquisitionType": "3D",
  "MagneticFieldStrength": 3,
  "TotalAcquiredPairs": 30,
  "LabelingDuration": 1.65,
  "FlipAngle": 90,
  "PulseSequenceDetails": "WIP",
  "LabelingPulseFlipAngle": 18,
  "LabelingPulseDuration": 500
}