{
    "Manufacturer": "Philips",
    "PatientPosition": "HFS",
    "SeriesDescription": "ImageMRSERIES",
    "ProtocolName": "WIPMPRAGE2100SENSE",
    "SeriesNumber": 5,
    "AcquisitionNumber": 5,
    "ImageComments": "HippoHCW3",
    "PhilipsRescaleSlope": 4.76654,
    "PhilipsRescaleIntercept": 0,
    "PhilipsScaleSlope": 0.000335262,
    "UsePhilipsFloatNotDisplayScaling": 1,
    "EchoTime": 0.00372,
    "RepetitionTime": 0.008134,
    "ImageOrientationPatientDICOM": [
        -0.0453555,
        0.998971,
        0.000823358,
        -0.0181504,
        0,
        -0.999835
    ],
    "ConversionSoftware": "dcm2niix",
    "ConversionSoftwareVersion": "v1.0.20220720"
}