{
  "Manufacturer": "Philips",
  "PatientPosition": "HFS",
  "SeriesDescription": "ImageMRSeries",
  "ProtocolName": "WIPRestingState(Cross)SENSE",
  "SeriesNumber": 5,
  "AcquisitionNumber": 5,
  "ImageComments": "HippoNC",
  "PhilipsRescaleSlope": 0.842,
  "PhilipsRescaleIntercept": 0,
  "PhilipsScaleSlope": 0.000958334,
  "UsePhilipsFloatNotDisplayScaling": 1,
  "EchoTime": 0.025,
  "RepetitionTime": 2,
  "ReconMatrixPE": 64,
  "ImageOrientationPatientDICOM": [
    0.99615,
    -0.0539287,
    0.0691147,
    0.0537752,
    0.998545,
    0.00408059
  ],
  "ConversionSoftware": "dcm2niix",
  "ConversionSoftwareVersion": "v1.0.20190902",
  "TaskName": "rest"
}