{
  "Manufacturer": "Philips",
  "PatientPosition": "HFS",
  "SeriesDescription": "ImageMRSERIES",
  "ProtocolName": "WIPHCBOLDSENSE",
  "SeriesNumber": 28,
  "AcquisitionNumber": 28,
  "ImageComments": "HippoLMBHC",
  "PhilipsRescaleSlope": 2.28816,
  "PhilipsRescaleIntercept": 0,
  "PhilipsScaleSlope": 0.000819182,
  "UsePhilipsFloatNotDisplayScaling": 1,
  "EchoTime": 0.025,
  "RepetitionTime": 2,
  "ImageOrientationPatientDICOM": [
    1,
    0,
    0,
    0,
    0.951862,
    -0.306526
  ],
  "ConversionSoftware": "dcm2niix",
  "ConversionSoftwareVersion": "v1.0.20220720",
  "TaskName": "Hypercapnia"
}