{
    "Manufacturer": "Philips",
    "PatientPosition": "HFS",
    "SeriesDescription": "ImageMRSERIES",
    "ProtocolName": "DTI3minSENSE",
    "SeriesNumber": 17,
    "AcquisitionNumber": 17,
    "ImageComments": "HIPPOHC",
    "PhilipsRescaleSlope": 4.20904,
    "PhilipsRescaleIntercept": 0,
    "PhilipsScaleSlope": 0.00119391,
    "UsePhilipsFloatNotDisplayScaling": 1,
    "EchoTime": 0.051,
    "RepetitionTime": 4.41,
    "ImageOrientationPatientDICOM": [
        0.998459,
        -0.012207,
        -0.0541387,
        0.00993337,
        0.999065,
        -0.0420676
    ],
    "ConversionSoftware": "dcm2niix",
    "ConversionSoftwareVersion": "v1.0.20220720"
}