{
    "Manufacturer": "Philips",
    "PatientPosition": "HFS",
    "SeriesDescription": "ImageMRSERIES",
    "ProtocolName": "WIPDTI3minSENSE",
    "SeriesNumber": 15,
    "AcquisitionNumber": 15,
    "ImageComments": "HippoLHC",
    "PhilipsRescaleSlope": 4.36654,
    "PhilipsRescaleIntercept": 0,
    "PhilipsScaleSlope": 0.00134493,
    "UsePhilipsFloatNotDisplayScaling": 1,
    "EchoTime": 0.051,
    "RepetitionTime": 4.41,
    "ImageOrientationPatientDICOM": [
        0.996915,
        0.0781084,
        -0.00768318,
        -0.0781088,
        0.996945,
        0.000251845
    ],
    "ConversionSoftware": "dcm2niix",
    "ConversionSoftwareVersion": "v1.0.20220720"
}