{
    "Manufacturer": "Philips",
    "PatientPosition": "HFS",
    "SeriesDescription": "ImageMRSERIES",
    "ProtocolName": "DTI3minSENSE",
    "SeriesNumber": 16,
    "AcquisitionNumber": 16,
    "ImageComments": "fMRI",
    "PhilipsRescaleSlope": 4.56581,
    "PhilipsRescaleIntercept": 0,
    "PhilipsScaleSlope": 0.0014684,
    "UsePhilipsFloatNotDisplayScaling": 1,
    "EchoTime": 0.051,
    "RepetitionTime": 4.41,
    "ImageOrientationPatientDICOM": [
        0.998449,
        -0.0452863,
        0.0323811,
        0.047435,
        0.996489,
        -0.068994
    ],
    "ConversionSoftware": "dcm2niix",
    "ConversionSoftwareVersion": "v1.0.20220720"
}