{
  "Manufacturer": "Philips",
  "PatientPosition": "HFS",
  "SeriesDescription": "ImageMRSERIES",
  "ProtocolName": "WIPRestingStateSENSE",
  "SeriesNumber": 19,
  "AcquisitionNumber": 19,
  "ImageComments": "Hippo",
  "PhilipsRescaleSlope": 1.43394,
  "PhilipsRescaleIntercept": 0,
  "PhilipsScaleSlope": 0.000663029,
  "UsePhilipsFloatNotDisplayScaling": 1,
  "EchoTime": 0.025,
  "RepetitionTime": 2,
  "ImageOrientationPatientDICOM": [
    0.997451,
    -0.0347908,
    -0.0622908,
    0.0348318,
    0.999393,
    -0.000428851
  ],
  "ConversionSoftware": "dcm2niix",
  "ConversionSoftwareVersion": "v1.0.20220720",
  "TaskName": "rest"
}