{
    "Manufacturer": "Philips",
    "PatientPosition": "HFS",
    "SeriesDescription": "ImageMRSERIES",
    "ProtocolName": "WIPMPRAGE2100SENSE",
    "SeriesNumber": 5,
    "AcquisitionNumber": 5,
    "ImageComments": "HippoW3HC",
    "PhilipsRescaleSlope": 4.63468,
    "PhilipsRescaleIntercept": 0,
    "PhilipsScaleSlope": 0.000353041,
    "UsePhilipsFloatNotDisplayScaling": 1,
    "EchoTime": 0.0037,
    "RepetitionTime": 0.008084,
    "ReconMatrixPE": 256,
    "ImageOrientationPatientDICOM": [
        -0.0136119,
        0.999907,
        -8.42531e-06,
        0.0134386,
        0.000174517,
        -0.99991
    ],
    "ConversionSoftware": "dcm2niix",
    "ConversionSoftwareVersion": "v1.0.20181114  Clang4.0.1"
}