{
  "Manufacturer": "Philips",
  "PatientPosition": "HFS",
  "SeriesDescription": "ImageMRSERIES",
  "ProtocolName": "ASL94-5-27Slice12SENSE",
  "SeriesNumber": 21,
  "AcquisitionNumber": 21,
  "ImageComments": "HIPPOHC",
  "PhilipsRescaleSlope": 1.39536,
  "PhilipsRescaleIntercept": 0,
  "PhilipsScaleSlope": 0.000659733,
  "UsePhilipsFloatNotDisplayScaling": 1,
  "EchoTime": 0.01389,
  "RepetitionTime": 4.15085,
  "ImageOrientationPatientDICOM": [
    0.999127,
    0.0379188,
    -0.0175436,
    -0.0399544,
    0.989928,
    -0.135815
  ],
  "ConversionSoftware": "dcm2niix",
  "ConversionSoftwareVersion": "v1.0.20220720",
  "ArterialSpinLabelingType": "PCASL",
  "PostLabelingDelay": 1.525,
  "BackgroundSuppression": false,
  "M0Type": "Absent",
  "RepetitionTimePreparation": 0.5,
  "VascularCrushing": false,
  "AcquisitionVoxelSize": [
    3,
    3,
    5
  ],
  "MRAcquisitionType": "3D",
  "MagneticFieldStrength": 3,
  "TotalAcquiredPairs": 30,
  "LabelingDuration": 1.65,
  "FlipAngle": 90,
  "PulseSequenceDetails": "WIP",
  "LabelingPulseFlipAngle": 18,
  "LabelingPulseDuration": 500
}