{
    "Manufacturer": "Philips",
    "PatientPosition": "HFS",
    "SeriesDescription": "ImageMRSERIES",
    "ProtocolName": "WIPMPRAGE2100SENSE",
    "SeriesNumber": 5,
    "AcquisitionNumber": 5,
    "ImageComments": "HippoW3HC",
    "PhilipsRescaleSlope": 4.3873,
    "PhilipsRescaleIntercept": 0,
    "PhilipsScaleSlope": 0.000367667,
    "UsePhilipsFloatNotDisplayScaling": 1,
    "EchoTime": 0.00377,
    "RepetitionTime": 0.008186,
    "ImageOrientationPatientDICOM": [
        0.0207591,
        0.995055,
        0.0971332,
        -0.0291429,
        0.0977151,
        -0.994788
    ],
    "ConversionSoftware": "dcm2niix",
    "ConversionSoftwareVersion": "v1.0.20220720"
}