{
    "Manufacturer": "Philips",
    "PatientPosition": "HFS",
    "SeriesDescription": "ImageMRSERIES",
    "ProtocolName": "DTI3minSENSE",
    "SeriesNumber": 15,
    "AcquisitionNumber": 15,
    "ImageComments": "Hippo",
    "PhilipsRescaleSlope": 3.74481,
    "PhilipsRescaleIntercept": 0,
    "PhilipsScaleSlope": 0.00142054,
    "UsePhilipsFloatNotDisplayScaling": 1,
    "EchoTime": 0.051,
    "RepetitionTime": 4.41,
    "ImageOrientationPatientDICOM": [
        0.998625,
        -0.0433435,
        0.0294909,
        0.0455219,
        0.995935,
        -0.0777187
    ],
    "ConversionSoftware": "dcm2niix",
    "ConversionSoftwareVersion": "v1.0.20220720"
}