{
    "Manufacturer": "Philips",
    "PatientPosition": "HFS",
    "SeriesDescription": "ImageMRSERIES",
    "ProtocolName": "WIPMPRAGE2100SENSE",
    "SeriesNumber": 11,
    "AcquisitionNumber": 11,
    "ImageComments": "HippoMBHC",
    "PhilipsRescaleSlope": 5.67131,
    "PhilipsRescaleIntercept": 0,
    "PhilipsScaleSlope": 0.000382148,
    "UsePhilipsFloatNotDisplayScaling": 1,
    "EchoTime": 0.00374,
    "RepetitionTime": 0.008174,
    "ReconMatrixPE": 256,
    "ImageOrientationPatientDICOM": [
        -0.0815803,
        0.996665,
        -0.00164371,
        0.0158818,
        -0.000349022,
        -0.999874
    ],
    "ConversionSoftware": "dcm2niix",
    "ConversionSoftwareVersion": "v1.0.20181114  Clang4.0.1"
}