{
  "Manufacturer": "Philips",
  "PatientPosition": "HFS",
  "SeriesDescription": "ImageMRSERIES",
  "ProtocolName": "WIPRestingState(Cross)SENSE",
  "SeriesNumber": 10,
  "AcquisitionNumber": 10,
  "ImageComments": "HippoHC",
  "PhilipsRescaleSlope": 0.79902,
  "PhilipsRescaleIntercept": 0,
  "PhilipsScaleSlope": 0.00123987,
  "UsePhilipsFloatNotDisplayScaling": 1,
  "EchoTime": 0.025,
  "RepetitionTime": 2,
  "ReconMatrixPE": 64,
  "ImageOrientationPatientDICOM": [
    0.999044,
    0.0294636,
    -0.0322947,
    -0.0294764,
    0.999565,
    7.97976E-5
  ],
  "ConversionSoftware": "dcm2niix",
  "ConversionSoftwareVersion": "v1.0.20181114  Clang4.0.1",
  "TaskName": "rest"
}