{
    "Manufacturer": "Philips",
    "PatientPosition": "HFS",
    "SeriesDescription": "ImageMRSERIES",
    "ProtocolName": "WIPMPRAGE2100SENSE",
    "SeriesNumber": 5,
    "AcquisitionNumber": 5,
    "ImageComments": "HippoNC",
    "PhilipsRescaleSlope": 4.26789,
    "PhilipsRescaleIntercept": 0,
    "PhilipsScaleSlope": 0.000341338,
    "UsePhilipsFloatNotDisplayScaling": 1,
    "EchoTime": 0.00372,
    "RepetitionTime": 0.008143,
    "ImageOrientationPatientDICOM": [
        -0.0287695,
        0.999584,
        0.00223244,
        -0.0411781,
        0.00104631,
        -0.999151
    ],
    "ConversionSoftware": "dcm2niix",
    "ConversionSoftwareVersion": "v1.0.20220720"
}