{
  "Manufacturer": "Philips",
  "PatientPosition": "HFS",
  "SeriesDescription": "ImageMRSERIES",
  "ProtocolName": "WIPHCBOLDSENSE",
  "SeriesNumber": 25,
  "AcquisitionNumber": 25,
  "ImageComments": "HippoMBHC",
  "PhilipsRescaleSlope": 1.81172,
  "PhilipsRescaleIntercept": 0,
  "PhilipsScaleSlope": 0.00076978,
  "UsePhilipsFloatNotDisplayScaling": 1,
  "EchoTime": 0.025,
  "RepetitionTime": 2,
  "ReconMatrixPE": 64,
  "ImageOrientationPatientDICOM": [
    0.99996,
    0,
    -0.00890106,
    0,
    1,
    0
  ],
  "ConversionSoftware": "dcm2niix",
  "ConversionSoftwareVersion": "v1.0.20181114  Clang4.0.1",
  "TaskName": "Hypercapnia"
}