{
  "Modality": "PT",
  "Manufacturer": "Siemens",
  "ManufacturersModelName": "962",
  "InstitutionName": "ECAT",
  "DeviceSerialNumber": "1",
  "SoftwareVersions": "ECAT_72_e.soft_7.0.7.2",
  "SeriesDescription": "PET_AC_SUMFRAMES",
  "ProtocolName": "PET_AC_SUMFRAMES",
  "ImageType": [
    "ORIGINAL",
    "PRIMARY"
  ],
  "SeriesNumber": 1,
  "AcquisitionTime": "15:24:26.016000",
  "RadionuclidePositronFraction": 1,
  "RadionuclideTotalDose": 356310000,
  "RadionuclideHalfLife": 6586.2,
  "DoseCalibrationFactor": 8524420,
  "SliceThickness": 2.425,
  "MultibandAccelerationFactor": 63,
  "ReconMatrixPE": 128,
  "SliceTiming": [
    0,
    0,
    0,
    0,
    0,
    0,
    0,
    0,
    0,
    0,
    0,
    0,
    0,
    0,
    0,
    0,
    0,
    0,
    0,
    0,
    0,
    0,
    0,
    0,
    0,
    0,
    0,
    0,
    0,
    0,
    0,
    0,
    0,
    0,
    0,
    0,
    0,
    0,
    0,
    0,
    0,
    0,
    0,
    0,
    0,
    0,
    0,
    0,
    0,
    0,
    0,
    0,
    0,
    0,
    0,
    0,
    0,
    0,
    0,
    0,
    0,
    0,
    0
  ],
  "ImageOrientationPatientDICOM": [
    1,
    0,
    0,
    0,
    1,
    0
  ],
  "ConversionSoftware": "dcm2niix",
  "ConversionSoftwareVersion": "v1.0.20190902",
  "TracerName": "AV-45 florbetapir",
  "TracerRadionuclide": "F18",
  "InjectedRadioactivity": 7,
  "InjectedRadioactivityUnits": "mSV",
  "InjectedMass": 10,
  "InjectedMassUnits": "approximate mCi",
  "ModeOfAdministration": "bolus",
  "SpecificRadioactivity": "n/a",
  "SpecificRadioactivityUnits": "n/a",
  "TimeZero": "15:24:26",
  "InjectionStart": -3000000,
  "FrameDuration": [
    600000
  ],
  "Units": "Bq/mL",
  "ScanStart": 0,
  "ImageDecayCorrected": true,
  "ImageDecayCorrectionTime": 0,
  "AcquisitionMode": "dynamic",
  "ReconMethodName": "back-projection",
  "ReconMethodParameterLabels": [
    "subsets",
    "iterations"
  ],
  "ReconMethodParameterUnits": [
    "none",
    "none"
  ],
  "ReconMethodParameterValues": [
    16,
    4
  ],
  "ReconFilterType": "FWHM Gaussian",
  "ReconFilterSize": 3,
  "AttenuationCorrection": "measured,AC_CT",
  "FrameTimesStart": [
    0
  ],
  "FrameDurationUnits": "ms"
}
