{
    "Manufacturer": "Philips",
    "PatientPosition": "HFS",
    "SeriesDescription": "ImageMRSeries",
    "ProtocolName": "WIPMPRAGE2100SENSE",
    "SeriesNumber": 5,
    "AcquisitionNumber": 5,
    "ImageComments": "HippoNC",
    "PhilipsRescaleSlope": 4.39414,
    "PhilipsRescaleIntercept": 0,
    "PhilipsScaleSlope": 0.000332725,
    "UsePhilipsFloatNotDisplayScaling": 1,
    "EchoTime": 0.00377,
    "RepetitionTime": 0.008192,
    "ImageOrientationPatientDICOM": [
        0.0488399,
        0.993892,
        -0.0989626,
        -0.0200699,
        -0.0980842,
        -0.994976
    ],
    "ConversionSoftware": "dcm2niix",
    "ConversionSoftwareVersion": "v1.0.20220720"
}