{
  "Manufacturer": "Philips",
  "PatientPosition": "HFS",
  "SeriesDescription": "ImageMRSERIES",
  "ProtocolName": "WIPHCBOLDSENSE",
  "SeriesNumber": 18,
  "AcquisitionNumber": 18,
  "ImageComments": "HippoHC",
  "PhilipsRescaleSlope": 1.48278,
  "PhilipsRescaleIntercept": 0,
  "PhilipsScaleSlope": 0.000767057,
  "UsePhilipsFloatNotDisplayScaling": 1,
  "EchoTime": 0.025,
  "RepetitionTime": 2,
  "ImageOrientationPatientDICOM": [
    0.998231,
    0.0250548,
    0.0539225,
    -0.0250936,
    0.999685,
    4.11972E-5
  ],
  "ConversionSoftware": "dcm2niix",
  "ConversionSoftwareVersion": "v1.0.20220720",
  "TaskName": "Hypercapnia"
}