{
  "Manufacturer": "Philips",
  "PatientPosition": "HFS",
  "SeriesDescription": "ImageMRSERIES",
  "ProtocolName": "WIPRestingState(Cross)SENSE",
  "SeriesNumber": 11,
  "AcquisitionNumber": 11,
  "ImageComments": "HippoNC",
  "PhilipsRescaleSlope": 0.75556,
  "PhilipsRescaleIntercept": 0,
  "PhilipsScaleSlope": 0.00129459,
  "UsePhilipsFloatNotDisplayScaling": 1,
  "EchoTime": 0.025,
  "RepetitionTime": 2,
  "ImageOrientationPatientDICOM": [
    0.998972,
    0.0440254,
    -0.0107534,
    -0.0446642,
    0.996616,
    -0.0689968
  ],
  "ConversionSoftware": "dcm2niix",
  "ConversionSoftwareVersion": "v1.0.20220720",
  "TaskName": "rest"
}