{
    "Manufacturer": "Philips",
    "PatientPosition": "HFS",
    "SeriesDescription": "ImageMRSERIES",
    "ProtocolName": "MPRAGE2100SENSE",
    "SeriesNumber": 9,
    "AcquisitionNumber": 9,
    "ImageComments": "HippoHC",
    "PhilipsRescaleSlope": 6.28449,
    "PhilipsRescaleIntercept": 0,
    "PhilipsScaleSlope": 0.000374569,
    "UsePhilipsFloatNotDisplayScaling": 1,
    "EchoTime": 0.00374,
    "RepetitionTime": 0.008167,
    "ImageOrientationPatientDICOM": [
        0.052126,
        0.99864,
        -1.23414e-05,
        -0.0369925,
        0.00191855,
        -0.999314
    ],
    "ConversionSoftware": "dcm2niix",
    "ConversionSoftwareVersion": "v1.0.20220720"
}