{
    "Manufacturer": "Philips",
    "PatientPosition": "HFS",
    "SeriesDescription": "ImageMRSERIES",
    "ProtocolName": "WIPMPRAGE2100SENSE",
    "SeriesNumber": 6,
    "AcquisitionNumber": 6,
    "ImageComments": "Hippo",
    "PhilipsRescaleSlope": 6.01807,
    "PhilipsRescaleIntercept": 0,
    "PhilipsScaleSlope": 0.000335075,
    "UsePhilipsFloatNotDisplayScaling": 1,
    "EchoTime": 0.00383,
    "RepetitionTime": 0.008252,
    "ImageOrientationPatientDICOM": [
        0.018146,
        0.978359,
        -0.206118,
        0.0221639,
        -0.206495,
        -0.978197
    ],
    "ConversionSoftware": "dcm2niix",
    "ConversionSoftwareVersion": "v1.0.20220720"
}