{
    "Manufacturer": "Philips",
    "PatientPosition": "HFS",
    "SeriesDescription": "ImageMRSERIES",
    "ProtocolName": "MPRAGE2100SENSE",
    "SeriesNumber": 9,
    "AcquisitionNumber": 9,
    "ImageComments": "HippoHC",
    "PhilipsRescaleSlope": 6.32357,
    "PhilipsRescaleIntercept": 0,
    "PhilipsScaleSlope": 0.000356592,
    "UsePhilipsFloatNotDisplayScaling": 1,
    "EchoTime": 0.00375,
    "RepetitionTime": 0.008191,
    "ImageOrientationPatientDICOM": [
        0.0993125,
        0.995056,
        -0.000154036,
        -0.0120425,
        0.00104712,
        -0.999927
    ],
    "ConversionSoftware": "dcm2niix",
    "ConversionSoftwareVersion": "v1.0.20220720"
}