{
    "Manufacturer": "Philips",
    "PatientPosition": "HFS",
    "SeriesDescription": "ImageMRSERIES",
    "ProtocolName": "WIPMPRAGE2100SENSE",
    "SeriesNumber": 11,
    "AcquisitionNumber": 11,
    "ImageComments": "HippoHC",
    "PhilipsRescaleSlope": 5.90085,
    "PhilipsRescaleIntercept": 0,
    "PhilipsScaleSlope": 0.000341324,
    "UsePhilipsFloatNotDisplayScaling": 1,
    "EchoTime": 0.00375,
    "RepetitionTime": 0.008154,
    "ReconMatrixPE": 256,
    "ImageOrientationPatientDICOM": [
        0.0132579,
        0.998093,
        0.0602881,
        -0.030713,
        0.0606715,
        -0.997685
    ],
    "ConversionSoftware": "dcm2niix",
    "ConversionSoftwareVersion": "v1.0.20181114  Clang4.0.1"
}