{
    "Manufacturer": "Philips",
    "PatientPosition": "HFS",
    "SeriesDescription": "ImageMRSERIES",
    "ProtocolName": "WIPMPRAGE2100SENSE",
    "SeriesNumber": 5,
    "AcquisitionNumber": 5,
    "ImageComments": "HippoW3HC",
    "PhilipsRescaleSlope": 4.79414,
    "PhilipsRescaleIntercept": 0,
    "PhilipsScaleSlope": 0.000323836,
    "UsePhilipsFloatNotDisplayScaling": 1,
    "EchoTime": 0.00374,
    "RepetitionTime": 0.008177,
    "ImageOrientationPatientDICOM": [
        0.09237,
        0.995031,
        -0.0371566,
        -0.00349065,
        -0.0369923,
        -0.999309
    ],
    "ConversionSoftware": "dcm2niix",
    "ConversionSoftwareVersion": "v1.0.20220720"
}