{
  "Manufacturer": "Philips",
  "PatientPosition": "HFS",
  "SeriesDescription": "ImageMRSERIES",
  "ProtocolName": "WIPRestingStateSENSE",
  "SeriesNumber": 15,
  "AcquisitionNumber": 15,
  "ImageComments": "Hippo(HC)",
  "PhilipsRescaleSlope": 1.51624,
  "PhilipsRescaleIntercept": 0,
  "PhilipsScaleSlope": 0.0007086,
  "UsePhilipsFloatNotDisplayScaling": 1,
  "EchoTime": 0.025,
  "RepetitionTime": 2,
  "ImageOrientationPatientDICOM": [
    0.997162,
    0.0736153,
    0.0157461,
    -0.0702531,
    0.985141,
    -0.156722
  ],
  "ConversionSoftware": "dcm2niix",
  "ConversionSoftwareVersion": "v1.0.20220720",
  "TaskName": "rest"
}