{
    "Manufacturer": "Philips",
    "PatientPosition": "HFS",
    "SeriesDescription": "ImageMRSERIES",
    "ProtocolName": "MPRAGE2100SENSE",
    "SeriesNumber": 11,
    "AcquisitionNumber": 11,
    "ImageComments": "HippoHC",
    "PhilipsRescaleSlope": 5.66716,
    "PhilipsRescaleIntercept": 0,
    "PhilipsScaleSlope": 0.000350165,
    "UsePhilipsFloatNotDisplayScaling": 1,
    "EchoTime": 0.00371,
    "RepetitionTime": 0.008117,
    "ImageOrientationPatientDICOM": [
        0.0446643,
        0.999002,
        0.000187868,
        -0.00750485,
        0.000523584,
        -0.999972
    ],
    "ConversionSoftware": "dcm2niix",
    "ConversionSoftwareVersion": "v1.0.20220720"
}