{
    "Manufacturer": "Philips",
    "PatientPosition": "HFS",
    "SeriesDescription": "ImageMRSERIES",
    "ProtocolName": "WIPT2W_FLAIR642.5nogapSENSE",
    "SeriesNumber": 9,
    "AcquisitionNumber": 9,
    "ImageComments": "HippoW3HC",
    "PhilipsRescaleSlope": 5.74457,
    "PhilipsRescaleIntercept": 0,
    "PhilipsScaleSlope": 0.0132424,
    "UsePhilipsFloatNotDisplayScaling": 1,
    "EchoTime": 0.125,
    "RepetitionTime": 11,
    "InversionTime": 2.8,
    "ReconMatrixPE": 512,
    "ImageOrientationPatientDICOM": [
        0.998955,
        -0.0457117,
        0,
        0.0457117,
        0.998955,
        0
    ],
    "ConversionSoftware": "dcm2niix",
    "ConversionSoftwareVersion": "v1.0.20181114  Clang4.0.1"
}