{
  "Modality": "PT",
  "Manufacturer": "Siemens",
  "ManufacturersModelName": "Biograph64_TruePoint",
  "InstitutionName": "SMC PET",
  "InstitutionalDepartmentName": "Department",
  "InstitutionAddress": "Dallas/4CBE2E/ 75235 Inwood Road 2201",
  "DeviceSerialNumber": "10000",
  "StationName": "CT58024",
  "PatientPosition": "HFS",
  "SoftwareVersions": "6.7.2",
  "SeriesDescription": "AV1451_A14_4I21S3MM (AC)",
  "ProtocolName": "AV1451_A14_4I21S3MM (AC)",
  "ImageType": [
    "ORIGINAL",
    "PRIMARY"
  ],
  "SeriesNumber": 4,
  "AcquisitionTime": "15:54:2.999990",
  "AcquisitionNumber": 2001,
  "ImageComments": "AC_CT, Volume Scaled",
  "Radiopharmaceutical": "Solution",
  "RadionuclidePositronFraction": 0.97,
  "RadionuclideTotalDose": 3.774E+8,
  "RadionuclideHalfLife": 6586.2,
  "DoseCalibrationFactor": 3.30045E+7,
  "ConvolutionKernel": "XYZ Gauss3.00",
  "Units": "Bq/mL",
  "DecayCorrection": "START",
  "AttenuationCorrectionMethod": "measured,AC_CT",
  "ReconstructionMethod": "OSEM3D 4i21s",
  "FrameDuration": [
    300000,
    300000,
    300000,
    300000
  ],
  "FrameReferenceTime": [
    149.605,
    449.605,
    749.605,
    1049.61
  ],
  "SliceThickness": 2,
  "ImageOrientationPatientDICOM": [
    1,
    0,
    0,
    0,
    1,
    0
  ],
  "ConversionSoftware": "dcm2niix",
  "ConversionSoftwareVersion": "v1.0.20220720",
  "TracerName": "AV-1451 flortaucipir",
  "TracerRadionuclide": "F18",
  "InjectedRadioactivity": 8.92,
  "InjectedRadioactivityUnits": "mSV",
  "InjectedMass": 10,
  "InjectedMassUnits": "approximate mCi",
  "ModeOfAdministration": "bolus",
  "SpecificRadioactivity": "n/a",
  "SpecificRadioactivityUnits": "n/a",
  "TimeZero": "15:54:02",
  "InjectionStart": -4.8E+6,
  "ScanStart": 0,
  "ImageDecayCorrected": true,
  "ImageDecayCorrectionTime": 0,
  "AcquisitionMode": "dynamic",
  "ReconMethodName": "VPHD",
  "ReconMethodParameterLabels": [
    "subsets",
    "iterations"
  ],
  "ReconMethodParameterUnits": [
    "none",
    "none"
  ],
  "ReconMethodParameterValues": [
    21,
    4
  ],
  "ReconFilterType": "FWHM Gaussian",
  "ReconFilterSize": 3,
  "AttenuationCorrection": "measured,AC_CT",
  "FrameTimesStart": [
    149.605,
    449.605,
    749.605,
    1049.61
  ],
  "FrameDurationUnits": "ms"
}